STORAGE: NONE
RESTRICTION: || (== net462) (== net6.0) (== netcoreapp2.1) (== netstandard1.6) (== netstandard2.0)
NUGET
  remote: https://www.nuget.org/api/v2
    BenchmarkDotNet (0.13.2)
      BenchmarkDotNet.Annotations (>= 0.13.2) - restriction: || (&& (== net462) (>= netstandard2.0)) (== net6.0) (== netcoreapp2.1) (&& (== netstandard1.6) (>= netstandard2.0)) (== netstandard2.0)
      CommandLineParser (>= 2.4.3) - restriction: || (&& (== net462) (>= netstandard2.0)) (== net6.0) (== netcoreapp2.1) (&& (== netstandard1.6) (>= netstandard2.0)) (== netstandard2.0)
      Iced (>= 1.17) - restriction: || (&& (== net462) (>= netstandard2.0)) (== net6.0) (== netcoreapp2.1) (&& (== netstandard1.6) (>= netstandard2.0)) (== netstandard2.0)
      Microsoft.CodeAnalysis.CSharp (>= 3.0) - restriction: || (&& (== net462) (>= netstandard2.0)) (== net6.0) (== netcoreapp2.1) (&& (== netstandard1.6) (>= netstandard2.0)) (== netstandard2.0)
      Microsoft.Diagnostics.Runtime (>= 2.2.332302) - restriction: || (&& (== net462) (>= netstandard2.0)) (== net6.0) (== netcoreapp2.1) (&& (== netstandard1.6) (>= netstandard2.0)) (== netstandard2.0)
      Microsoft.Diagnostics.Tracing.TraceEvent (>= 3.0.2) - restriction: || (&& (== net462) (>= netstandard2.0)) (== net6.0) (== netcoreapp2.1) (&& (== netstandard1.6) (>= netstandard2.0)) (== netstandard2.0)
      Microsoft.DotNet.PlatformAbstractions (>= 3.1.6) - restriction: || (&& (== net462) (>= netstandard2.0)) (== net6.0) (== netcoreapp2.1) (&& (== netstandard1.6) (>= netstandard2.0)) (== netstandard2.0)
      Microsoft.Win32.Registry (>= 5.0) - restriction: || (&& (== net462) (>= netstandard2.0)) (== netcoreapp2.1) (&& (== netstandard1.6) (>= netstandard2.0)) (== netstandard2.0)
      Perfolizer (>= 0.2.1) - restriction: || (&& (== net462) (>= netstandard2.0)) (== net6.0) (== netcoreapp2.1) (&& (== netstandard1.6) (>= netstandard2.0)) (== netstandard2.0)
      System.Management (>= 6.0) - restriction: || (&& (== net462) (>= netstandard2.0)) (== net6.0) (== netcoreapp2.1) (&& (== netstandard1.6) (>= netstandard2.0)) (== netstandard2.0)
      System.Numerics.Vectors (>= 4.5) - restriction: || (&& (== net462) (>= netstandard2.0)) (== netcoreapp2.1) (&& (== netstandard1.6) (>= netstandard2.0)) (== netstandard2.0)
      System.Reflection.Emit (>= 4.7) - restriction: || (&& (== net462) (>= netstandard2.0)) (== net6.0) (== netcoreapp2.1) (&& (== netstandard1.6) (>= netstandard2.0)) (== netstandard2.0)
      System.Reflection.Emit.Lightweight (>= 4.7) - restriction: || (&& (== net462) (>= netstandard2.0)) (== net6.0) (== netcoreapp2.1) (&& (== netstandard1.6) (>= netstandard2.0)) (== netstandard2.0)
      System.Threading.Tasks.Extensions (>= 4.5.4) - restriction: || (&& (== net462) (>= netstandard2.0)) (== net6.0) (== netcoreapp2.1) (&& (== netstandard1.6) (>= netstandard2.0)) (== netstandard2.0)
    BenchmarkDotNet.Annotations (0.13.2) - restriction: || (&& (== net462) (>= netstandard2.0)) (== net6.0) (== netcoreapp2.1) (&& (== netstandard1.6) (>= netstandard2.0)) (== netstandard2.0)
    CommandLineParser (2.9.1) - restriction: || (&& (== net462) (>= netstandard2.0)) (== net6.0) (== netcoreapp2.1) (&& (== netstandard1.6) (>= netstandard2.0)) (== netstandard2.0)
    Iced (1.17) - restriction: || (&& (== net462) (>= netstandard2.0)) (== net6.0) (== netcoreapp2.1) (&& (== netstandard1.6) (>= netstandard2.0)) (== netstandard2.0)
    Microsoft.Bcl.AsyncInterfaces (6.0) - restriction: || (== net462) (== net6.0) (== netcoreapp2.1) (&& (== netstandard1.6) (>= net461)) (&& (== netstandard1.6) (>= netstandard2.0)) (== netstandard2.0)
      System.Threading.Tasks.Extensions (>= 4.5.4) - restriction: || (== net462) (&& (== net6.0) (>= net461)) (&& (== net6.0) (< netstandard2.1)) (== netcoreapp2.1) (&& (== netstandard1.6) (>= net461)) (&& (== netstandard1.6) (>= netstandard2.0)) (== netstandard2.0)
    Microsoft.CodeAnalysis.Analyzers (3.3.3) - restriction: || (&& (== net462) (>= netstandard2.0)) (== net6.0) (== netcoreapp2.1) (&& (== netstandard1.6) (>= netstandard2.0)) (== netstandard2.0)
    Microsoft.CodeAnalysis.Common (4.3) - restriction: || (&& (== net462) (>= netstandard2.0)) (== net6.0) (== netcoreapp2.1) (&& (== netstandard1.6) (>= netstandard2.0)) (== netstandard2.0)
      Microsoft.CodeAnalysis.Analyzers (>= 3.3.3) - restriction: || (&& (== net462) (>= netstandard2.0)) (== net6.0) (== netcoreapp2.1) (&& (== netstandard1.6) (>= netstandard2.0)) (== netstandard2.0)
      System.Collections.Immutable (>= 6.0) - restriction: || (&& (== net462) (>= netstandard2.0)) (== net6.0) (== netcoreapp2.1) (&& (== netstandard1.6) (>= netstandard2.0)) (== netstandard2.0)
      System.Memory (>= 4.5.4) - restriction: || (&& (== net462) (>= netstandard2.0)) (== net6.0) (== netcoreapp2.1) (&& (== netstandard1.6) (>= netstandard2.0)) (== netstandard2.0)
      System.Reflection.Metadata (>= 5.0) - restriction: || (&& (== net462) (>= netstandard2.0)) (== net6.0) (== netcoreapp2.1) (&& (== netstandard1.6) (>= netstandard2.0)) (== netstandard2.0)
      System.Runtime.CompilerServices.Unsafe (>= 6.0) - restriction: || (&& (== net462) (>= netstandard2.0)) (== net6.0) (== netcoreapp2.1) (&& (== netstandard1.6) (>= netstandard2.0)) (== netstandard2.0)
      System.Text.Encoding.CodePages (>= 6.0) - restriction: || (&& (== net462) (>= netstandard2.0)) (== net6.0) (== netcoreapp2.1) (&& (== netstandard1.6) (>= netstandard2.0)) (== netstandard2.0)
      System.Threading.Tasks.Extensions (>= 4.5.4) - restriction: || (&& (== net462) (>= netstandard2.0)) (== net6.0) (== netcoreapp2.1) (&& (== netstandard1.6) (>= netstandard2.0)) (== netstandard2.0)
    Microsoft.CodeAnalysis.CSharp (4.3) - restriction: || (&& (== net462) (>= netstandard2.0)) (== net6.0) (== netcoreapp2.1) (&& (== netstandard1.6) (>= netstandard2.0)) (== netstandard2.0)
      Microsoft.CodeAnalysis.Common (4.3) - restriction: || (&& (== net462) (>= netstandard2.0)) (== net6.0) (== netcoreapp2.1) (&& (== netstandard1.6) (>= netstandard2.0)) (== netstandard2.0)
    Microsoft.CodeCoverage (17.3.2) - restriction: || (== net462) (== net6.0) (== netcoreapp2.1) (&& (== netstandard1.6) (>= net45)) (&& (== netstandard1.6) (>= netcoreapp1.0)) (&& (== netstandard2.0) (>= net45)) (&& (== netstandard2.0) (>= netcoreapp1.0))
    Microsoft.Diagnostics.NETCore.Client (0.2.328102) - restriction: || (&& (== net462) (>= netstandard2.0)) (== net6.0) (== netcoreapp2.1) (&& (== netstandard1.6) (>= netstandard2.0)) (== netstandard2.0)
      Microsoft.Bcl.AsyncInterfaces (>= 1.1) - restriction: || (&& (== net462) (>= netstandard2.0)) (== net6.0) (== netcoreapp2.1) (&& (== netstandard1.6) (>= netstandard2.0)) (== netstandard2.0)
      Microsoft.Extensions.Logging (>= 2.1.1) - restriction: || (&& (== net462) (>= netstandard2.0)) (== net6.0) (== netcoreapp2.1) (&& (== netstandard1.6) (>= netstandard2.0)) (== netstandard2.0)
    Microsoft.Diagnostics.Runtime (2.2.332302) - restriction: || (&& (== net462) (>= netstandard2.0)) (== net6.0) (== netcoreapp2.1) (&& (== netstandard1.6) (>= netstandard2.0)) (== netstandard2.0)
      Microsoft.Diagnostics.NETCore.Client (>= 0.2.251802) - restriction: || (&& (== net462) (>= netstandard2.0)) (== net6.0) (== netcoreapp2.1) (&& (== netstandard1.6) (>= netstandard2.0)) (== netstandard2.0)
      System.Collections.Immutable (>= 5.0) - restriction: || (&& (== net462) (>= netstandard2.0)) (== net6.0) (== netcoreapp2.1) (&& (== netstandard1.6) (>= netstandard2.0)) (== netstandard2.0)
      System.Runtime.CompilerServices.Unsafe (>= 5.0) - restriction: || (&& (== net462) (>= netstandard2.0)) (== net6.0) (== netcoreapp2.1) (&& (== netstandard1.6) (>= netstandard2.0)) (== netstandard2.0)
    Microsoft.Diagnostics.Tracing.TraceEvent (3.0.5) - restriction: || (&& (== net462) (>= netstandard2.0)) (== net6.0) (== netcoreapp2.1) (&& (== netstandard1.6) (>= netstandard2.0)) (== netstandard2.0)
      System.Runtime.CompilerServices.Unsafe (>= 5.0)
    Microsoft.DotNet.PlatformAbstractions (3.1.6) - restriction: || (&& (== net462) (>= netstandard2.0)) (== net6.0) (== netcoreapp2.1) (&& (== netstandard1.6) (>= netstandard2.0)) (== netstandard2.0)
    Microsoft.Extensions.DependencyInjection (6.0)
      Microsoft.Bcl.AsyncInterfaces (>= 6.0) - restriction: || (== net462) (&& (== net6.0) (>= net461)) (&& (== net6.0) (< netstandard2.1)) (== netcoreapp2.1) (&& (== netstandard1.6) (>= net461)) (&& (== netstandard1.6) (>= netstandard2.0)) (== netstandard2.0)
      Microsoft.Extensions.DependencyInjection.Abstractions (>= 6.0) - restriction: || (== net462) (== net6.0) (== netcoreapp2.1) (&& (== netstandard1.6) (>= net461)) (&& (== netstandard1.6) (>= netstandard2.0)) (== netstandard2.0)
      System.Runtime.CompilerServices.Unsafe (>= 6.0) - restriction: || (== net462) (== net6.0) (== netcoreapp2.1) (&& (== netstandard1.6) (>= net461)) (&& (== netstandard1.6) (>= netstandard2.0)) (== netstandard2.0)
      System.Threading.Tasks.Extensions (>= 4.5.4) - restriction: || (== net462) (&& (== net6.0) (>= net461)) (&& (== net6.0) (< netstandard2.1)) (== netcoreapp2.1) (&& (== netstandard1.6) (>= net461)) (&& (== netstandard1.6) (>= netstandard2.0)) (== netstandard2.0)
    Microsoft.Extensions.DependencyInjection.Abstractions (6.0)
      Microsoft.Bcl.AsyncInterfaces (>= 6.0) - restriction: || (== net462) (&& (== net6.0) (>= net461)) (&& (== net6.0) (< netstandard2.1)) (== netcoreapp2.1) (&& (== netstandard1.6) (>= net461)) (&& (== netstandard1.6) (>= netstandard2.0)) (== netstandard2.0)
      System.Threading.Tasks.Extensions (>= 4.5.4) - restriction: || (== net462) (&& (== net6.0) (>= net461)) (&& (== net6.0) (< netstandard2.1)) (== netcoreapp2.1) (&& (== netstandard1.6) (>= net461)) (&& (== netstandard1.6) (>= netstandard2.0)) (== netstandard2.0)
    Microsoft.Extensions.Logging (6.0)
      Microsoft.Bcl.AsyncInterfaces (>= 6.0) - restriction: || (== net462) (&& (== net6.0) (>= net461)) (&& (== net6.0) (< netstandard2.1)) (== netcoreapp2.1) (&& (== netstandard1.6) (>= net461)) (&& (== netstandard1.6) (>= netstandard2.0)) (== netstandard2.0)
      Microsoft.Extensions.DependencyInjection (>= 6.0) - restriction: || (== net462) (== net6.0) (== netcoreapp2.1) (&& (== netstandard1.6) (>= net461)) (&& (== netstandard1.6) (>= netstandard2.0)) (== netstandard2.0)
      Microsoft.Extensions.DependencyInjection.Abstractions (>= 6.0) - restriction: || (== net462) (== net6.0) (== netcoreapp2.1) (&& (== netstandard1.6) (>= net461)) (&& (== netstandard1.6) (>= netstandard2.0)) (== netstandard2.0)
      Microsoft.Extensions.Logging.Abstractions (>= 6.0) - restriction: || (== net462) (== net6.0) (== netcoreapp2.1) (&& (== netstandard1.6) (>= net461)) (&& (== netstandard1.6) (>= netstandard2.0)) (== netstandard2.0)
      Microsoft.Extensions.Options (>= 6.0) - restriction: || (== net462) (== net6.0) (== netcoreapp2.1) (&& (== netstandard1.6) (>= net461)) (&& (== netstandard1.6) (>= netstandard2.0)) (== netstandard2.0)
      System.Diagnostics.DiagnosticSource (>= 6.0) - restriction: || (== net462) (== net6.0) (== netcoreapp2.1) (&& (== netstandard1.6) (>= net461)) (&& (== netstandard1.6) (>= netstandard2.0)) (== netstandard2.0)
      System.ValueTuple (>= 4.5) - restriction: || (== net462) (&& (== net6.0) (>= net461)) (&& (== netcoreapp2.1) (>= net461)) (&& (== netstandard1.6) (>= net461)) (&& (== netstandard2.0) (>= net461))
    Microsoft.Extensions.Logging.Abstractions (6.0.2)
      System.Buffers (>= 4.5.1) - restriction: || (== net462) (&& (== net6.0) (>= net461)) (== netcoreapp2.1) (&& (== netstandard1.6) (>= net461)) (&& (== netstandard1.6) (>= netstandard2.0)) (== netstandard2.0)
      System.Memory (>= 4.5.4) - restriction: || (== net462) (&& (== net6.0) (>= net461)) (== netcoreapp2.1) (&& (== netstandard1.6) (>= net461)) (&& (== netstandard1.6) (>= netstandard2.0)) (== netstandard2.0)
    Microsoft.Extensions.Options (6.0) - restriction: || (== net462) (== net6.0) (== netcoreapp2.1) (&& (== netstandard1.6) (>= net461)) (&& (== netstandard1.6) (>= netstandard2.0)) (== netstandard2.0)
      Microsoft.Extensions.DependencyInjection.Abstractions (>= 6.0) - restriction: || (== net462) (== net6.0) (== netcoreapp2.1) (&& (== netstandard1.6) (>= net461)) (&& (== netstandard1.6) (>= netstandard2.0)) (== netstandard2.0)
      Microsoft.Extensions.Primitives (>= 6.0) - restriction: || (== net462) (== net6.0) (== netcoreapp2.1) (&& (== netstandard1.6) (>= net461)) (&& (== netstandard1.6) (>= netstandard2.0)) (== netstandard2.0)
      System.ComponentModel.Annotations (>= 5.0) - restriction: || (&& (== net462) (< net461) (>= netstandard2.0)) (&& (== net6.0) (< netstandard2.1)) (== netcoreapp2.1) (&& (== netstandard1.6) (>= netstandard2.0)) (== netstandard2.0)
    Microsoft.Extensions.Primitives (6.0) - restriction: || (== net462) (== net6.0) (== netcoreapp2.1) (&& (== netstandard1.6) (>= net461)) (&& (== netstandard1.6) (>= netstandard2.0)) (== netstandard2.0)
      System.Memory (>= 4.5.4) - restriction: || (== net462) (&& (== net6.0) (>= net461)) (&& (== net6.0) (< netcoreapp3.1)) (== netcoreapp2.1) (&& (== netstandard1.6) (>= net461)) (&& (== netstandard1.6) (>= netstandard2.0)) (== netstandard2.0)
      System.Runtime.CompilerServices.Unsafe (>= 6.0) - restriction: || (== net462) (== net6.0) (== netcoreapp2.1) (&& (== netstandard1.6) (>= net461)) (&& (== netstandard1.6) (>= netstandard2.0)) (== netstandard2.0)
    Microsoft.NET.Test.Sdk (17.3.2)
      Microsoft.CodeCoverage (>= 17.3.2) - restriction: || (== net462) (== net6.0) (== netcoreapp2.1) (&& (== netstandard1.6) (>= net45)) (&& (== netstandard1.6) (>= netcoreapp1.0)) (&& (== netstandard2.0) (>= net45)) (&& (== netstandard2.0) (>= netcoreapp1.0))
      Microsoft.TestPlatform.TestHost (>= 17.3.2) - restriction: || (&& (== net462) (>= netcoreapp1.0)) (== net6.0) (== netcoreapp2.1) (&& (== netstandard1.6) (>= netcoreapp1.0)) (&& (== netstandard2.0) (>= netcoreapp1.0))
    Microsoft.NETCore.Platforms (6.0.5) - restriction: || (&& (== net462) (== net6.0)) (&& (== net462) (== netstandard2.0)) (&& (== net462) (< net45)) (&& (== net462) (>= netcoreapp2.0)) (&& (== net462) (>= netcoreapp2.1)) (&& (== net6.0) (== netstandard2.0)) (&& (== net6.0) (< netstandard1.2)) (&& (== net6.0) (< netstandard1.3)) (&& (== net6.0) (< netstandard1.5)) (&& (== net6.0) (< netstandard2.0)) (== netcoreapp2.1) (== netstandard1.6) (&& (== netstandard2.0) (>= netcoreapp2.0)) (&& (== netstandard2.0) (>= netcoreapp2.1))
    Microsoft.NETCore.Targets (5.0) - restriction: || (&& (== net462) (== net6.0)) (&& (== net462) (== netcoreapp2.1)) (&& (== net462) (== netstandard2.0)) (&& (== net462) (< net45)) (&& (== net6.0) (< netstandard1.2)) (&& (== net6.0) (< netstandard1.3)) (&& (== net6.0) (< netstandard1.5)) (&& (== net6.0) (< netstandard2.0)) (&& (== netcoreapp2.1) (< netstandard1.2)) (&& (== netcoreapp2.1) (< netstandard1.3)) (&& (== netcoreapp2.1) (< netstandard1.5)) (&& (== netcoreapp2.1) (< netstandard2.0)) (== netstandard1.6)
    Microsoft.TestPlatform.ObjectModel (17.3.2) - restriction: || (&& (== net462) (>= netcoreapp1.0)) (== net6.0) (== netcoreapp2.1) (&& (== netstandard1.6) (>= netcoreapp1.0)) (&& (== netstandard2.0) (>= netcoreapp1.0))
      NuGet.Frameworks (>= 5.11) - restriction: || (== net462) (== net6.0) (== netcoreapp2.1) (&& (== netstandard1.6) (>= net45) (< netstandard1.3)) (&& (== netstandard1.6) (>= net451)) (&& (== netstandard1.6) (>= netcoreapp2.1)) (&& (== netstandard1.6) (>= netstandard2.0)) (== netstandard2.0)
      System.Reflection.Metadata (>= 1.6)
    Microsoft.TestPlatform.TestHost (17.3.2) - restriction: || (&& (== net462) (>= netcoreapp1.0)) (== net6.0) (== netcoreapp2.1) (&& (== netstandard1.6) (>= netcoreapp1.0)) (&& (== netstandard2.0) (>= netcoreapp1.0))
      Microsoft.TestPlatform.ObjectModel (>= 17.3.2) - restriction: || (&& (== net462) (>= netcoreapp1.0)) (&& (== net462) (>= uap10.0)) (== net6.0) (== netcoreapp2.1) (&& (== netstandard1.6) (>= netcoreapp1.0)) (&& (== netstandard1.6) (>= uap10.0)) (&& (== netstandard2.0) (>= netcoreapp1.0)) (&& (== netstandard2.0) (>= uap10.0))
      Newtonsoft.Json (>= 9.0.1) - restriction: || (&& (== net462) (>= netcoreapp1.0)) (&& (== net462) (>= uap10.0)) (== net6.0) (== netcoreapp2.1) (&& (== netstandard1.6) (>= netcoreapp1.0)) (&& (== netstandard1.6) (>= uap10.0)) (&& (== netstandard2.0) (>= netcoreapp1.0)) (&& (== netstandard2.0) (>= uap10.0))
    Microsoft.Win32.Primitives (4.3) - restriction: || (&& (== net462) (== net6.0)) (&& (== net462) (== netcoreapp2.1)) (&& (== net462) (== netstandard2.0)) (&& (== net462) (< net45)) (&& (== net462) (< netstandard1.5) (>= uap10.0)) (&& (== net6.0) (< netstandard1.4)) (&& (== net6.0) (< netstandard1.5)) (&& (== net6.0) (< netstandard1.6)) (&& (== net6.0) (< netstandard2.0)) (&& (== netcoreapp2.1) (< netstandard1.4)) (&& (== netcoreapp2.1) (< netstandard1.5)) (&& (== netcoreapp2.1) (< netstandard1.6)) (&& (== netcoreapp2.1) (< netstandard2.0)) (== netstandard1.6)
      Microsoft.NETCore.Platforms (>= 1.1) - restriction: || (&& (== net462) (< net46)) (== net6.0) (== netcoreapp2.1) (== netstandard1.6) (== netstandard2.0)
      Microsoft.NETCore.Targets (>= 1.1) - restriction: || (&& (== net462) (< net46)) (== net6.0) (== netcoreapp2.1) (== netstandard1.6) (== netstandard2.0)
      System.Runtime (>= 4.3) - restriction: || (&& (== net462) (< net46)) (== net6.0) (== netcoreapp2.1) (== netstandard1.6) (== netstandard2.0)
    Microsoft.Win32.Registry (5.0) - restriction: || (&& (== net462) (== net6.0)) (&& (== net462) (>= netstandard2.0)) (&& (== net6.0) (== netstandard1.6)) (== netcoreapp2.1) (&& (== netstandard1.6) (>= netstandard2.0)) (== netstandard2.0)
      System.Buffers (>= 4.5.1) - restriction: || (&& (== net462) (>= monoandroid) (< netstandard1.3)) (&& (== net462) (>= monotouch)) (&& (== net462) (< net46) (>= netstandard2.0)) (&& (== net462) (>= xamarinios)) (&& (== net462) (>= xamarinmac)) (&& (== net462) (>= xamarintvos)) (&& (== net462) (>= xamarinwatchos)) (&& (== net6.0) (>= monoandroid) (< netstandard1.3)) (&& (== net6.0) (>= monotouch)) (&& (== net6.0) (< netcoreapp2.0)) (&& (== net6.0) (>= xamarinios)) (&& (== net6.0) (>= xamarinmac)) (&& (== net6.0) (>= xamarintvos)) (&& (== net6.0) (>= xamarinwatchos)) (&& (== netcoreapp2.1) (>= monoandroid) (< netstandard1.3)) (&& (== netcoreapp2.1) (>= monotouch)) (&& (== netcoreapp2.1) (< netcoreapp2.0)) (&& (== netcoreapp2.1) (>= xamarinios)) (&& (== netcoreapp2.1) (>= xamarinmac)) (&& (== netcoreapp2.1) (>= xamarintvos)) (&& (== netcoreapp2.1) (>= xamarinwatchos)) (&& (== netstandard1.6) (>= monoandroid) (< netstandard1.3)) (&& (== netstandard1.6) (>= monotouch)) (&& (== netstandard1.6) (>= netstandard2.0)) (&& (== netstandard1.6) (>= xamarinios)) (&& (== netstandard1.6) (>= xamarinmac)) (&& (== netstandard1.6) (>= xamarintvos)) (&& (== netstandard1.6) (>= xamarinwatchos)) (== netstandard2.0)
      System.Memory (>= 4.5.4) - restriction: || (&& (== net462) (< net46) (>= netstandard2.0)) (&& (== net462) (>= netcoreapp2.0)) (&& (== net462) (>= uap10.1)) (&& (== net6.0) (< netcoreapp2.0)) (&& (== net6.0) (< netcoreapp2.1)) (&& (== net6.0) (>= uap10.1)) (&& (== netcoreapp2.1) (< netcoreapp2.0)) (&& (== netcoreapp2.1) (>= uap10.1)) (&& (== netstandard1.6) (>= netcoreapp2.0)) (&& (== netstandard1.6) (>= netstandard2.0)) (&& (== netstandard1.6) (>= uap10.1)) (== netstandard2.0)
      System.Security.AccessControl (>= 5.0) - restriction: || (== net462) (== net6.0) (== netcoreapp2.1) (&& (== netstandard1.6) (>= monoandroid) (< netstandard1.3)) (&& (== netstandard1.6) (>= monotouch)) (&& (== netstandard1.6) (>= net461)) (&& (== netstandard1.6) (>= netcoreapp2.0)) (&& (== netstandard1.6) (>= netcoreapp2.1)) (&& (== netstandard1.6) (>= netstandard2.0)) (&& (== netstandard1.6) (>= uap10.1)) (&& (== netstandard1.6) (>= xamarinios)) (&& (== netstandard1.6) (>= xamarinmac)) (&& (== netstandard1.6) (>= xamarintvos)) (&& (== netstandard1.6) (>= xamarinwatchos)) (== netstandard2.0)
      System.Security.Principal.Windows (>= 5.0) - restriction: || (== net462) (== net6.0) (== netcoreapp2.1) (&& (== netstandard1.6) (>= monoandroid) (< netstandard1.3)) (&& (== netstandard1.6) (>= monotouch)) (&& (== netstandard1.6) (>= net461)) (&& (== netstandard1.6) (>= netcoreapp2.0)) (&& (== netstandard1.6) (>= netcoreapp2.1)) (&& (== netstandard1.6) (>= netstandard2.0)) (&& (== netstandard1.6) (>= uap10.1)) (&& (== netstandard1.6) (>= xamarinios)) (&& (== netstandard1.6) (>= xamarinmac)) (&& (== netstandard1.6) (>= xamarintvos)) (&& (== netstandard1.6) (>= xamarinwatchos)) (== netstandard2.0)
    NETStandard.Library (2.0.3) - restriction: || (&& (== net462) (< net45)) (&& (== net462) (< net452)) (== net6.0) (== netcoreapp2.1) (== netstandard1.6) (== netstandard2.0)
      Microsoft.NETCore.Platforms (>= 1.1)
      Microsoft.Win32.Primitives (>= 4.3) - restriction: || (&& (== net462) (< net45)) (&& (== net462) (< netstandard1.4)) (&& (== net462) (< netstandard1.5) (>= uap10.0)) (&& (== net6.0) (< netstandard1.4)) (&& (== net6.0) (< netstandard1.5)) (&& (== net6.0) (< netstandard1.6)) (&& (== net6.0) (< netstandard2.0)) (&& (== netcoreapp2.1) (< netstandard1.4)) (&& (== netcoreapp2.1) (< netstandard1.5)) (&& (== netcoreapp2.1) (< netstandard1.6)) (&& (== netcoreapp2.1) (< netstandard2.0)) (== netstandard1.6) (&& (== netstandard2.0) (< netstandard1.4)) (&& (== netstandard2.0) (< netstandard1.5)) (&& (== netstandard2.0) (< netstandard1.6))
      System.AppContext (>= 4.3) - restriction: || (&& (== net462) (< net45)) (&& (== net462) (< netstandard1.4)) (&& (== net462) (< netstandard1.5) (>= uap10.0)) (&& (== net6.0) (< netstandard1.4)) (&& (== net6.0) (< netstandard1.5)) (&& (== net6.0) (< netstandard1.6)) (&& (== net6.0) (< netstandard2.0)) (&& (== netcoreapp2.1) (< netstandard1.4)) (&& (== netcoreapp2.1) (< netstandard1.5)) (&& (== netcoreapp2.1) (< netstandard1.6)) (&& (== netcoreapp2.1) (< netstandard2.0)) (== netstandard1.6) (&& (== netstandard2.0) (< netstandard1.4)) (&& (== netstandard2.0) (< netstandard1.5)) (&& (== netstandard2.0) (< netstandard1.6))
      System.Collections (>= 4.3) - restriction: || (&& (== net462) (< net45)) (&& (== net462) (< netstandard1.5) (>= uap10.0)) (&& (== net462) (< portable-net45+win8+wpa81)) (&& (== net6.0) (< netstandard1.2)) (&& (== net6.0) (< netstandard1.3)) (&& (== net6.0) (< netstandard1.4)) (&& (== net6.0) (< netstandard1.5)) (&& (== net6.0) (< netstandard1.6)) (&& (== net6.0) (< netstandard2.0)) (&& (== net6.0) (< portable-net45+win8+wpa81)) (&& (== netcoreapp2.1) (< netstandard1.2)) (&& (== netcoreapp2.1) (< netstandard1.3)) (&& (== netcoreapp2.1) (< netstandard1.4)) (&& (== netcoreapp2.1) (< netstandard1.5)) (&& (== netcoreapp2.1) (< netstandard1.6)) (&& (== netcoreapp2.1) (< netstandard2.0)) (&& (== netcoreapp2.1) (< portable-net45+win8+wpa81)) (== netstandard1.6) (&& (== netstandard2.0) (< netstandard1.2)) (&& (== netstandard2.0) (< netstandard1.3)) (&& (== netstandard2.0) (< netstandard1.4)) (&& (== netstandard2.0) (< netstandard1.5)) (&& (== netstandard2.0) (< netstandard1.6)) (&& (== netstandard2.0) (< portable-net45+win8+wpa81))
      System.Collections.Concurrent (>= 4.3) - restriction: || (&& (== net462) (< net45)) (&& (== net462) (< netstandard1.5) (>= uap10.0)) (&& (== net6.0) (< netstandard1.2)) (&& (== net6.0) (< netstandard1.3)) (&& (== net6.0) (< netstandard1.4)) (&& (== net6.0) (< netstandard1.5)) (&& (== net6.0) (< netstandard1.6)) (&& (== net6.0) (< netstandard2.0)) (&& (== netcoreapp2.1) (< netstandard1.2)) (&& (== netcoreapp2.1) (< netstandard1.3)) (&& (== netcoreapp2.1) (< netstandard1.4)) (&& (== netcoreapp2.1) (< netstandard1.5)) (&& (== netcoreapp2.1) (< netstandard1.6)) (&& (== netcoreapp2.1) (< netstandard2.0)) (== netstandard1.6) (&& (== netstandard2.0) (< netstandard1.2)) (&& (== netstandard2.0) (< netstandard1.3)) (&& (== netstandard2.0) (< netstandard1.4)) (&& (== netstandard2.0) (< netstandard1.5)) (&& (== netstandard2.0) (< netstandard1.6))
      System.Console (>= 4.3) - restriction: || (&& (== net462) (< net45)) (&& (== net462) (< netstandard1.4)) (&& (== net462) (< netstandard1.5) (>= uap10.0)) (&& (== net6.0) (< netstandard1.4)) (&& (== net6.0) (< netstandard1.5)) (&& (== net6.0) (< netstandard1.6)) (&& (== net6.0) (< netstandard2.0)) (&& (== netcoreapp2.1) (< netstandard1.4)) (&& (== netcoreapp2.1) (< netstandard1.5)) (&& (== netcoreapp2.1) (< netstandard1.6)) (&& (== netcoreapp2.1) (< netstandard2.0)) (== netstandard1.6) (&& (== netstandard2.0) (< netstandard1.4)) (&& (== netstandard2.0) (< netstandard1.5)) (&& (== netstandard2.0) (< netstandard1.6))
      System.Diagnostics.Debug (>= 4.3) - restriction: || (&& (== net462) (< net45)) (&& (== net462) (< netstandard1.5) (>= uap10.0)) (&& (== net462) (< portable-net45+win8+wpa81)) (&& (== net6.0) (< netstandard1.2)) (&& (== net6.0) (< netstandard1.3)) (&& (== net6.0) (< netstandard1.4)) (&& (== net6.0) (< netstandard1.5)) (&& (== net6.0) (< netstandard1.6)) (&& (== net6.0) (< netstandard2.0)) (&& (== net6.0) (< portable-net45+win8+wpa81)) (&& (== netcoreapp2.1) (< netstandard1.2)) (&& (== netcoreapp2.1) (< netstandard1.3)) (&& (== netcoreapp2.1) (< netstandard1.4)) (&& (== netcoreapp2.1) (< netstandard1.5)) (&& (== netcoreapp2.1) (< netstandard1.6)) (&& (== netcoreapp2.1) (< netstandard2.0)) (&& (== netcoreapp2.1) (< portable-net45+win8+wpa81)) (== netstandard1.6) (&& (== netstandard2.0) (< netstandard1.2)) (&& (== netstandard2.0) (< netstandard1.3)) (&& (== netstandard2.0) (< netstandard1.4)) (&& (== netstandard2.0) (< netstandard1.5)) (&& (== netstandard2.0) (< netstandard1.6)) (&& (== netstandard2.0) (< portable-net45+win8+wpa81))
      System.Diagnostics.Tools (>= 4.3) - restriction: || (&& (== net462) (< net45)) (&& (== net462) (< netstandard1.5) (>= uap10.0)) (&& (== net462) (< portable-net45+win8+wpa81)) (&& (== net6.0) (< netstandard1.2)) (&& (== net6.0) (< netstandard1.3)) (&& (== net6.0) (< netstandard1.4)) (&& (== net6.0) (< netstandard1.5)) (&& (== net6.0) (< netstandard1.6)) (&& (== net6.0) (< netstandard2.0)) (&& (== net6.0) (< portable-net45+win8+wpa81)) (&& (== netcoreapp2.1) (< netstandard1.2)) (&& (== netcoreapp2.1) (< netstandard1.3)) (&& (== netcoreapp2.1) (< netstandard1.4)) (&& (== netcoreapp2.1) (< netstandard1.5)) (&& (== netcoreapp2.1) (< netstandard1.6)) (&& (== netcoreapp2.1) (< netstandard2.0)) (&& (== netcoreapp2.1) (< portable-net45+win8+wpa81)) (== netstandard1.6) (&& (== netstandard2.0) (< netstandard1.2)) (&& (== netstandard2.0) (< netstandard1.3)) (&& (== netstandard2.0) (< netstandard1.4)) (&& (== netstandard2.0) (< netstandard1.5)) (&& (== netstandard2.0) (< netstandard1.6)) (&& (== netstandard2.0) (< portable-net45+win8+wpa81))
      System.Diagnostics.Tracing (>= 4.3) - restriction: || (&& (== net462) (< net45)) (&& (== net462) (< netstandard1.5) (>= uap10.0)) (&& (== net6.0) (< netstandard1.2)) (&& (== net6.0) (< netstandard1.3)) (&& (== net6.0) (< netstandard1.4)) (&& (== net6.0) (< netstandard1.5)) (&& (== net6.0) (< netstandard1.6)) (&& (== net6.0) (< netstandard2.0)) (&& (== netcoreapp2.1) (< netstandard1.2)) (&& (== netcoreapp2.1) (< netstandard1.3)) (&& (== netcoreapp2.1) (< netstandard1.4)) (&& (== netcoreapp2.1) (< netstandard1.5)) (&& (== netcoreapp2.1) (< netstandard1.6)) (&& (== netcoreapp2.1) (< netstandard2.0)) (== netstandard1.6) (&& (== netstandard2.0) (< netstandard1.2)) (&& (== netstandard2.0) (< netstandard1.3)) (&& (== netstandard2.0) (< netstandard1.4)) (&& (== netstandard2.0) (< netstandard1.5)) (&& (== netstandard2.0) (< netstandard1.6))
      System.Globalization (>= 4.3) - restriction: || (&& (== net462) (< net45)) (&& (== net462) (< netstandard1.5) (>= uap10.0)) (&& (== net462) (< portable-net45+win8+wpa81)) (&& (== net6.0) (< netstandard1.2)) (&& (== net6.0) (< netstandard1.3)) (&& (== net6.0) (< netstandard1.4)) (&& (== net6.0) (< netstandard1.5)) (&& (== net6.0) (< netstandard1.6)) (&& (== net6.0) (< netstandard2.0)) (&& (== net6.0) (< portable-net45+win8+wpa81)) (&& (== netcoreapp2.1) (< netstandard1.2)) (&& (== netcoreapp2.1) (< netstandard1.3)) (&& (== netcoreapp2.1) (< netstandard1.4)) (&& (== netcoreapp2.1) (< netstandard1.5)) (&& (== netcoreapp2.1) (< netstandard1.6)) (&& (== netcoreapp2.1) (< netstandard2.0)) (&& (== netcoreapp2.1) (< portable-net45+win8+wpa81)) (== netstandard1.6) (&& (== netstandard2.0) (< netstandard1.2)) (&& (== netstandard2.0) (< netstandard1.3)) (&& (== netstandard2.0) (< netstandard1.4)) (&& (== netstandard2.0) (< netstandard1.5)) (&& (== netstandard2.0) (< netstandard1.6)) (&& (== netstandard2.0) (< portable-net45+win8+wpa81))
      System.Globalization.Calendars (>= 4.3) - restriction: || (&& (== net462) (< net45)) (&& (== net462) (< netstandard1.4)) (&& (== net462) (< netstandard1.5) (>= uap10.0)) (&& (== net6.0) (< netstandard1.4)) (&& (== net6.0) (< netstandard1.5)) (&& (== net6.0) (< netstandard1.6)) (&& (== net6.0) (< netstandard2.0)) (&& (== netcoreapp2.1) (< netstandard1.4)) (&& (== netcoreapp2.1) (< netstandard1.5)) (&& (== netcoreapp2.1) (< netstandard1.6)) (&& (== netcoreapp2.1) (< netstandard2.0)) (== netstandard1.6) (&& (== netstandard2.0) (< netstandard1.4)) (&& (== netstandard2.0) (< netstandard1.5)) (&& (== netstandard2.0) (< netstandard1.6))
      System.IO (>= 4.3) - restriction: || (&& (== net462) (< net45)) (&& (== net462) (< netstandard1.5) (>= uap10.0)) (&& (== net462) (< portable-net45+win8+wpa81)) (&& (== net6.0) (< netstandard1.2)) (&& (== net6.0) (< netstandard1.3)) (&& (== net6.0) (< netstandard1.4)) (&& (== net6.0) (< netstandard1.5)) (&& (== net6.0) (< netstandard1.6)) (&& (== net6.0) (< netstandard2.0)) (&& (== net6.0) (< portable-net45+win8+wpa81)) (&& (== netcoreapp2.1) (< netstandard1.2)) (&& (== netcoreapp2.1) (< netstandard1.3)) (&& (== netcoreapp2.1) (< netstandard1.4)) (&& (== netcoreapp2.1) (< netstandard1.5)) (&& (== netcoreapp2.1) (< netstandard1.6)) (&& (== netcoreapp2.1) (< netstandard2.0)) (&& (== netcoreapp2.1) (< portable-net45+win8+wpa81)) (== netstandard1.6) (&& (== netstandard2.0) (< netstandard1.2)) (&& (== netstandard2.0) (< netstandard1.3)) (&& (== netstandard2.0) (< netstandard1.4)) (&& (== netstandard2.0) (< netstandard1.5)) (&& (== netstandard2.0) (< netstandard1.6)) (&& (== netstandard2.0) (< portable-net45+win8+wpa81))
      System.IO.Compression (>= 4.3) - restriction: || (&& (== net462) (< net45)) (&& (== net462) (< netstandard1.4)) (&& (== net462) (< netstandard1.5) (>= uap10.0)) (&& (== net6.0) (< netstandard1.2)) (&& (== net6.0) (< netstandard1.3)) (&& (== net6.0) (< netstandard1.4)) (&& (== net6.0) (< netstandard1.5)) (&& (== net6.0) (< netstandard1.6)) (&& (== net6.0) (< netstandard2.0)) (&& (== netcoreapp2.1) (< netstandard1.2)) (&& (== netcoreapp2.1) (< netstandard1.3)) (&& (== netcoreapp2.1) (< netstandard1.4)) (&& (== netcoreapp2.1) (< netstandard1.5)) (&& (== netcoreapp2.1) (< netstandard1.6)) (&& (== netcoreapp2.1) (< netstandard2.0)) (== netstandard1.6) (&& (== netstandard2.0) (< netstandard1.2)) (&& (== netstandard2.0) (< netstandard1.3)) (&& (== netstandard2.0) (< netstandard1.4)) (&& (== netstandard2.0) (< netstandard1.5)) (&& (== netstandard2.0) (< netstandard1.6))
      System.IO.Compression.ZipFile (>= 4.3) - restriction: || (&& (== net462) (< net45)) (&& (== net462) (< netstandard1.4)) (&& (== net462) (< netstandard1.5) (>= uap10.0)) (&& (== net6.0) (< netstandard1.4)) (&& (== net6.0) (< netstandard1.5)) (&& (== net6.0) (< netstandard1.6)) (&& (== net6.0) (< netstandard2.0)) (&& (== netcoreapp2.1) (< netstandard1.4)) (&& (== netcoreapp2.1) (< netstandard1.5)) (&& (== netcoreapp2.1) (< netstandard1.6)) (&& (== netcoreapp2.1) (< netstandard2.0)) (== netstandard1.6) (&& (== netstandard2.0) (< netstandard1.4)) (&& (== netstandard2.0) (< netstandard1.5)) (&& (== netstandard2.0) (< netstandard1.6))
      System.IO.FileSystem (>= 4.3) - restriction: || (&& (== net462) (< net45)) (&& (== net462) (< netstandard1.4)) (&& (== net462) (< netstandard1.5) (>= uap10.0)) (&& (== net6.0) (< netstandard1.4)) (&& (== net6.0) (< netstandard1.5)) (&& (== net6.0) (< netstandard1.6)) (&& (== net6.0) (< netstandard2.0)) (&& (== netcoreapp2.1) (< netstandard1.4)) (&& (== netcoreapp2.1) (< netstandard1.5)) (&& (== netcoreapp2.1) (< netstandard1.6)) (&& (== netcoreapp2.1) (< netstandard2.0)) (== netstandard1.6) (&& (== netstandard2.0) (< netstandard1.4)) (&& (== netstandard2.0) (< netstandard1.5)) (&& (== netstandard2.0) (< netstandard1.6))
      System.IO.FileSystem.Primitives (>= 4.3) - restriction: || (&& (== net462) (< net45)) (&& (== net462) (< netstandard1.4)) (&& (== net462) (< netstandard1.5) (>= uap10.0)) (&& (== net6.0) (< netstandard1.4)) (&& (== net6.0) (< netstandard1.5)) (&& (== net6.0) (< netstandard1.6)) (&& (== net6.0) (< netstandard2.0)) (&& (== netcoreapp2.1) (< netstandard1.4)) (&& (== netcoreapp2.1) (< netstandard1.5)) (&& (== netcoreapp2.1) (< netstandard1.6)) (&& (== netcoreapp2.1) (< netstandard2.0)) (== netstandard1.6) (&& (== netstandard2.0) (< netstandard1.4)) (&& (== netstandard2.0) (< netstandard1.5)) (&& (== netstandard2.0) (< netstandard1.6))
      System.Linq (>= 4.3) - restriction: || (&& (== net462) (< net45)) (&& (== net462) (< netstandard1.5) (>= uap10.0)) (&& (== net462) (< portable-net45+win8+wpa81)) (&& (== net6.0) (< netstandard1.2)) (&& (== net6.0) (< netstandard1.3)) (&& (== net6.0) (< netstandard1.4)) (&& (== net6.0) (< netstandard1.5)) (&& (== net6.0) (< netstandard1.6)) (&& (== net6.0) (< netstandard2.0)) (&& (== net6.0) (< portable-net45+win8+wpa81)) (&& (== netcoreapp2.1) (< netstandard1.2)) (&& (== netcoreapp2.1) (< netstandard1.3)) (&& (== netcoreapp2.1) (< netstandard1.4)) (&& (== netcoreapp2.1) (< netstandard1.5)) (&& (== netcoreapp2.1) (< netstandard1.6)) (&& (== netcoreapp2.1) (< netstandard2.0)) (&& (== netcoreapp2.1) (< portable-net45+win8+wpa81)) (== netstandard1.6) (&& (== netstandard2.0) (< netstandard1.2)) (&& (== netstandard2.0) (< netstandard1.3)) (&& (== netstandard2.0) (< netstandard1.4)) (&& (== netstandard2.0) (< netstandard1.5)) (&& (== netstandard2.0) (< netstandard1.6)) (&& (== netstandard2.0) (< portable-net45+win8+wpa81))
      System.Linq.Expressions (>= 4.3) - restriction: || (&& (== net462) (< net45)) (&& (== net462) (< netstandard1.5) (>= uap10.0)) (&& (== net462) (< portable-net45+win8+wpa81)) (&& (== net6.0) (< netstandard1.2)) (&& (== net6.0) (< netstandard1.3)) (&& (== net6.0) (< netstandard1.4)) (&& (== net6.0) (< netstandard1.5)) (&& (== net6.0) (< netstandard1.6)) (&& (== net6.0) (< netstandard2.0)) (&& (== net6.0) (< portable-net45+win8+wpa81)) (&& (== netcoreapp2.1) (< netstandard1.2)) (&& (== netcoreapp2.1) (< netstandard1.3)) (&& (== netcoreapp2.1) (< netstandard1.4)) (&& (== netcoreapp2.1) (< netstandard1.5)) (&& (== netcoreapp2.1) (< netstandard1.6)) (&& (== netcoreapp2.1) (< netstandard2.0)) (&& (== netcoreapp2.1) (< portable-net45+win8+wpa81)) (== netstandard1.6) (&& (== netstandard2.0) (< netstandard1.2)) (&& (== netstandard2.0) (< netstandard1.3)) (&& (== netstandard2.0) (< netstandard1.4)) (&& (== netstandard2.0) (< netstandard1.5)) (&& (== netstandard2.0) (< netstandard1.6)) (&& (== netstandard2.0) (< portable-net45+win8+wpa81))
      System.Net.Http (>= 4.3.2) - restriction: || (&& (== net462) (< net45)) (&& (== net462) (< netstandard1.4)) (&& (== net462) (< netstandard1.5) (>= uap10.0)) (&& (== net6.0) (< netstandard1.2)) (&& (== net6.0) (< netstandard1.3)) (&& (== net6.0) (< netstandard1.4)) (&& (== net6.0) (< netstandard1.5)) (&& (== net6.0) (< netstandard1.6)) (&& (== net6.0) (< netstandard2.0)) (&& (== netcoreapp2.1) (< netstandard1.2)) (&& (== netcoreapp2.1) (< netstandard1.3)) (&& (== netcoreapp2.1) (< netstandard1.4)) (&& (== netcoreapp2.1) (< netstandard1.5)) (&& (== netcoreapp2.1) (< netstandard1.6)) (&& (== netcoreapp2.1) (< netstandard2.0)) (== netstandard1.6) (&& (== netstandard2.0) (< netstandard1.2)) (&& (== netstandard2.0) (< netstandard1.3)) (&& (== netstandard2.0) (< netstandard1.4)) (&& (== netstandard2.0) (< netstandard1.5)) (&& (== netstandard2.0) (< netstandard1.6))
      System.Net.Primitives (>= 4.3) - restriction: || (&& (== net462) (< net45)) (&& (== net462) (< netstandard1.5) (>= uap10.0)) (&& (== net462) (< portable-net45+win8+wpa81)) (&& (== net6.0) (< netstandard1.2)) (&& (== net6.0) (< netstandard1.3)) (&& (== net6.0) (< netstandard1.4)) (&& (== net6.0) (< netstandard1.5)) (&& (== net6.0) (< netstandard1.6)) (&& (== net6.0) (< netstandard2.0)) (&& (== net6.0) (< portable-net45+win8+wpa81)) (&& (== netcoreapp2.1) (< netstandard1.2)) (&& (== netcoreapp2.1) (< netstandard1.3)) (&& (== netcoreapp2.1) (< netstandard1.4)) (&& (== netcoreapp2.1) (< netstandard1.5)) (&& (== netcoreapp2.1) (< netstandard1.6)) (&& (== netcoreapp2.1) (< netstandard2.0)) (&& (== netcoreapp2.1) (< portable-net45+win8+wpa81)) (== netstandard1.6) (&& (== netstandard2.0) (< netstandard1.2)) (&& (== netstandard2.0) (< netstandard1.3)) (&& (== netstandard2.0) (< netstandard1.4)) (&& (== netstandard2.0) (< netstandard1.5)) (&& (== netstandard2.0) (< netstandard1.6)) (&& (== netstandard2.0) (< portable-net45+win8+wpa81))
      System.Net.Sockets (>= 4.3) - restriction: || (&& (== net462) (< net45)) (&& (== net462) (< netstandard1.4)) (&& (== net462) (< netstandard1.5) (>= uap10.0)) (&& (== net6.0) (< netstandard1.4)) (&& (== net6.0) (< netstandard1.5)) (&& (== net6.0) (< netstandard1.6)) (&& (== net6.0) (< netstandard2.0)) (&& (== netcoreapp2.1) (< netstandard1.4)) (&& (== netcoreapp2.1) (< netstandard1.5)) (&& (== netcoreapp2.1) (< netstandard1.6)) (&& (== netcoreapp2.1) (< netstandard2.0)) (== netstandard1.6) (&& (== netstandard2.0) (< netstandard1.4)) (&& (== netstandard2.0) (< netstandard1.5)) (&& (== netstandard2.0) (< netstandard1.6))
      System.ObjectModel (>= 4.3) - restriction: || (&& (== net462) (< net45)) (&& (== net462) (< netstandard1.5) (>= uap10.0)) (&& (== net462) (< portable-net45+win8+wpa81)) (&& (== net6.0) (< netstandard1.2)) (&& (== net6.0) (< netstandard1.3)) (&& (== net6.0) (< netstandard1.4)) (&& (== net6.0) (< netstandard1.5)) (&& (== net6.0) (< netstandard1.6)) (&& (== net6.0) (< netstandard2.0)) (&& (== net6.0) (< portable-net45+win8+wpa81)) (&& (== netcoreapp2.1) (< netstandard1.2)) (&& (== netcoreapp2.1) (< netstandard1.3)) (&& (== netcoreapp2.1) (< netstandard1.4)) (&& (== netcoreapp2.1) (< netstandard1.5)) (&& (== netcoreapp2.1) (< netstandard1.6)) (&& (== netcoreapp2.1) (< netstandard2.0)) (&& (== netcoreapp2.1) (< portable-net45+win8+wpa81)) (== netstandard1.6) (&& (== netstandard2.0) (< netstandard1.2)) (&& (== netstandard2.0) (< netstandard1.3)) (&& (== netstandard2.0) (< netstandard1.4)) (&& (== netstandard2.0) (< netstandard1.5)) (&& (== netstandard2.0) (< netstandard1.6)) (&& (== netstandard2.0) (< portable-net45+win8+wpa81))
      System.Reflection (>= 4.3) - restriction: || (&& (== net462) (< net45)) (&& (== net462) (< netstandard1.5) (>= uap10.0)) (&& (== net462) (< portable-net45+win8+wpa81)) (&& (== net6.0) (< netstandard1.2)) (&& (== net6.0) (< netstandard1.3)) (&& (== net6.0) (< netstandard1.4)) (&& (== net6.0) (< netstandard1.5)) (&& (== net6.0) (< netstandard1.6)) (&& (== net6.0) (< netstandard2.0)) (&& (== net6.0) (< portable-net45+win8+wpa81)) (&& (== netcoreapp2.1) (< netstandard1.2)) (&& (== netcoreapp2.1) (< netstandard1.3)) (&& (== netcoreapp2.1) (< netstandard1.4)) (&& (== netcoreapp2.1) (< netstandard1.5)) (&& (== netcoreapp2.1) (< netstandard1.6)) (&& (== netcoreapp2.1) (< netstandard2.0)) (&& (== netcoreapp2.1) (< portable-net45+win8+wpa81)) (== netstandard1.6) (&& (== netstandard2.0) (< netstandard1.2)) (&& (== netstandard2.0) (< netstandard1.3)) (&& (== netstandard2.0) (< netstandard1.4)) (&& (== netstandard2.0) (< netstandard1.5)) (&& (== netstandard2.0) (< netstandard1.6)) (&& (== netstandard2.0) (< portable-net45+win8+wpa81))
      System.Reflection.Extensions (>= 4.3) - restriction: || (&& (== net462) (< net45)) (&& (== net462) (< netstandard1.5) (>= uap10.0)) (&& (== net462) (< portable-net45+win8+wpa81)) (&& (== net6.0) (< netstandard1.2)) (&& (== net6.0) (< netstandard1.3)) (&& (== net6.0) (< netstandard1.4)) (&& (== net6.0) (< netstandard1.5)) (&& (== net6.0) (< netstandard1.6)) (&& (== net6.0) (< netstandard2.0)) (&& (== net6.0) (< portable-net45+win8+wpa81)) (&& (== netcoreapp2.1) (< netstandard1.2)) (&& (== netcoreapp2.1) (< netstandard1.3)) (&& (== netcoreapp2.1) (< netstandard1.4)) (&& (== netcoreapp2.1) (< netstandard1.5)) (&& (== netcoreapp2.1) (< netstandard1.6)) (&& (== netcoreapp2.1) (< netstandard2.0)) (&& (== netcoreapp2.1) (< portable-net45+win8+wpa81)) (== netstandard1.6) (&& (== netstandard2.0) (< netstandard1.2)) (&& (== netstandard2.0) (< netstandard1.3)) (&& (== netstandard2.0) (< netstandard1.4)) (&& (== netstandard2.0) (< netstandard1.5)) (&& (== netstandard2.0) (< netstandard1.6)) (&& (== netstandard2.0) (< portable-net45+win8+wpa81))
      System.Reflection.Primitives (>= 4.3) - restriction: || (&& (== net462) (< net45)) (&& (== net462) (< netstandard1.5) (>= uap10.0)) (&& (== net462) (< portable-net45+win8+wpa81)) (&& (== net6.0) (< netstandard1.2)) (&& (== net6.0) (< netstandard1.3)) (&& (== net6.0) (< netstandard1.4)) (&& (== net6.0) (< netstandard1.5)) (&& (== net6.0) (< netstandard1.6)) (&& (== net6.0) (< netstandard2.0)) (&& (== net6.0) (< portable-net45+win8+wpa81)) (&& (== netcoreapp2.1) (< netstandard1.2)) (&& (== netcoreapp2.1) (< netstandard1.3)) (&& (== netcoreapp2.1) (< netstandard1.4)) (&& (== netcoreapp2.1) (< netstandard1.5)) (&& (== netcoreapp2.1) (< netstandard1.6)) (&& (== netcoreapp2.1) (< netstandard2.0)) (&& (== netcoreapp2.1) (< portable-net45+win8+wpa81)) (== netstandard1.6) (&& (== netstandard2.0) (< netstandard1.2)) (&& (== netstandard2.0) (< netstandard1.3)) (&& (== netstandard2.0) (< netstandard1.4)) (&& (== netstandard2.0) (< netstandard1.5)) (&& (== netstandard2.0) (< netstandard1.6)) (&& (== netstandard2.0) (< portable-net45+win8+wpa81))
      System.Resources.ResourceManager (>= 4.3) - restriction: || (&& (== net462) (< net45)) (&& (== net462) (< netstandard1.5) (>= uap10.0)) (&& (== net462) (< portable-net45+win8+wpa81)) (&& (== net6.0) (< netstandard1.2)) (&& (== net6.0) (< netstandard1.3)) (&& (== net6.0) (< netstandard1.4)) (&& (== net6.0) (< netstandard1.5)) (&& (== net6.0) (< netstandard1.6)) (&& (== net6.0) (< netstandard2.0)) (&& (== net6.0) (< portable-net45+win8+wpa81)) (&& (== netcoreapp2.1) (< netstandard1.2)) (&& (== netcoreapp2.1) (< netstandard1.3)) (&& (== netcoreapp2.1) (< netstandard1.4)) (&& (== netcoreapp2.1) (< netstandard1.5)) (&& (== netcoreapp2.1) (< netstandard1.6)) (&& (== netcoreapp2.1) (< netstandard2.0)) (&& (== netcoreapp2.1) (< portable-net45+win8+wpa81)) (== netstandard1.6) (&& (== netstandard2.0) (< netstandard1.2)) (&& (== netstandard2.0) (< netstandard1.3)) (&& (== netstandard2.0) (< netstandard1.4)) (&& (== netstandard2.0) (< netstandard1.5)) (&& (== netstandard2.0) (< netstandard1.6)) (&& (== netstandard2.0) (< portable-net45+win8+wpa81))
      System.Runtime (>= 4.3) - restriction: || (&& (== net462) (< net45)) (&& (== net462) (< netstandard1.5) (>= uap10.0)) (&& (== net462) (< portable-net45+win8+wpa81)) (&& (== net6.0) (< netstandard1.2)) (&& (== net6.0) (< netstandard1.3)) (&& (== net6.0) (< netstandard1.4)) (&& (== net6.0) (< netstandard1.5)) (&& (== net6.0) (< netstandard1.6)) (&& (== net6.0) (< netstandard2.0)) (&& (== net6.0) (< portable-net45+win8+wpa81)) (&& (== netcoreapp2.1) (< netstandard1.2)) (&& (== netcoreapp2.1) (< netstandard1.3)) (&& (== netcoreapp2.1) (< netstandard1.4)) (&& (== netcoreapp2.1) (< netstandard1.5)) (&& (== netcoreapp2.1) (< netstandard1.6)) (&& (== netcoreapp2.1) (< netstandard2.0)) (&& (== netcoreapp2.1) (< portable-net45+win8+wpa81)) (== netstandard1.6) (&& (== netstandard2.0) (< netstandard1.2)) (&& (== netstandard2.0) (< netstandard1.3)) (&& (== netstandard2.0) (< netstandard1.4)) (&& (== netstandard2.0) (< netstandard1.5)) (&& (== netstandard2.0) (< netstandard1.6)) (&& (== netstandard2.0) (< portable-net45+win8+wpa81))
      System.Runtime.Extensions (>= 4.3) - restriction: || (&& (== net462) (< net45)) (&& (== net462) (< netstandard1.5) (>= uap10.0)) (&& (== net462) (< portable-net45+win8+wpa81)) (&& (== net6.0) (< netstandard1.2)) (&& (== net6.0) (< netstandard1.3)) (&& (== net6.0) (< netstandard1.4)) (&& (== net6.0) (< netstandard1.5)) (&& (== net6.0) (< netstandard1.6)) (&& (== net6.0) (< netstandard2.0)) (&& (== net6.0) (< portable-net45+win8+wpa81)) (&& (== netcoreapp2.1) (< netstandard1.2)) (&& (== netcoreapp2.1) (< netstandard1.3)) (&& (== netcoreapp2.1) (< netstandard1.4)) (&& (== netcoreapp2.1) (< netstandard1.5)) (&& (== netcoreapp2.1) (< netstandard1.6)) (&& (== netcoreapp2.1) (< netstandard2.0)) (&& (== netcoreapp2.1) (< portable-net45+win8+wpa81)) (== netstandard1.6) (&& (== netstandard2.0) (< netstandard1.2)) (&& (== netstandard2.0) (< netstandard1.3)) (&& (== netstandard2.0) (< netstandard1.4)) (&& (== netstandard2.0) (< netstandard1.5)) (&& (== netstandard2.0) (< netstandard1.6)) (&& (== netstandard2.0) (< portable-net45+win8+wpa81))
      System.Runtime.Handles (>= 4.3) - restriction: || (&& (== net462) (< net45)) (&& (== net462) (< netstandard1.5) (>= uap10.0)) (&& (== net6.0) (< netstandard1.4)) (&& (== net6.0) (< netstandard1.5)) (&& (== net6.0) (< netstandard1.6)) (&& (== net6.0) (< netstandard2.0)) (&& (== netcoreapp2.1) (< netstandard1.4)) (&& (== netcoreapp2.1) (< netstandard1.5)) (&& (== netcoreapp2.1) (< netstandard1.6)) (&& (== netcoreapp2.1) (< netstandard2.0)) (== netstandard1.6) (&& (== netstandard2.0) (< netstandard1.4)) (&& (== netstandard2.0) (< netstandard1.5)) (&& (== netstandard2.0) (< netstandard1.6))
      System.Runtime.InteropServices (>= 4.3) - restriction: || (&& (== net462) (< net45)) (&& (== net462) (< netstandard1.5) (>= uap10.0)) (&& (== net6.0) (< netstandard1.2)) (&& (== net6.0) (< netstandard1.3)) (&& (== net6.0) (< netstandard1.4)) (&& (== net6.0) (< netstandard1.5)) (&& (== net6.0) (< netstandard1.6)) (&& (== net6.0) (< netstandard2.0)) (&& (== netcoreapp2.1) (< netstandard1.2)) (&& (== netcoreapp2.1) (< netstandard1.3)) (&& (== netcoreapp2.1) (< netstandard1.4)) (&& (== netcoreapp2.1) (< netstandard1.5)) (&& (== netcoreapp2.1) (< netstandard1.6)) (&& (== netcoreapp2.1) (< netstandard2.0)) (== netstandard1.6) (&& (== netstandard2.0) (< netstandard1.2)) (&& (== netstandard2.0) (< netstandard1.3)) (&& (== netstandard2.0) (< netstandard1.4)) (&& (== netstandard2.0) (< netstandard1.5)) (&& (== netstandard2.0) (< netstandard1.6))
      System.Runtime.InteropServices.RuntimeInformation (>= 4.3) - restriction: || (&& (== net462) (< net45)) (&& (== net462) (< netstandard1.0)) (&& (== net462) (< netstandard1.3)) (&& (== net462) (< netstandard1.4)) (&& (== net462) (< netstandard1.5) (>= uap10.0)) (&& (== net6.0) (< netstandard1.0)) (&& (== net6.0) (< netstandard1.2)) (&& (== net6.0) (< netstandard1.3)) (&& (== net6.0) (< netstandard1.4)) (&& (== net6.0) (< netstandard1.5)) (&& (== net6.0) (< netstandard1.6)) (&& (== net6.0) (< netstandard2.0)) (&& (== netcoreapp2.1) (< netstandard1.0)) (&& (== netcoreapp2.1) (< netstandard1.2)) (&& (== netcoreapp2.1) (< netstandard1.3)) (&& (== netcoreapp2.1) (< netstandard1.4)) (&& (== netcoreapp2.1) (< netstandard1.5)) (&& (== netcoreapp2.1) (< netstandard1.6)) (&& (== netcoreapp2.1) (< netstandard2.0)) (== netstandard1.6) (&& (== netstandard2.0) (< netstandard1.0)) (&& (== netstandard2.0) (< netstandard1.2)) (&& (== netstandard2.0) (< netstandard1.3)) (&& (== netstandard2.0) (< netstandard1.4)) (&& (== netstandard2.0) (< netstandard1.5)) (&& (== netstandard2.0) (< netstandard1.6))
      System.Runtime.Numerics (>= 4.3) - restriction: || (&& (== net462) (< net45)) (&& (== net462) (< netstandard1.5) (>= uap10.0)) (&& (== net6.0) (< netstandard1.2)) (&& (== net6.0) (< netstandard1.3)) (&& (== net6.0) (< netstandard1.4)) (&& (== net6.0) (< netstandard1.5)) (&& (== net6.0) (< netstandard1.6)) (&& (== net6.0) (< netstandard2.0)) (&& (== netcoreapp2.1) (< netstandard1.2)) (&& (== netcoreapp2.1) (< netstandard1.3)) (&& (== netcoreapp2.1) (< netstandard1.4)) (&& (== netcoreapp2.1) (< netstandard1.5)) (&& (== netcoreapp2.1) (< netstandard1.6)) (&& (== netcoreapp2.1) (< netstandard2.0)) (== netstandard1.6) (&& (== netstandard2.0) (< netstandard1.2)) (&& (== netstandard2.0) (< netstandard1.3)) (&& (== netstandard2.0) (< netstandard1.4)) (&& (== netstandard2.0) (< netstandard1.5)) (&& (== netstandard2.0) (< netstandard1.6))
      System.Security.Cryptography.Algorithms (>= 4.3) - restriction: || (&& (== net462) (< net45)) (&& (== net462) (< netstandard1.4)) (&& (== net462) (< netstandard1.5) (>= uap10.0)) (&& (== net6.0) (< netstandard1.4)) (&& (== net6.0) (< netstandard1.5)) (&& (== net6.0) (< netstandard1.6)) (&& (== net6.0) (< netstandard2.0)) (&& (== netcoreapp2.1) (< netstandard1.4)) (&& (== netcoreapp2.1) (< netstandard1.5)) (&& (== netcoreapp2.1) (< netstandard1.6)) (&& (== netcoreapp2.1) (< netstandard2.0)) (== netstandard1.6) (&& (== netstandard2.0) (< netstandard1.4)) (&& (== netstandard2.0) (< netstandard1.5)) (&& (== netstandard2.0) (< netstandard1.6))
      System.Security.Cryptography.Encoding (>= 4.3) - restriction: || (&& (== net462) (< net45)) (&& (== net462) (< netstandard1.4)) (&& (== net462) (< netstandard1.5) (>= uap10.0)) (&& (== net6.0) (< netstandard1.4)) (&& (== net6.0) (< netstandard1.5)) (&& (== net6.0) (< netstandard1.6)) (&& (== net6.0) (< netstandard2.0)) (&& (== netcoreapp2.1) (< netstandard1.4)) (&& (== netcoreapp2.1) (< netstandard1.5)) (&& (== netcoreapp2.1) (< netstandard1.6)) (&& (== netcoreapp2.1) (< netstandard2.0)) (== netstandard1.6) (&& (== netstandard2.0) (< netstandard1.4)) (&& (== netstandard2.0) (< netstandard1.5)) (&& (== netstandard2.0) (< netstandard1.6))
      System.Security.Cryptography.Primitives (>= 4.3) - restriction: || (&& (== net462) (< net45)) (&& (== net462) (< netstandard1.4)) (&& (== net462) (< netstandard1.5) (>= uap10.0)) (&& (== net6.0) (< netstandard1.4)) (&& (== net6.0) (< netstandard1.5)) (&& (== net6.0) (< netstandard1.6)) (&& (== net6.0) (< netstandard2.0)) (&& (== netcoreapp2.1) (< netstandard1.4)) (&& (== netcoreapp2.1) (< netstandard1.5)) (&& (== netcoreapp2.1) (< netstandard1.6)) (&& (== netcoreapp2.1) (< netstandard2.0)) (== netstandard1.6) (&& (== netstandard2.0) (< netstandard1.4)) (&& (== netstandard2.0) (< netstandard1.5)) (&& (== netstandard2.0) (< netstandard1.6))
      System.Security.Cryptography.X509Certificates (>= 4.3) - restriction: || (&& (== net462) (< net45)) (&& (== net462) (< netstandard1.4)) (&& (== net462) (< netstandard1.5) (>= uap10.0)) (&& (== net6.0) (< netstandard1.4)) (&& (== net6.0) (< netstandard1.5)) (&& (== net6.0) (< netstandard1.6)) (&& (== net6.0) (< netstandard2.0)) (&& (== netcoreapp2.1) (< netstandard1.4)) (&& (== netcoreapp2.1) (< netstandard1.5)) (&& (== netcoreapp2.1) (< netstandard1.6)) (&& (== netcoreapp2.1) (< netstandard2.0)) (== netstandard1.6) (&& (== netstandard2.0) (< netstandard1.4)) (&& (== netstandard2.0) (< netstandard1.5)) (&& (== netstandard2.0) (< netstandard1.6))
      System.Text.Encoding (>= 4.3) - restriction: || (&& (== net462) (< net45)) (&& (== net462) (< netstandard1.5) (>= uap10.0)) (&& (== net462) (< portable-net45+win8+wpa81)) (&& (== net6.0) (< netstandard1.2)) (&& (== net6.0) (< netstandard1.3)) (&& (== net6.0) (< netstandard1.4)) (&& (== net6.0) (< netstandard1.5)) (&& (== net6.0) (< netstandard1.6)) (&& (== net6.0) (< netstandard2.0)) (&& (== net6.0) (< portable-net45+win8+wpa81)) (&& (== netcoreapp2.1) (< netstandard1.2)) (&& (== netcoreapp2.1) (< netstandard1.3)) (&& (== netcoreapp2.1) (< netstandard1.4)) (&& (== netcoreapp2.1) (< netstandard1.5)) (&& (== netcoreapp2.1) (< netstandard1.6)) (&& (== netcoreapp2.1) (< netstandard2.0)) (&& (== netcoreapp2.1) (< portable-net45+win8+wpa81)) (== netstandard1.6) (&& (== netstandard2.0) (< netstandard1.2)) (&& (== netstandard2.0) (< netstandard1.3)) (&& (== netstandard2.0) (< netstandard1.4)) (&& (== netstandard2.0) (< netstandard1.5)) (&& (== netstandard2.0) (< netstandard1.6)) (&& (== netstandard2.0) (< portable-net45+win8+wpa81))
      System.Text.Encoding.Extensions (>= 4.3) - restriction: || (&& (== net462) (< net45)) (&& (== net462) (< netstandard1.5) (>= uap10.0)) (&& (== net462) (< portable-net45+win8+wpa81)) (&& (== net6.0) (< netstandard1.2)) (&& (== net6.0) (< netstandard1.3)) (&& (== net6.0) (< netstandard1.4)) (&& (== net6.0) (< netstandard1.5)) (&& (== net6.0) (< netstandard1.6)) (&& (== net6.0) (< netstandard2.0)) (&& (== net6.0) (< portable-net45+win8+wpa81)) (&& (== netcoreapp2.1) (< netstandard1.2)) (&& (== netcoreapp2.1) (< netstandard1.3)) (&& (== netcoreapp2.1) (< netstandard1.4)) (&& (== netcoreapp2.1) (< netstandard1.5)) (&& (== netcoreapp2.1) (< netstandard1.6)) (&& (== netcoreapp2.1) (< netstandard2.0)) (&& (== netcoreapp2.1) (< portable-net45+win8+wpa81)) (== netstandard1.6) (&& (== netstandard2.0) (< netstandard1.2)) (&& (== netstandard2.0) (< netstandard1.3)) (&& (== netstandard2.0) (< netstandard1.4)) (&& (== netstandard2.0) (< netstandard1.5)) (&& (== netstandard2.0) (< netstandard1.6)) (&& (== netstandard2.0) (< portable-net45+win8+wpa81))
      System.Text.RegularExpressions (>= 4.3) - restriction: || (&& (== net462) (< net45)) (&& (== net462) (< netstandard1.5) (>= uap10.0)) (&& (== net462) (< portable-net45+win8+wpa81)) (&& (== net6.0) (< netstandard1.2)) (&& (== net6.0) (< netstandard1.3)) (&& (== net6.0) (< netstandard1.4)) (&& (== net6.0) (< netstandard1.5)) (&& (== net6.0) (< netstandard1.6)) (&& (== net6.0) (< netstandard2.0)) (&& (== net6.0) (< portable-net45+win8+wpa81)) (&& (== netcoreapp2.1) (< netstandard1.2)) (&& (== netcoreapp2.1) (< netstandard1.3)) (&& (== netcoreapp2.1) (< netstandard1.4)) (&& (== netcoreapp2.1) (< netstandard1.5)) (&& (== netcoreapp2.1) (< netstandard1.6)) (&& (== netcoreapp2.1) (< netstandard2.0)) (&& (== netcoreapp2.1) (< portable-net45+win8+wpa81)) (== netstandard1.6) (&& (== netstandard2.0) (< netstandard1.2)) (&& (== netstandard2.0) (< netstandard1.3)) (&& (== netstandard2.0) (< netstandard1.4)) (&& (== netstandard2.0) (< netstandard1.5)) (&& (== netstandard2.0) (< netstandard1.6)) (&& (== netstandard2.0) (< portable-net45+win8+wpa81))
      System.Threading (>= 4.3) - restriction: || (&& (== net462) (< net45)) (&& (== net462) (< netstandard1.5) (>= uap10.0)) (&& (== net462) (< portable-net45+win8+wpa81)) (&& (== net6.0) (< netstandard1.2)) (&& (== net6.0) (< netstandard1.3)) (&& (== net6.0) (< netstandard1.4)) (&& (== net6.0) (< netstandard1.5)) (&& (== net6.0) (< netstandard1.6)) (&& (== net6.0) (< netstandard2.0)) (&& (== net6.0) (< portable-net45+win8+wpa81)) (&& (== netcoreapp2.1) (< netstandard1.2)) (&& (== netcoreapp2.1) (< netstandard1.3)) (&& (== netcoreapp2.1) (< netstandard1.4)) (&& (== netcoreapp2.1) (< netstandard1.5)) (&& (== netcoreapp2.1) (< netstandard1.6)) (&& (== netcoreapp2.1) (< netstandard2.0)) (&& (== netcoreapp2.1) (< portable-net45+win8+wpa81)) (== netstandard1.6) (&& (== netstandard2.0) (< netstandard1.2)) (&& (== netstandard2.0) (< netstandard1.3)) (&& (== netstandard2.0) (< netstandard1.4)) (&& (== netstandard2.0) (< netstandard1.5)) (&& (== netstandard2.0) (< netstandard1.6)) (&& (== netstandard2.0) (< portable-net45+win8+wpa81))
      System.Threading.Tasks (>= 4.3) - restriction: || (&& (== net462) (< net45)) (&& (== net462) (< netstandard1.5) (>= uap10.0)) (&& (== net462) (< portable-net45+win8+wpa81)) (&& (== net6.0) (< netstandard1.2)) (&& (== net6.0) (< netstandard1.3)) (&& (== net6.0) (< netstandard1.4)) (&& (== net6.0) (< netstandard1.5)) (&& (== net6.0) (< netstandard1.6)) (&& (== net6.0) (< netstandard2.0)) (&& (== net6.0) (< portable-net45+win8+wpa81)) (&& (== netcoreapp2.1) (< netstandard1.2)) (&& (== netcoreapp2.1) (< netstandard1.3)) (&& (== netcoreapp2.1) (< netstandard1.4)) (&& (== netcoreapp2.1) (< netstandard1.5)) (&& (== netcoreapp2.1) (< netstandard1.6)) (&& (== netcoreapp2.1) (< netstandard2.0)) (&& (== netcoreapp2.1) (< portable-net45+win8+wpa81)) (== netstandard1.6) (&& (== netstandard2.0) (< netstandard1.2)) (&& (== netstandard2.0) (< netstandard1.3)) (&& (== netstandard2.0) (< netstandard1.4)) (&& (== netstandard2.0) (< netstandard1.5)) (&& (== netstandard2.0) (< netstandard1.6)) (&& (== netstandard2.0) (< portable-net45+win8+wpa81))
      System.Threading.Timer (>= 4.3) - restriction: || (&& (== net462) (< net45)) (&& (== net462) (< netstandard1.5) (>= uap10.0)) (&& (== net6.0) (< netstandard1.3)) (&& (== net6.0) (< netstandard1.4)) (&& (== net6.0) (< netstandard1.5)) (&& (== net6.0) (< netstandard1.6)) (&& (== net6.0) (< netstandard2.0)) (&& (== netcoreapp2.1) (< netstandard1.3)) (&& (== netcoreapp2.1) (< netstandard1.4)) (&& (== netcoreapp2.1) (< netstandard1.5)) (&& (== netcoreapp2.1) (< netstandard1.6)) (&& (== netcoreapp2.1) (< netstandard2.0)) (== netstandard1.6) (&& (== netstandard2.0) (< netstandard1.3)) (&& (== netstandard2.0) (< netstandard1.4)) (&& (== netstandard2.0) (< netstandard1.5)) (&& (== netstandard2.0) (< netstandard1.6))
      System.Xml.ReaderWriter (>= 4.3) - restriction: || (&& (== net462) (< net45)) (&& (== net462) (< netstandard1.4)) (&& (== net462) (< netstandard1.5) (>= uap10.0)) (&& (== net462) (< portable-net45+win8+wpa81)) (&& (== net6.0) (< netstandard1.2)) (&& (== net6.0) (< netstandard1.3)) (&& (== net6.0) (< netstandard1.4)) (&& (== net6.0) (< netstandard1.5)) (&& (== net6.0) (< netstandard1.6)) (&& (== net6.0) (< netstandard2.0)) (&& (== net6.0) (< portable-net45+win8+wpa81)) (&& (== netcoreapp2.1) (< netstandard1.2)) (&& (== netcoreapp2.1) (< netstandard1.3)) (&& (== netcoreapp2.1) (< netstandard1.4)) (&& (== netcoreapp2.1) (< netstandard1.5)) (&& (== netcoreapp2.1) (< netstandard1.6)) (&& (== netcoreapp2.1) (< netstandard2.0)) (&& (== netcoreapp2.1) (< portable-net45+win8+wpa81)) (== netstandard1.6) (&& (== netstandard2.0) (< netstandard1.2)) (&& (== netstandard2.0) (< netstandard1.3)) (&& (== netstandard2.0) (< netstandard1.4)) (&& (== netstandard2.0) (< netstandard1.5)) (&& (== netstandard2.0) (< netstandard1.6)) (&& (== netstandard2.0) (< portable-net45+win8+wpa81))
      System.Xml.XDocument (>= 4.3) - restriction: || (&& (== net462) (< net45)) (&& (== net462) (< netstandard1.5) (>= uap10.0)) (&& (== net462) (< portable-net45+win8+wpa81)) (&& (== net6.0) (< netstandard1.2)) (&& (== net6.0) (< netstandard1.3)) (&& (== net6.0) (< netstandard1.4)) (&& (== net6.0) (< netstandard1.5)) (&& (== net6.0) (< netstandard1.6)) (&& (== net6.0) (< netstandard2.0)) (&& (== net6.0) (< portable-net45+win8+wpa81)) (&& (== netcoreapp2.1) (< netstandard1.2)) (&& (== netcoreapp2.1) (< netstandard1.3)) (&& (== netcoreapp2.1) (< netstandard1.4)) (&& (== netcoreapp2.1) (< netstandard1.5)) (&& (== netcoreapp2.1) (< netstandard1.6)) (&& (== netcoreapp2.1) (< netstandard2.0)) (&& (== netcoreapp2.1) (< portable-net45+win8+wpa81)) (== netstandard1.6) (&& (== netstandard2.0) (< netstandard1.2)) (&& (== netstandard2.0) (< netstandard1.3)) (&& (== netstandard2.0) (< netstandard1.4)) (&& (== netstandard2.0) (< netstandard1.5)) (&& (== netstandard2.0) (< netstandard1.6)) (&& (== netstandard2.0) (< portable-net45+win8+wpa81))
    Newtonsoft.Json (13.0.1) - restriction: || (&& (== net462) (>= netcoreapp1.0)) (== net6.0) (== netcoreapp2.1) (&& (== netstandard1.6) (>= netcoreapp1.0)) (&& (== netstandard2.0) (>= netcoreapp1.0))
    NuGet.Frameworks (6.3) - restriction: || (&& (== net462) (>= netcoreapp1.0)) (&& (== net462) (>= netcoreapp2.1)) (== net6.0) (== netcoreapp2.1) (&& (== netstandard1.6) (>= net45) (>= netcoreapp1.0) (< netstandard1.3)) (&& (== netstandard1.6) (>= net451) (>= netcoreapp1.0)) (&& (== netstandard1.6) (>= netcoreapp1.0) (>= netstandard2.0)) (&& (== netstandard1.6) (>= netcoreapp2.1)) (&& (== netstandard2.0) (>= netcoreapp1.0)) (&& (== netstandard2.0) (>= netcoreapp2.1))
    Perfolizer (0.2.1) - restriction: || (&& (== net462) (>= netstandard2.0)) (== net6.0) (== netcoreapp2.1) (&& (== netstandard1.6) (>= netstandard2.0)) (== netstandard2.0)
      System.Memory (>= 4.5.3) - restriction: || (&& (== net462) (>= netstandard2.0)) (== net6.0) (== netcoreapp2.1) (&& (== netstandard1.6) (>= netstandard2.0)) (== netstandard2.0)
    runtime.debian.8-x64.runtime.native.System.Security.Cryptography.OpenSsl (4.3.3) - restriction: || (&& (== net462) (== net6.0)) (&& (== net462) (== netcoreapp2.1)) (&& (== net462) (== netstandard2.0)) (&& (== net462) (< net45) (>= netstandard1.6)) (&& (== net462) (< netstandard1.5) (>= netstandard1.6) (>= uap10.0)) (&& (== net6.0) (< netstandard1.2)) (&& (== net6.0) (< netstandard1.3)) (&& (== net6.0) (< netstandard1.4)) (&& (== net6.0) (< netstandard1.5)) (&& (== net6.0) (< netstandard1.6)) (&& (== net6.0) (< netstandard2.0)) (&& (== netcoreapp2.1) (< netstandard1.2)) (&& (== netcoreapp2.1) (< netstandard1.3)) (&& (== netcoreapp2.1) (< netstandard1.4)) (&& (== netcoreapp2.1) (< netstandard1.5)) (&& (== netcoreapp2.1) (< netstandard1.6)) (&& (== netcoreapp2.1) (< netstandard2.0)) (== netstandard1.6)
    runtime.debian.9-x64.runtime.native.System.Security.Cryptography.OpenSsl (4.3.3) - restriction: || (&& (== net462) (== net6.0)) (&& (== net462) (== netcoreapp2.1)) (&& (== net462) (== netstandard2.0)) (&& (== net462) (< net45) (>= netstandard1.6)) (&& (== net462) (< netstandard1.5) (>= netstandard1.6) (>= uap10.0)) (&& (== net6.0) (< netstandard1.2)) (&& (== net6.0) (< netstandard1.3)) (&& (== net6.0) (< netstandard1.4)) (&& (== net6.0) (< netstandard1.5)) (&& (== net6.0) (< netstandard1.6)) (&& (== net6.0) (< netstandard2.0)) (&& (== netcoreapp2.1) (< netstandard1.2)) (&& (== netcoreapp2.1) (< netstandard1.3)) (&& (== netcoreapp2.1) (< netstandard1.4)) (&& (== netcoreapp2.1) (< netstandard1.5)) (&& (== netcoreapp2.1) (< netstandard1.6)) (&& (== netcoreapp2.1) (< netstandard2.0)) (== netstandard1.6)
    runtime.fedora.23-x64.runtime.native.System.Security.Cryptography.OpenSsl (4.3.3) - restriction: || (&& (== net462) (== net6.0)) (&& (== net462) (== netcoreapp2.1)) (&& (== net462) (== netstandard2.0)) (&& (== net462) (< net45) (>= netstandard1.6)) (&& (== net462) (< netstandard1.5) (>= netstandard1.6) (>= uap10.0)) (&& (== net6.0) (< netstandard1.2)) (&& (== net6.0) (< netstandard1.3)) (&& (== net6.0) (< netstandard1.4)) (&& (== net6.0) (< netstandard1.5)) (&& (== net6.0) (< netstandard1.6)) (&& (== net6.0) (< netstandard2.0)) (&& (== netcoreapp2.1) (< netstandard1.2)) (&& (== netcoreapp2.1) (< netstandard1.3)) (&& (== netcoreapp2.1) (< netstandard1.4)) (&& (== netcoreapp2.1) (< netstandard1.5)) (&& (== netcoreapp2.1) (< netstandard1.6)) (&& (== netcoreapp2.1) (< netstandard2.0)) (== netstandard1.6)
    runtime.fedora.24-x64.runtime.native.System.Security.Cryptography.OpenSsl (4.3.3) - restriction: || (&& (== net462) (== net6.0)) (&& (== net462) (== netcoreapp2.1)) (&& (== net462) (== netstandard2.0)) (&& (== net462) (< net45) (>= netstandard1.6)) (&& (== net462) (< netstandard1.5) (>= netstandard1.6) (>= uap10.0)) (&& (== net6.0) (< netstandard1.2)) (&& (== net6.0) (< netstandard1.3)) (&& (== net6.0) (< netstandard1.4)) (&& (== net6.0) (< netstandard1.5)) (&& (== net6.0) (< netstandard1.6)) (&& (== net6.0) (< netstandard2.0)) (&& (== netcoreapp2.1) (< netstandard1.2)) (&& (== netcoreapp2.1) (< netstandard1.3)) (&& (== netcoreapp2.1) (< netstandard1.4)) (&& (== netcoreapp2.1) (< netstandard1.5)) (&& (== netcoreapp2.1) (< netstandard1.6)) (&& (== netcoreapp2.1) (< netstandard2.0)) (== netstandard1.6)
    runtime.fedora.27-x64.runtime.native.System.Security.Cryptography.OpenSsl (4.3.3) - restriction: || (&& (== net462) (== net6.0)) (&& (== net462) (== netcoreapp2.1)) (&& (== net462) (== netstandard2.0)) (&& (== net462) (< net45) (>= netstandard1.6)) (&& (== net462) (< netstandard1.5) (>= netstandard1.6) (>= uap10.0)) (&& (== net6.0) (< netstandard1.2)) (&& (== net6.0) (< netstandard1.3)) (&& (== net6.0) (< netstandard1.4)) (&& (== net6.0) (< netstandard1.5)) (&& (== net6.0) (< netstandard1.6)) (&& (== net6.0) (< netstandard2.0)) (&& (== netcoreapp2.1) (< netstandard1.2)) (&& (== netcoreapp2.1) (< netstandard1.3)) (&& (== netcoreapp2.1) (< netstandard1.4)) (&& (== netcoreapp2.1) (< netstandard1.5)) (&& (== netcoreapp2.1) (< netstandard1.6)) (&& (== netcoreapp2.1) (< netstandard2.0)) (== netstandard1.6)
    runtime.fedora.28-x64.runtime.native.System.Security.Cryptography.OpenSsl (4.3.3) - restriction: || (&& (== net462) (== net6.0)) (&& (== net462) (== netcoreapp2.1)) (&& (== net462) (== netstandard2.0)) (&& (== net462) (< net45) (>= netstandard1.6)) (&& (== net462) (< netstandard1.5) (>= netstandard1.6) (>= uap10.0)) (&& (== net6.0) (< netstandard1.2)) (&& (== net6.0) (< netstandard1.3)) (&& (== net6.0) (< netstandard1.4)) (&& (== net6.0) (< netstandard1.5)) (&& (== net6.0) (< netstandard1.6)) (&& (== net6.0) (< netstandard2.0)) (&& (== netcoreapp2.1) (< netstandard1.2)) (&& (== netcoreapp2.1) (< netstandard1.3)) (&& (== netcoreapp2.1) (< netstandard1.4)) (&& (== netcoreapp2.1) (< netstandard1.5)) (&& (== netcoreapp2.1) (< netstandard1.6)) (&& (== netcoreapp2.1) (< netstandard2.0)) (== netstandard1.6)
    runtime.native.System (4.3.1) - restriction: || (&& (== net462) (== net6.0)) (&& (== net462) (== netcoreapp2.1)) (&& (== net462) (== netstandard2.0)) (&& (== net462) (< net45) (>= netstandard1.6)) (&& (== net462) (< netstandard1.5) (>= netstandard1.6) (>= uap10.0)) (&& (== net6.0) (< netstandard1.2)) (&& (== net6.0) (< netstandard1.3)) (&& (== net6.0) (< netstandard1.4)) (&& (== net6.0) (< netstandard1.5)) (&& (== net6.0) (< netstandard1.6)) (&& (== net6.0) (< netstandard2.0)) (&& (== netcoreapp2.1) (< netstandard1.2)) (&& (== netcoreapp2.1) (< netstandard1.3)) (&& (== netcoreapp2.1) (< netstandard1.4)) (&& (== netcoreapp2.1) (< netstandard1.5)) (&& (== netcoreapp2.1) (< netstandard1.6)) (&& (== netcoreapp2.1) (< netstandard2.0)) (== netstandard1.6)
      Microsoft.NETCore.Platforms (>= 1.1.1)
      Microsoft.NETCore.Targets (>= 1.1.3)
    runtime.native.System.IO.Compression (4.3.2) - restriction: || (&& (== net462) (== net6.0)) (&& (== net462) (== netcoreapp2.1)) (&& (== net462) (== netstandard2.0)) (&& (== net462) (< net45)) (&& (== net462) (< netstandard1.5) (>= uap10.0)) (&& (== net6.0) (< netstandard1.2)) (&& (== net6.0) (< netstandard1.3)) (&& (== net6.0) (< netstandard1.4)) (&& (== net6.0) (< netstandard1.5)) (&& (== net6.0) (< netstandard1.6)) (&& (== net6.0) (< netstandard2.0)) (&& (== netcoreapp2.1) (< netstandard1.2)) (&& (== netcoreapp2.1) (< netstandard1.3)) (&& (== netcoreapp2.1) (< netstandard1.4)) (&& (== netcoreapp2.1) (< netstandard1.5)) (&& (== netcoreapp2.1) (< netstandard1.6)) (&& (== netcoreapp2.1) (< netstandard2.0)) (== netstandard1.6)
      Microsoft.NETCore.Platforms (>= 1.1.1)
      Microsoft.NETCore.Targets (>= 1.1.3)
    runtime.native.System.Net.Http (4.3.1) - restriction: || (&& (== net462) (== net6.0)) (&& (== net462) (== netcoreapp2.1)) (&& (== net462) (== netstandard2.0)) (&& (== net462) (< net45) (>= netstandard1.6)) (&& (== net462) (< netstandard1.5) (>= netstandard1.6) (>= uap10.0)) (&& (== net6.0) (< netstandard1.2)) (&& (== net6.0) (< netstandard1.3)) (&& (== net6.0) (< netstandard1.4)) (&& (== net6.0) (< netstandard1.5)) (&& (== net6.0) (< netstandard1.6)) (&& (== net6.0) (< netstandard2.0)) (&& (== netcoreapp2.1) (< netstandard1.2)) (&& (== netcoreapp2.1) (< netstandard1.3)) (&& (== netcoreapp2.1) (< netstandard1.4)) (&& (== netcoreapp2.1) (< netstandard1.5)) (&& (== netcoreapp2.1) (< netstandard1.6)) (&& (== netcoreapp2.1) (< netstandard2.0)) (== netstandard1.6)
      Microsoft.NETCore.Platforms (>= 1.1.1)
      Microsoft.NETCore.Targets (>= 1.1.3)
    runtime.native.System.Security.Cryptography.Apple (4.3.1) - restriction: || (&& (== net462) (== net6.0)) (&& (== net462) (== netcoreapp2.1)) (&& (== net462) (== netstandard2.0)) (&& (== net462) (< net45) (>= netstandard1.6)) (&& (== net462) (< netstandard1.5) (>= netstandard1.6) (>= uap10.0)) (&& (== net6.0) (< netstandard1.4)) (&& (== net6.0) (< netstandard1.5)) (&& (== net6.0) (< netstandard1.6)) (&& (== net6.0) (< netstandard2.0)) (&& (== netcoreapp2.1) (< netstandard1.4)) (&& (== netcoreapp2.1) (< netstandard1.5)) (&& (== netcoreapp2.1) (< netstandard1.6)) (&& (== netcoreapp2.1) (< netstandard2.0)) (== netstandard1.6)
      runtime.osx.10.10-x64.runtime.native.System.Security.Cryptography.Apple (>= 4.3.1)
    runtime.native.System.Security.Cryptography.OpenSsl (4.3.3) - restriction: || (&& (== net462) (== net6.0)) (&& (== net462) (== netcoreapp2.1)) (&& (== net462) (== netstandard2.0)) (&& (== net462) (< net45) (>= netstandard1.6)) (&& (== net462) (< netstandard1.5) (>= netstandard1.6) (>= uap10.0)) (&& (== net6.0) (< netstandard1.2)) (&& (== net6.0) (< netstandard1.3)) (&& (== net6.0) (< netstandard1.4)) (&& (== net6.0) (< netstandard1.5)) (&& (== net6.0) (< netstandard1.6)) (&& (== net6.0) (< netstandard2.0)) (&& (== netcoreapp2.1) (< netstandard1.2)) (&& (== netcoreapp2.1) (< netstandard1.3)) (&& (== netcoreapp2.1) (< netstandard1.4)) (&& (== netcoreapp2.1) (< netstandard1.5)) (&& (== netcoreapp2.1) (< netstandard1.6)) (&& (== netcoreapp2.1) (< netstandard2.0)) (== netstandard1.6)
      runtime.debian.8-x64.runtime.native.System.Security.Cryptography.OpenSsl (>= 4.3.3)
      runtime.debian.9-x64.runtime.native.System.Security.Cryptography.OpenSsl (>= 4.3.3)
      runtime.fedora.23-x64.runtime.native.System.Security.Cryptography.OpenSsl (>= 4.3.3)
      runtime.fedora.24-x64.runtime.native.System.Security.Cryptography.OpenSsl (>= 4.3.3)
      runtime.fedora.27-x64.runtime.native.System.Security.Cryptography.OpenSsl (>= 4.3.3)
      runtime.fedora.28-x64.runtime.native.System.Security.Cryptography.OpenSsl (>= 4.3.3)
      runtime.opensuse.13.2-x64.runtime.native.System.Security.Cryptography.OpenSsl (>= 4.3.3)
      runtime.opensuse.42.1-x64.runtime.native.System.Security.Cryptography.OpenSsl (>= 4.3.3)
      runtime.opensuse.42.3-x64.runtime.native.System.Security.Cryptography.OpenSsl (>= 4.3.3)
      runtime.osx.10.10-x64.runtime.native.System.Security.Cryptography.OpenSsl (>= 4.3.3)
      runtime.rhel.7-x64.runtime.native.System.Security.Cryptography.OpenSsl (>= 4.3.3)
      runtime.ubuntu.14.04-x64.runtime.native.System.Security.Cryptography.OpenSsl (>= 4.3.3)
      runtime.ubuntu.16.04-x64.runtime.native.System.Security.Cryptography.OpenSsl (>= 4.3.3)
      runtime.ubuntu.16.10-x64.runtime.native.System.Security.Cryptography.OpenSsl (>= 4.3.3)
      runtime.ubuntu.18.04-x64.runtime.native.System.Security.Cryptography.OpenSsl (>= 4.3.3)
    runtime.opensuse.13.2-x64.runtime.native.System.Security.Cryptography.OpenSsl (4.3.3) - restriction: || (&& (== net462) (== net6.0)) (&& (== net462) (== netcoreapp2.1)) (&& (== net462) (== netstandard2.0)) (&& (== net462) (< net45) (>= netstandard1.6)) (&& (== net462) (< netstandard1.5) (>= netstandard1.6) (>= uap10.0)) (&& (== net6.0) (< netstandard1.2)) (&& (== net6.0) (< netstandard1.3)) (&& (== net6.0) (< netstandard1.4)) (&& (== net6.0) (< netstandard1.5)) (&& (== net6.0) (< netstandard1.6)) (&& (== net6.0) (< netstandard2.0)) (&& (== netcoreapp2.1) (< netstandard1.2)) (&& (== netcoreapp2.1) (< netstandard1.3)) (&& (== netcoreapp2.1) (< netstandard1.4)) (&& (== netcoreapp2.1) (< netstandard1.5)) (&& (== netcoreapp2.1) (< netstandard1.6)) (&& (== netcoreapp2.1) (< netstandard2.0)) (== netstandard1.6)
    runtime.opensuse.42.1-x64.runtime.native.System.Security.Cryptography.OpenSsl (4.3.3) - restriction: || (&& (== net462) (== net6.0)) (&& (== net462) (== netcoreapp2.1)) (&& (== net462) (== netstandard2.0)) (&& (== net462) (< net45) (>= netstandard1.6)) (&& (== net462) (< netstandard1.5) (>= netstandard1.6) (>= uap10.0)) (&& (== net6.0) (< netstandard1.2)) (&& (== net6.0) (< netstandard1.3)) (&& (== net6.0) (< netstandard1.4)) (&& (== net6.0) (< netstandard1.5)) (&& (== net6.0) (< netstandard1.6)) (&& (== net6.0) (< netstandard2.0)) (&& (== netcoreapp2.1) (< netstandard1.2)) (&& (== netcoreapp2.1) (< netstandard1.3)) (&& (== netcoreapp2.1) (< netstandard1.4)) (&& (== netcoreapp2.1) (< netstandard1.5)) (&& (== netcoreapp2.1) (< netstandard1.6)) (&& (== netcoreapp2.1) (< netstandard2.0)) (== netstandard1.6)
    runtime.opensuse.42.3-x64.runtime.native.System.Security.Cryptography.OpenSsl (4.3.3) - restriction: || (&& (== net462) (== net6.0)) (&& (== net462) (== netcoreapp2.1)) (&& (== net462) (== netstandard2.0)) (&& (== net462) (< net45) (>= netstandard1.6)) (&& (== net462) (< netstandard1.5) (>= netstandard1.6) (>= uap10.0)) (&& (== net6.0) (< netstandard1.2)) (&& (== net6.0) (< netstandard1.3)) (&& (== net6.0) (< netstandard1.4)) (&& (== net6.0) (< netstandard1.5)) (&& (== net6.0) (< netstandard1.6)) (&& (== net6.0) (< netstandard2.0)) (&& (== netcoreapp2.1) (< netstandard1.2)) (&& (== netcoreapp2.1) (< netstandard1.3)) (&& (== netcoreapp2.1) (< netstandard1.4)) (&& (== netcoreapp2.1) (< netstandard1.5)) (&& (== netcoreapp2.1) (< netstandard1.6)) (&& (== netcoreapp2.1) (< netstandard2.0)) (== netstandard1.6)
    runtime.osx.10.10-x64.runtime.native.System.Security.Cryptography.Apple (4.3.1) - restriction: || (&& (== net462) (== net6.0)) (&& (== net462) (== netcoreapp2.1)) (&& (== net462) (== netstandard2.0)) (&& (== net462) (< net45) (>= netstandard1.6)) (&& (== net462) (< netstandard1.5) (>= netstandard1.6) (>= uap10.0)) (&& (== net6.0) (< netstandard1.4)) (&& (== net6.0) (< netstandard1.5)) (&& (== net6.0) (< netstandard1.6)) (&& (== net6.0) (< netstandard2.0)) (&& (== netcoreapp2.1) (< netstandard1.4)) (&& (== netcoreapp2.1) (< netstandard1.5)) (&& (== netcoreapp2.1) (< netstandard1.6)) (&& (== netcoreapp2.1) (< netstandard2.0)) (== netstandard1.6)
    runtime.osx.10.10-x64.runtime.native.System.Security.Cryptography.OpenSsl (4.3.3) - restriction: || (&& (== net462) (== net6.0)) (&& (== net462) (== netcoreapp2.1)) (&& (== net462) (== netstandard2.0)) (&& (== net462) (< net45) (>= netstandard1.6)) (&& (== net462) (< netstandard1.5) (>= netstandard1.6) (>= uap10.0)) (&& (== net6.0) (< netstandard1.2)) (&& (== net6.0) (< netstandard1.3)) (&& (== net6.0) (< netstandard1.4)) (&& (== net6.0) (< netstandard1.5)) (&& (== net6.0) (< netstandard1.6)) (&& (== net6.0) (< netstandard2.0)) (&& (== netcoreapp2.1) (< netstandard1.2)) (&& (== netcoreapp2.1) (< netstandard1.3)) (&& (== netcoreapp2.1) (< netstandard1.4)) (&& (== netcoreapp2.1) (< netstandard1.5)) (&& (== netcoreapp2.1) (< netstandard1.6)) (&& (== netcoreapp2.1) (< netstandard2.0)) (== netstandard1.6)
    runtime.rhel.7-x64.runtime.native.System.Security.Cryptography.OpenSsl (4.3.3) - restriction: || (&& (== net462) (== net6.0)) (&& (== net462) (== netcoreapp2.1)) (&& (== net462) (== netstandard2.0)) (&& (== net462) (< net45) (>= netstandard1.6)) (&& (== net462) (< netstandard1.5) (>= netstandard1.6) (>= uap10.0)) (&& (== net6.0) (< netstandard1.2)) (&& (== net6.0) (< netstandard1.3)) (&& (== net6.0) (< netstandard1.4)) (&& (== net6.0) (< netstandard1.5)) (&& (== net6.0) (< netstandard1.6)) (&& (== net6.0) (< netstandard2.0)) (&& (== netcoreapp2.1) (< netstandard1.2)) (&& (== netcoreapp2.1) (< netstandard1.3)) (&& (== netcoreapp2.1) (< netstandard1.4)) (&& (== netcoreapp2.1) (< netstandard1.5)) (&& (== netcoreapp2.1) (< netstandard1.6)) (&& (== netcoreapp2.1) (< netstandard2.0)) (== netstandard1.6)
    runtime.ubuntu.14.04-x64.runtime.native.System.Security.Cryptography.OpenSsl (4.3.3) - restriction: || (&& (== net462) (== net6.0)) (&& (== net462) (== netcoreapp2.1)) (&& (== net462) (== netstandard2.0)) (&& (== net462) (< net45) (>= netstandard1.6)) (&& (== net462) (< netstandard1.5) (>= netstandard1.6) (>= uap10.0)) (&& (== net6.0) (< netstandard1.2)) (&& (== net6.0) (< netstandard1.3)) (&& (== net6.0) (< netstandard1.4)) (&& (== net6.0) (< netstandard1.5)) (&& (== net6.0) (< netstandard1.6)) (&& (== net6.0) (< netstandard2.0)) (&& (== netcoreapp2.1) (< netstandard1.2)) (&& (== netcoreapp2.1) (< netstandard1.3)) (&& (== netcoreapp2.1) (< netstandard1.4)) (&& (== netcoreapp2.1) (< netstandard1.5)) (&& (== netcoreapp2.1) (< netstandard1.6)) (&& (== netcoreapp2.1) (< netstandard2.0)) (== netstandard1.6)
    runtime.ubuntu.16.04-x64.runtime.native.System.Security.Cryptography.OpenSsl (4.3.3) - restriction: || (&& (== net462) (== net6.0)) (&& (== net462) (== netcoreapp2.1)) (&& (== net462) (== netstandard2.0)) (&& (== net462) (< net45) (>= netstandard1.6)) (&& (== net462) (< netstandard1.5) (>= netstandard1.6) (>= uap10.0)) (&& (== net6.0) (< netstandard1.2)) (&& (== net6.0) (< netstandard1.3)) (&& (== net6.0) (< netstandard1.4)) (&& (== net6.0) (< netstandard1.5)) (&& (== net6.0) (< netstandard1.6)) (&& (== net6.0) (< netstandard2.0)) (&& (== netcoreapp2.1) (< netstandard1.2)) (&& (== netcoreapp2.1) (< netstandard1.3)) (&& (== netcoreapp2.1) (< netstandard1.4)) (&& (== netcoreapp2.1) (< netstandard1.5)) (&& (== netcoreapp2.1) (< netstandard1.6)) (&& (== netcoreapp2.1) (< netstandard2.0)) (== netstandard1.6)
    runtime.ubuntu.16.10-x64.runtime.native.System.Security.Cryptography.OpenSsl (4.3.3) - restriction: || (&& (== net462) (== net6.0)) (&& (== net462) (== netcoreapp2.1)) (&& (== net462) (== netstandard2.0)) (&& (== net462) (< net45) (>= netstandard1.6)) (&& (== net462) (< netstandard1.5) (>= netstandard1.6) (>= uap10.0)) (&& (== net6.0) (< netstandard1.2)) (&& (== net6.0) (< netstandard1.3)) (&& (== net6.0) (< netstandard1.4)) (&& (== net6.0) (< netstandard1.5)) (&& (== net6.0) (< netstandard1.6)) (&& (== net6.0) (< netstandard2.0)) (&& (== netcoreapp2.1) (< netstandard1.2)) (&& (== netcoreapp2.1) (< netstandard1.3)) (&& (== netcoreapp2.1) (< netstandard1.4)) (&& (== netcoreapp2.1) (< netstandard1.5)) (&& (== netcoreapp2.1) (< netstandard1.6)) (&& (== netcoreapp2.1) (< netstandard2.0)) (== netstandard1.6)
    runtime.ubuntu.18.04-x64.runtime.native.System.Security.Cryptography.OpenSsl (4.3.3) - restriction: || (&& (== net462) (== net6.0)) (&& (== net462) (== netcoreapp2.1)) (&& (== net462) (== netstandard2.0)) (&& (== net462) (< net45) (>= netstandard1.6)) (&& (== net462) (< netstandard1.5) (>= netstandard1.6) (>= uap10.0)) (&& (== net6.0) (< netstandard1.2)) (&& (== net6.0) (< netstandard1.3)) (&& (== net6.0) (< netstandard1.4)) (&& (== net6.0) (< netstandard1.5)) (&& (== net6.0) (< netstandard1.6)) (&& (== net6.0) (< netstandard2.0)) (&& (== netcoreapp2.1) (< netstandard1.2)) (&& (== netcoreapp2.1) (< netstandard1.3)) (&& (== netcoreapp2.1) (< netstandard1.4)) (&& (== netcoreapp2.1) (< netstandard1.5)) (&& (== netcoreapp2.1) (< netstandard1.6)) (&& (== netcoreapp2.1) (< netstandard2.0)) (== netstandard1.6)
    System.AppContext (4.3) - restriction: || (&& (== net462) (== net6.0)) (&& (== net462) (== netcoreapp2.1)) (&& (== net462) (== netstandard2.0)) (&& (== net462) (< net45)) (&& (== net462) (< netstandard1.5) (>= uap10.0)) (&& (== net6.0) (< netstandard1.4)) (&& (== net6.0) (< netstandard1.5)) (&& (== net6.0) (< netstandard1.6)) (&& (== net6.0) (< netstandard2.0)) (&& (== netcoreapp2.1) (< netstandard1.4)) (&& (== netcoreapp2.1) (< netstandard1.5)) (&& (== netcoreapp2.1) (< netstandard1.6)) (&& (== netcoreapp2.1) (< netstandard2.0)) (== netstandard1.6)
      System.Runtime (>= 4.3) - restriction: || (&& (== net462) (< net46)) (== net6.0) (== netcoreapp2.1) (== netstandard1.6) (== netstandard2.0)
    System.Buffers (4.5.1) - restriction: || (== net462) (&& (== net6.0) (>= monotouch)) (&& (== net6.0) (>= net461)) (&& (== net6.0) (< netcoreapp2.0)) (&& (== net6.0) (< netstandard1.1)) (&& (== net6.0) (< netstandard1.2)) (&& (== net6.0) (< netstandard1.3)) (&& (== net6.0) (< netstandard1.4)) (&& (== net6.0) (< netstandard1.5)) (&& (== net6.0) (< netstandard1.6)) (&& (== net6.0) (< netstandard2.0)) (&& (== net6.0) (>= xamarinios)) (&& (== net6.0) (>= xamarinmac)) (&& (== net6.0) (>= xamarintvos)) (&& (== net6.0) (>= xamarinwatchos)) (== netcoreapp2.1) (== netstandard1.6) (== netstandard2.0)
    System.CodeDom (6.0) - restriction: || (&& (== net462) (>= netstandard2.0)) (== net6.0) (== netcoreapp2.1) (&& (== netstandard1.6) (>= netstandard2.0)) (== netstandard2.0)
    System.Collections (4.3) - restriction: || (&& (== net462) (== net6.0)) (&& (== net462) (== netcoreapp2.1)) (&& (== net462) (== netstandard2.0)) (&& (== net462) (< net45)) (&& (== net462) (< netstandard1.5) (>= uap10.0)) (&& (== net462) (< portable-net45+win8+wpa81)) (&& (== net6.0) (< netstandard1.2)) (&& (== net6.0) (< netstandard1.3)) (&& (== net6.0) (< netstandard1.4)) (&& (== net6.0) (< netstandard1.5)) (&& (== net6.0) (< netstandard1.6)) (&& (== net6.0) (< netstandard2.0)) (&& (== net6.0) (< portable-net45+win8+wpa81)) (&& (== netcoreapp2.1) (< netstandard1.2)) (&& (== netcoreapp2.1) (< netstandard1.3)) (&& (== netcoreapp2.1) (< netstandard1.4)) (&& (== netcoreapp2.1) (< netstandard1.5)) (&& (== netcoreapp2.1) (< netstandard1.6)) (&& (== netcoreapp2.1) (< netstandard2.0)) (&& (== netcoreapp2.1) (< portable-net45+win8+wpa81)) (== netstandard1.6)
      Microsoft.NETCore.Platforms (>= 1.1) - restriction: || (&& (== net462) (< net45)) (== net6.0) (== netcoreapp2.1) (== netstandard1.6) (== netstandard2.0)
      Microsoft.NETCore.Targets (>= 1.1) - restriction: || (&& (== net462) (< net45)) (== net6.0) (== netcoreapp2.1) (== netstandard1.6) (== netstandard2.0)
      System.Runtime (>= 4.3) - restriction: || (&& (== net462) (< net45)) (== net6.0) (== netcoreapp2.1) (== netstandard1.6) (== netstandard2.0)
    System.Collections.Concurrent (4.3) - restriction: || (&& (== net462) (== net6.0)) (&& (== net462) (== netcoreapp2.1)) (&& (== net462) (== netstandard2.0)) (&& (== net462) (< net45)) (&& (== net462) (< netstandard1.5) (>= uap10.0)) (&& (== net6.0) (< netstandard1.2)) (&& (== net6.0) (< netstandard1.3)) (&& (== net6.0) (< netstandard1.4)) (&& (== net6.0) (< netstandard1.5)) (&& (== net6.0) (< netstandard1.6)) (&& (== net6.0) (< netstandard2.0)) (&& (== netcoreapp2.1) (< netstandard1.2)) (&& (== netcoreapp2.1) (< netstandard1.3)) (&& (== netcoreapp2.1) (< netstandard1.4)) (&& (== netcoreapp2.1) (< netstandard1.5)) (&& (== netcoreapp2.1) (< netstandard1.6)) (&& (== netcoreapp2.1) (< netstandard2.0)) (== netstandard1.6)
      System.Collections (>= 4.3) - restriction: || (&& (== net462) (< net45)) (== net6.0) (== netcoreapp2.1) (== netstandard1.6) (== netstandard2.0)
      System.Diagnostics.Debug (>= 4.3) - restriction: || (&& (== net462) (< net45)) (== net6.0) (== netcoreapp2.1) (== netstandard1.6) (== netstandard2.0)
      System.Diagnostics.Tracing (>= 4.3) - restriction: || (&& (== net462) (< net45)) (== net6.0) (== netcoreapp2.1) (== netstandard1.6) (== netstandard2.0)
      System.Globalization (>= 4.3) - restriction: || (&& (== net462) (< net45)) (== net6.0) (== netcoreapp2.1) (== netstandard1.6) (== netstandard2.0)
      System.Reflection (>= 4.3) - restriction: || (&& (== net462) (< net45)) (== net6.0) (== netcoreapp2.1) (== netstandard1.6) (== netstandard2.0)
      System.Resources.ResourceManager (>= 4.3) - restriction: || (&& (== net462) (< net45)) (== net6.0) (== netcoreapp2.1) (== netstandard1.6) (== netstandard2.0)
      System.Runtime (>= 4.3) - restriction: || (&& (== net462) (< net45)) (== net6.0) (== netcoreapp2.1) (== netstandard1.6) (== netstandard2.0)
      System.Runtime.Extensions (>= 4.3) - restriction: || (&& (== net462) (< net45)) (== net6.0) (== netcoreapp2.1) (== netstandard1.6) (== netstandard2.0)
      System.Threading (>= 4.3) - restriction: || (&& (== net462) (< net45)) (== net6.0) (== netcoreapp2.1) (== netstandard1.6) (== netstandard2.0)
      System.Threading.Tasks (>= 4.3) - restriction: || (&& (== net462) (< net45)) (== net6.0) (== netcoreapp2.1) (== netstandard1.6) (== netstandard2.0)
    System.Collections.Immutable (6.0) - restriction: || (&& (== net462) (>= netstandard2.0)) (== net6.0) (== netcoreapp2.1) (&& (== netstandard1.6) (>= netstandard2.0)) (== netstandard2.0)
      System.Memory (>= 4.5.4) - restriction: || (== net462) (&& (== net6.0) (>= net461)) (== netcoreapp2.1) (&& (== netstandard1.6) (>= net461)) (&& (== netstandard1.6) (>= netstandard2.0)) (== netstandard2.0)
      System.Runtime.CompilerServices.Unsafe (>= 6.0) - restriction: || (== net462) (== net6.0) (== netcoreapp2.1) (&& (== netstandard1.6) (>= net461)) (&& (== netstandard1.6) (>= netstandard2.0)) (== netstandard2.0)
    System.ComponentModel.Annotations (5.0) - restriction: || (&& (== net462) (== net6.0)) (&& (== net462) (< net461) (>= netstandard2.0)) (&& (== net6.0) (== netstandard1.6)) (&& (== net6.0) (< netstandard2.1)) (== netcoreapp2.1) (&& (== netstandard1.6) (>= netstandard2.0)) (== netstandard2.0)
    System.Console (4.3.1) - restriction: || (&& (== net462) (== net6.0)) (&& (== net462) (== netcoreapp2.1)) (&& (== net462) (== netstandard2.0)) (&& (== net462) (< net45)) (&& (== net462) (< netstandard1.5) (>= uap10.0)) (&& (== net6.0) (< netstandard1.4)) (&& (== net6.0) (< netstandard1.5)) (&& (== net6.0) (< netstandard1.6)) (&& (== net6.0) (< netstandard2.0)) (&& (== netcoreapp2.1) (< netstandard1.4)) (&& (== netcoreapp2.1) (< netstandard1.5)) (&& (== netcoreapp2.1) (< netstandard1.6)) (&& (== netcoreapp2.1) (< netstandard2.0)) (== netstandard1.6)
      Microsoft.NETCore.Platforms (>= 1.1) - restriction: || (&& (== net462) (< net46)) (== net6.0) (== netcoreapp2.1) (== netstandard1.6) (== netstandard2.0)
      Microsoft.NETCore.Targets (>= 1.1.2) - restriction: || (&& (== net462) (< net46)) (== net6.0) (== netcoreapp2.1) (== netstandard1.6) (== netstandard2.0)
      System.IO (>= 4.3) - restriction: || (&& (== net462) (< net46)) (== net6.0) (== netcoreapp2.1) (== netstandard1.6) (== netstandard2.0)
      System.Runtime (>= 4.3) - restriction: || (&& (== net462) (< net46)) (== net6.0) (== netcoreapp2.1) (== netstandard1.6) (== netstandard2.0)
      System.Text.Encoding (>= 4.3) - restriction: || (&& (== net462) (< net46)) (== net6.0) (== netcoreapp2.1) (== netstandard1.6) (== netstandard2.0)
    System.Diagnostics.Debug (4.3) - restriction: || (&& (== net462) (== net6.0)) (&& (== net462) (== netcoreapp2.1)) (&& (== net462) (== netstandard2.0)) (&& (== net462) (< net45)) (&& (== net6.0) (< netstandard2.0)) (&& (== netcoreapp2.1) (< netstandard2.0)) (== netstandard1.6)
      Microsoft.NETCore.Platforms (>= 1.1) - restriction: || (&& (== net462) (< net45)) (== net6.0) (== netcoreapp2.1) (== netstandard1.6) (== netstandard2.0)
      Microsoft.NETCore.Targets (>= 1.1) - restriction: || (&& (== net462) (< net45)) (== net6.0) (== netcoreapp2.1) (== netstandard1.6) (== netstandard2.0)
      System.Runtime (>= 4.3) - restriction: || (&& (== net462) (< net45)) (== net6.0) (== netcoreapp2.1) (== netstandard1.6) (== netstandard2.0)
    System.Diagnostics.DiagnosticSource (6.0)
      System.Memory (>= 4.5.4) - restriction: || (== net462) (&& (== net6.0) (>= net461)) (&& (== net6.0) (< net5.0)) (== netcoreapp2.1) (&& (== netstandard1.6) (>= net461)) (&& (== netstandard1.6) (>= netstandard2.0)) (== netstandard2.0)
      System.Runtime.CompilerServices.Unsafe (>= 6.0) - restriction: || (== net462) (== net6.0) (== netcoreapp2.1) (&& (== netstandard1.6) (>= net461)) (&& (== netstandard1.6) (>= netstandard2.0)) (== netstandard2.0)
    System.Diagnostics.Tools (4.3) - restriction: || (&& (== net462) (== net6.0)) (&& (== net462) (== netcoreapp2.1)) (&& (== net462) (== netstandard2.0)) (&& (== net462) (< net45)) (&& (== net462) (< netstandard1.5) (>= uap10.0)) (&& (== net462) (< portable-net45+win8+wpa81)) (&& (== net6.0) (< netstandard1.2)) (&& (== net6.0) (< netstandard1.3)) (&& (== net6.0) (< netstandard1.4)) (&& (== net6.0) (< netstandard1.5)) (&& (== net6.0) (< netstandard1.6)) (&& (== net6.0) (< netstandard2.0)) (&& (== net6.0) (< portable-net45+win8+wpa81)) (&& (== netcoreapp2.1) (< netstandard1.2)) (&& (== netcoreapp2.1) (< netstandard1.3)) (&& (== netcoreapp2.1) (< netstandard1.4)) (&& (== netcoreapp2.1) (< netstandard1.5)) (&& (== netcoreapp2.1) (< netstandard1.6)) (&& (== netcoreapp2.1) (< netstandard2.0)) (&& (== netcoreapp2.1) (< portable-net45+win8+wpa81)) (== netstandard1.6)
      Microsoft.NETCore.Platforms (>= 1.1) - restriction: || (&& (== net462) (< net45)) (== net6.0) (== netcoreapp2.1) (== netstandard1.6) (== netstandard2.0)
      Microsoft.NETCore.Targets (>= 1.1) - restriction: || (&& (== net462) (< net45)) (== net6.0) (== netcoreapp2.1) (== netstandard1.6) (== netstandard2.0)
      System.Runtime (>= 4.3) - restriction: || (&& (== net462) (< net45)) (== net6.0) (== netcoreapp2.1) (== netstandard1.6) (== netstandard2.0)
    System.Diagnostics.Tracing (4.3) - restriction: || (&& (== net462) (== net6.0)) (&& (== net462) (== netcoreapp2.1)) (&& (== net462) (== netstandard2.0)) (&& (== net462) (< net45)) (&& (== net462) (< netstandard1.5) (>= uap10.0)) (&& (== net6.0) (< netstandard1.2)) (&& (== net6.0) (< netstandard1.3)) (&& (== net6.0) (< netstandard1.4)) (&& (== net6.0) (< netstandard1.5)) (&& (== net6.0) (< netstandard1.6)) (&& (== net6.0) (< netstandard2.0)) (&& (== netcoreapp2.1) (< netstandard1.2)) (&& (== netcoreapp2.1) (< netstandard1.3)) (&& (== netcoreapp2.1) (< netstandard1.4)) (&& (== netcoreapp2.1) (< netstandard1.5)) (&& (== netcoreapp2.1) (< netstandard1.6)) (&& (== netcoreapp2.1) (< netstandard2.0)) (== netstandard1.6)
      Microsoft.NETCore.Platforms (>= 1.1) - restriction: || (&& (== net462) (< net45)) (== net6.0) (== netcoreapp2.1) (== netstandard1.6) (== netstandard2.0)
      Microsoft.NETCore.Targets (>= 1.1) - restriction: || (&& (== net462) (< net45)) (== net6.0) (== netcoreapp2.1) (== netstandard1.6) (== netstandard2.0)
      System.Runtime (>= 4.3) - restriction: || (&& (== net462) (< net45)) (== net6.0) (== netcoreapp2.1) (== netstandard1.6) (== netstandard2.0)
    System.Globalization (4.3) - restriction: || (&& (== net462) (== net6.0)) (&& (== net462) (== netcoreapp2.1)) (&& (== net462) (== netstandard2.0)) (&& (== net462) (< net45)) (&& (== net6.0) (< netstandard2.0)) (&& (== netcoreapp2.1) (< netstandard2.0)) (== netstandard1.6)
      Microsoft.NETCore.Platforms (>= 1.1) - restriction: || (&& (== net462) (< net45)) (== net6.0) (== netcoreapp2.1) (== netstandard1.6) (== netstandard2.0)
      Microsoft.NETCore.Targets (>= 1.1) - restriction: || (&& (== net462) (< net45)) (== net6.0) (== netcoreapp2.1) (== netstandard1.6) (== netstandard2.0)
      System.Runtime (>= 4.3) - restriction: || (&& (== net462) (< net45)) (== net6.0) (== netcoreapp2.1) (== netstandard1.6) (== netstandard2.0)
    System.Globalization.Calendars (4.3) - restriction: || (&& (== net462) (== net6.0)) (&& (== net462) (== netcoreapp2.1)) (&& (== net462) (== netstandard2.0)) (&& (== net462) (< net45)) (&& (== net462) (< netstandard1.5) (>= uap10.0)) (&& (== net6.0) (< netstandard1.4)) (&& (== net6.0) (< netstandard1.5)) (&& (== net6.0) (< netstandard1.6)) (&& (== net6.0) (< netstandard2.0)) (&& (== netcoreapp2.1) (< netstandard1.4)) (&& (== netcoreapp2.1) (< netstandard1.5)) (&& (== netcoreapp2.1) (< netstandard1.6)) (&& (== netcoreapp2.1) (< netstandard2.0)) (== netstandard1.6)
      Microsoft.NETCore.Platforms (>= 1.1) - restriction: || (&& (== net462) (< net46)) (== net6.0) (== netcoreapp2.1) (== netstandard1.6) (== netstandard2.0)
      Microsoft.NETCore.Targets (>= 1.1) - restriction: || (&& (== net462) (< net46)) (== net6.0) (== netcoreapp2.1) (== netstandard1.6) (== netstandard2.0)
      System.Globalization (>= 4.3) - restriction: || (&& (== net462) (< net46)) (== net6.0) (== netcoreapp2.1) (== netstandard1.6) (== netstandard2.0)
      System.Runtime (>= 4.3) - restriction: || (&& (== net462) (< net46)) (== net6.0) (== netcoreapp2.1) (== netstandard1.6) (== netstandard2.0)
    System.Globalization.Extensions (4.3) - restriction: || (&& (== net462) (== net6.0)) (&& (== net462) (== netcoreapp2.1)) (&& (== net462) (== netstandard2.0)) (&& (== net462) (< net45) (>= netstandard1.6)) (&& (== net462) (< netstandard1.5) (>= netstandard1.6) (>= uap10.0)) (&& (== net6.0) (< netstandard1.2)) (&& (== net6.0) (< netstandard1.3)) (&& (== net6.0) (< netstandard1.4)) (&& (== net6.0) (< netstandard1.5)) (&& (== net6.0) (< netstandard1.6)) (&& (== net6.0) (< netstandard2.0)) (&& (== netcoreapp2.1) (< netstandard1.2)) (&& (== netcoreapp2.1) (< netstandard1.3)) (&& (== netcoreapp2.1) (< netstandard1.4)) (&& (== netcoreapp2.1) (< netstandard1.5)) (&& (== netcoreapp2.1) (< netstandard1.6)) (&& (== netcoreapp2.1) (< netstandard2.0)) (== netstandard1.6)
      Microsoft.NETCore.Platforms (>= 1.1) - restriction: || (&& (== net462) (< net46)) (== net6.0) (== netcoreapp2.1) (== netstandard1.6) (== netstandard2.0)
      System.Globalization (>= 4.3) - restriction: || (&& (== net462) (< net46)) (== net6.0) (== netcoreapp2.1) (== netstandard1.6) (== netstandard2.0)
      System.Resources.ResourceManager (>= 4.3) - restriction: || (&& (== net462) (< net46)) (== net6.0) (== netcoreapp2.1) (== netstandard1.6) (== netstandard2.0)
      System.Runtime (>= 4.3) - restriction: || (&& (== net462) (< net46)) (== net6.0) (== netcoreapp2.1) (== netstandard1.6) (== netstandard2.0)
      System.Runtime.Extensions (>= 4.3) - restriction: || (&& (== net462) (< net46)) (== net6.0) (== netcoreapp2.1) (== netstandard1.6) (== netstandard2.0)
      System.Runtime.InteropServices (>= 4.3) - restriction: || (&& (== net462) (< net46)) (== net6.0) (== netcoreapp2.1) (== netstandard1.6) (== netstandard2.0)
    System.Interactive (6.0.1)
    System.IO (4.3) - restriction: || (&& (== net462) (== net6.0)) (&& (== net462) (== netcoreapp2.1)) (&& (== net462) (== netstandard2.0)) (&& (== net462) (< net45)) (&& (== net6.0) (< netstandard1.3)) (&& (== net6.0) (< netstandard1.5)) (&& (== net6.0) (< netstandard2.0)) (&& (== netcoreapp2.1) (< netstandard1.3)) (&& (== netcoreapp2.1) (< netstandard1.5)) (&& (== netcoreapp2.1) (< netstandard2.0)) (== netstandard1.6)
      Microsoft.NETCore.Platforms (>= 1.1) - restriction: || (&& (== net462) (< net45)) (== net6.0) (== netcoreapp2.1) (== netstandard1.6) (== netstandard2.0)
      Microsoft.NETCore.Targets (>= 1.1) - restriction: || (&& (== net462) (< net45)) (== net6.0) (== netcoreapp2.1) (== netstandard1.6) (== netstandard2.0)
      System.Runtime (>= 4.3) - restriction: || (&& (== net462) (< net45)) (== net6.0) (== netcoreapp2.1) (== netstandard1.6) (== netstandard2.0)
      System.Text.Encoding (>= 4.3) - restriction: || (&& (== net462) (< net45)) (== net6.0) (== netcoreapp2.1) (== netstandard1.6) (== netstandard2.0)
      System.Threading.Tasks (>= 4.3) - restriction: || (&& (== net462) (< net45)) (== net6.0) (== netcoreapp2.1) (== netstandard1.6) (== netstandard2.0)
    System.IO.Compression (4.3) - restriction: || (&& (== net462) (== net6.0)) (&& (== net462) (== netcoreapp2.1)) (&& (== net462) (== netstandard2.0)) (&& (== net462) (< net45)) (&& (== net462) (< netstandard1.5) (>= uap10.0)) (&& (== net6.0) (< netstandard1.2)) (&& (== net6.0) (< netstandard1.3)) (&& (== net6.0) (< netstandard1.4)) (&& (== net6.0) (< netstandard1.5)) (&& (== net6.0) (< netstandard1.6)) (&& (== net6.0) (< netstandard2.0)) (&& (== netcoreapp2.1) (< netstandard1.2)) (&& (== netcoreapp2.1) (< netstandard1.3)) (&& (== netcoreapp2.1) (< netstandard1.4)) (&& (== netcoreapp2.1) (< netstandard1.5)) (&& (== netcoreapp2.1) (< netstandard1.6)) (&& (== netcoreapp2.1) (< netstandard2.0)) (== netstandard1.6)
      Microsoft.NETCore.Platforms (>= 1.1) - restriction: || (&& (== net462) (< net45)) (== net6.0) (== netcoreapp2.1) (== netstandard1.6) (== netstandard2.0)
      runtime.native.System (>= 4.3) - restriction: || (&& (== net462) (< net45)) (== net6.0) (== netcoreapp2.1) (== netstandard1.6) (== netstandard2.0)
      runtime.native.System.IO.Compression (>= 4.3) - restriction: || (&& (== net462) (< net45)) (== net6.0) (== netcoreapp2.1) (== netstandard1.6) (== netstandard2.0)
      System.Buffers (>= 4.3) - restriction: || (&& (== net462) (< net45)) (== net6.0) (== netcoreapp2.1) (== netstandard1.6) (== netstandard2.0)
      System.Collections (>= 4.3) - restriction: || (&& (== net462) (< net45)) (== net6.0) (== netcoreapp2.1) (== netstandard1.6) (== netstandard2.0)
      System.Diagnostics.Debug (>= 4.3) - restriction: || (&& (== net462) (< net45)) (== net6.0) (== netcoreapp2.1) (== netstandard1.6) (== netstandard2.0)
      System.IO (>= 4.3) - restriction: || (&& (== net462) (< net45)) (== net6.0) (== netcoreapp2.1) (== netstandard1.6) (== netstandard2.0)
      System.Resources.ResourceManager (>= 4.3) - restriction: || (&& (== net462) (< net45)) (== net6.0) (== netcoreapp2.1) (== netstandard1.6) (== netstandard2.0)
      System.Runtime (>= 4.3) - restriction: || (&& (== net462) (< net45)) (== net6.0) (== netcoreapp2.1) (== netstandard1.6) (== netstandard2.0)
      System.Runtime.Extensions (>= 4.3) - restriction: || (&& (== net462) (< net45)) (== net6.0) (== netcoreapp2.1) (== netstandard1.6) (== netstandard2.0)
      System.Runtime.Handles (>= 4.3) - restriction: || (&& (== net462) (< net45)) (== net6.0) (== netcoreapp2.1) (== netstandard1.6) (== netstandard2.0)
      System.Runtime.InteropServices (>= 4.3) - restriction: || (&& (== net462) (< net45)) (== net6.0) (== netcoreapp2.1) (== netstandard1.6) (== netstandard2.0)
      System.Text.Encoding (>= 4.3) - restriction: || (&& (== net462) (< net45)) (== net6.0) (== netcoreapp2.1) (== netstandard1.6) (== netstandard2.0)
      System.Threading (>= 4.3) - restriction: || (&& (== net462) (< net45)) (== net6.0) (== netcoreapp2.1) (== netstandard1.6) (== netstandard2.0)
      System.Threading.Tasks (>= 4.3) - restriction: || (&& (== net462) (< net45)) (== net6.0) (== netcoreapp2.1) (== netstandard1.6) (== netstandard2.0)
    System.IO.Compression.ZipFile (4.3) - restriction: || (&& (== net462) (== net6.0)) (&& (== net462) (== netcoreapp2.1)) (&& (== net462) (== netstandard2.0)) (&& (== net462) (< net45)) (&& (== net462) (< netstandard1.5) (>= uap10.0)) (&& (== net6.0) (< netstandard1.4)) (&& (== net6.0) (< netstandard1.5)) (&& (== net6.0) (< netstandard1.6)) (&& (== net6.0) (< netstandard2.0)) (&& (== netcoreapp2.1) (< netstandard1.4)) (&& (== netcoreapp2.1) (< netstandard1.5)) (&& (== netcoreapp2.1) (< netstandard1.6)) (&& (== netcoreapp2.1) (< netstandard2.0)) (== netstandard1.6)
      System.Buffers (>= 4.3) - restriction: || (&& (== net462) (< net46)) (== net6.0) (== netcoreapp2.1) (== netstandard1.6) (== netstandard2.0)
      System.IO (>= 4.3) - restriction: || (&& (== net462) (< net46)) (== net6.0) (== netcoreapp2.1) (== netstandard1.6) (== netstandard2.0)
      System.IO.Compression (>= 4.3) - restriction: || (&& (== net462) (< net46)) (== net6.0) (== netcoreapp2.1) (== netstandard1.6) (== netstandard2.0)
      System.IO.FileSystem (>= 4.3) - restriction: || (&& (== net462) (< net46)) (== net6.0) (== netcoreapp2.1) (== netstandard1.6) (== netstandard2.0)
      System.IO.FileSystem.Primitives (>= 4.3) - restriction: || (&& (== net462) (< net46)) (== net6.0) (== netcoreapp2.1) (== netstandard1.6) (== netstandard2.0)
      System.Resources.ResourceManager (>= 4.3) - restriction: || (&& (== net462) (< net46)) (== net6.0) (== netcoreapp2.1) (== netstandard1.6) (== netstandard2.0)
      System.Runtime (>= 4.3) - restriction: || (&& (== net462) (< net46)) (== net6.0) (== netcoreapp2.1) (== netstandard1.6) (== netstandard2.0)
      System.Runtime.Extensions (>= 4.3) - restriction: || (&& (== net462) (< net46)) (== net6.0) (== netcoreapp2.1) (== netstandard1.6) (== netstandard2.0)
      System.Text.Encoding (>= 4.3) - restriction: || (&& (== net462) (< net46)) (== net6.0) (== netcoreapp2.1) (== netstandard1.6) (== netstandard2.0)
    System.IO.FileSystem (4.3) - restriction: || (&& (== net462) (== net6.0)) (&& (== net462) (== netcoreapp2.1)) (&& (== net462) (== netstandard2.0)) (&& (== net462) (< net45)) (&& (== net462) (< netstandard1.5) (>= uap10.0)) (&& (== net6.0) (< netstandard1.4)) (&& (== net6.0) (< netstandard1.5)) (&& (== net6.0) (< netstandard1.6)) (&& (== net6.0) (< netstandard2.0)) (&& (== netcoreapp2.1) (< netstandard1.4)) (&& (== netcoreapp2.1) (< netstandard1.5)) (&& (== netcoreapp2.1) (< netstandard1.6)) (&& (== netcoreapp2.1) (< netstandard2.0)) (== netstandard1.6)
      Microsoft.NETCore.Platforms (>= 1.1) - restriction: || (&& (== net462) (< net46)) (== net6.0) (== netcoreapp2.1) (== netstandard1.6) (== netstandard2.0)
      Microsoft.NETCore.Targets (>= 1.1) - restriction: || (&& (== net462) (< net46)) (== net6.0) (== netcoreapp2.1) (== netstandard1.6) (== netstandard2.0)
      System.IO (>= 4.3) - restriction: || (&& (== net462) (< net46)) (== net6.0) (== netcoreapp2.1) (== netstandard1.6) (== netstandard2.0)
      System.IO.FileSystem.Primitives (>= 4.3)
      System.Runtime (>= 4.3) - restriction: || (&& (== net462) (< net46)) (== net6.0) (== netcoreapp2.1) (== netstandard1.6) (== netstandard2.0)
      System.Runtime.Handles (>= 4.3) - restriction: || (&& (== net462) (< net46)) (== net6.0) (== netcoreapp2.1) (== netstandard1.6) (== netstandard2.0)
      System.Text.Encoding (>= 4.3) - restriction: || (&& (== net462) (< net46)) (== net6.0) (== netcoreapp2.1) (== netstandard1.6) (== netstandard2.0)
      System.Threading.Tasks (>= 4.3) - restriction: || (&& (== net462) (< net46)) (== net6.0) (== netcoreapp2.1) (== netstandard1.6) (== netstandard2.0)
    System.IO.FileSystem.Primitives (4.3) - restriction: || (&& (== net462) (== net6.0)) (&& (== net462) (== netcoreapp2.1)) (&& (== net462) (== netstandard2.0)) (&& (== net462) (< net45)) (&& (== net462) (< netstandard1.5) (>= uap10.0)) (&& (== net6.0) (< netstandard1.4)) (&& (== net6.0) (< netstandard1.5)) (&& (== net6.0) (< netstandard1.6)) (&& (== net6.0) (< netstandard2.0)) (&& (== netcoreapp2.1) (< netstandard1.4)) (&& (== netcoreapp2.1) (< netstandard1.5)) (&& (== netcoreapp2.1) (< netstandard1.6)) (&& (== netcoreapp2.1) (< netstandard2.0)) (== netstandard1.6)
      System.Runtime (>= 4.3) - restriction: || (&& (== net462) (< net46)) (== net6.0) (== netcoreapp2.1) (== netstandard1.6) (== netstandard2.0)
    System.Linq (4.3) - restriction: || (&& (== net462) (== net6.0)) (&& (== net462) (== netcoreapp2.1)) (&& (== net462) (== netstandard2.0)) (&& (== net462) (< net45)) (&& (== net462) (< netstandard1.5) (>= uap10.0)) (&& (== net462) (< portable-net45+win8+wpa81)) (&& (== net6.0) (< netstandard1.2)) (&& (== net6.0) (< netstandard1.3)) (&& (== net6.0) (< netstandard1.4)) (&& (== net6.0) (< netstandard1.5)) (&& (== net6.0) (< netstandard1.6)) (&& (== net6.0) (< netstandard2.0)) (&& (== net6.0) (< portable-net45+win8+wpa81)) (&& (== netcoreapp2.1) (< netstandard1.2)) (&& (== netcoreapp2.1) (< netstandard1.3)) (&& (== netcoreapp2.1) (< netstandard1.4)) (&& (== netcoreapp2.1) (< netstandard1.5)) (&& (== netcoreapp2.1) (< netstandard1.6)) (&& (== netcoreapp2.1) (< netstandard2.0)) (&& (== netcoreapp2.1) (< portable-net45+win8+wpa81)) (== netstandard1.6)
      System.Collections (>= 4.3) - restriction: || (&& (== net462) (< net45)) (== net6.0) (== netcoreapp2.1) (== netstandard1.6) (== netstandard2.0)
      System.Diagnostics.Debug (>= 4.3) - restriction: || (&& (== net462) (< net45) (>= netstandard1.6)) (== net6.0) (== netcoreapp2.1) (== netstandard1.6) (== netstandard2.0)
      System.Resources.ResourceManager (>= 4.3) - restriction: || (&& (== net462) (< net45) (>= netstandard1.6)) (== net6.0) (== netcoreapp2.1) (== netstandard1.6) (== netstandard2.0)
      System.Runtime (>= 4.3) - restriction: || (&& (== net462) (< net45)) (== net6.0) (== netcoreapp2.1) (== netstandard1.6) (== netstandard2.0)
      System.Runtime.Extensions (>= 4.3) - restriction: || (&& (== net462) (< net45) (>= netstandard1.6)) (== net6.0) (== netcoreapp2.1) (== netstandard1.6) (== netstandard2.0)
    System.Linq.Expressions (4.3) - restriction: || (&& (== net462) (== net6.0)) (&& (== net462) (== netcoreapp2.1)) (&& (== net462) (== netstandard2.0)) (&& (== net462) (< net45)) (&& (== net462) (< netstandard1.5) (>= uap10.0)) (&& (== net462) (< portable-net45+win8+wpa81)) (&& (== net6.0) (< netstandard1.2)) (&& (== net6.0) (< netstandard1.3)) (&& (== net6.0) (< netstandard1.4)) (&& (== net6.0) (< netstandard1.5)) (&& (== net6.0) (< netstandard1.6)) (&& (== net6.0) (< netstandard2.0)) (&& (== net6.0) (< portable-net45+win8+wpa81)) (&& (== netcoreapp2.1) (< netstandard1.2)) (&& (== netcoreapp2.1) (< netstandard1.3)) (&& (== netcoreapp2.1) (< netstandard1.4)) (&& (== netcoreapp2.1) (< netstandard1.5)) (&& (== netcoreapp2.1) (< netstandard1.6)) (&& (== netcoreapp2.1) (< netstandard2.0)) (&& (== netcoreapp2.1) (< portable-net45+win8+wpa81)) (== netstandard1.6)
      System.Collections (>= 4.3) - restriction: || (&& (== net462) (< net45) (>= netstandard1.6)) (== net6.0) (== netcoreapp2.1) (== netstandard1.6) (== netstandard2.0)
      System.Diagnostics.Debug (>= 4.3) - restriction: || (&& (== net462) (< net45) (>= netstandard1.6)) (== net6.0) (== netcoreapp2.1) (== netstandard1.6) (== netstandard2.0)
      System.Globalization (>= 4.3) - restriction: || (&& (== net462) (< net45) (>= netstandard1.6)) (== net6.0) (== netcoreapp2.1) (== netstandard1.6) (== netstandard2.0)
      System.IO (>= 4.3) - restriction: || (&& (== net462) (< net45) (>= netstandard1.6)) (== net6.0) (== netcoreapp2.1) (== netstandard1.6) (== netstandard2.0)
      System.Linq (>= 4.3) - restriction: || (&& (== net462) (< net45) (>= netstandard1.6)) (== net6.0) (== netcoreapp2.1) (== netstandard1.6) (== netstandard2.0)
      System.ObjectModel (>= 4.3) - restriction: || (&& (== net462) (< net45) (>= netstandard1.6)) (== net6.0) (== netcoreapp2.1) (== netstandard1.6) (== netstandard2.0)
      System.Reflection (>= 4.3) - restriction: || (&& (== net462) (< net45)) (== net6.0) (== netcoreapp2.1) (== netstandard1.6) (== netstandard2.0)
      System.Reflection.Emit (>= 4.3) - restriction: || (&& (== net462) (< net45) (>= netstandard1.6)) (== net6.0) (== netcoreapp2.1) (== netstandard1.6) (== netstandard2.0)
      System.Reflection.Emit.ILGeneration (>= 4.3) - restriction: || (&& (== net462) (< net45) (>= netstandard1.6)) (== net6.0) (== netcoreapp2.1) (== netstandard1.6) (== netstandard2.0)
      System.Reflection.Emit.Lightweight (>= 4.3) - restriction: || (&& (== net462) (< net45) (>= netstandard1.6)) (== net6.0) (== netcoreapp2.1) (== netstandard1.6) (== netstandard2.0)
      System.Reflection.Extensions (>= 4.3) - restriction: || (&& (== net462) (< net45) (>= netstandard1.6)) (== net6.0) (== netcoreapp2.1) (== netstandard1.6) (== netstandard2.0)
      System.Reflection.Primitives (>= 4.3) - restriction: || (&& (== net462) (< net45) (>= netstandard1.6)) (== net6.0) (== netcoreapp2.1) (== netstandard1.6) (== netstandard2.0)
      System.Reflection.TypeExtensions (>= 4.3) - restriction: || (&& (== net462) (< net45) (>= netstandard1.6)) (== net6.0) (== netcoreapp2.1) (== netstandard1.6) (== netstandard2.0)
      System.Resources.ResourceManager (>= 4.3) - restriction: || (&& (== net462) (< net45) (>= netstandard1.6)) (== net6.0) (== netcoreapp2.1) (== netstandard1.6) (== netstandard2.0)
      System.Runtime (>= 4.3) - restriction: || (&& (== net462) (< net45)) (== net6.0) (== netcoreapp2.1) (== netstandard1.6) (== netstandard2.0)
      System.Runtime.Extensions (>= 4.3) - restriction: || (&& (== net462) (< net45) (>= netstandard1.6)) (== net6.0) (== netcoreapp2.1) (== netstandard1.6) (== netstandard2.0)
      System.Threading (>= 4.3) - restriction: || (&& (== net462) (< net45) (>= netstandard1.6)) (== net6.0) (== netcoreapp2.1) (== netstandard1.6) (== netstandard2.0)
    System.Management (6.0) - restriction: || (&& (== net462) (>= netstandard2.0)) (== net6.0) (== netcoreapp2.1) (&& (== netstandard1.6) (>= netstandard2.0)) (== netstandard2.0)
      System.CodeDom (>= 6.0) - restriction: || (&& (== net462) (>= netstandard2.0)) (== net6.0) (== netcoreapp2.1) (&& (== netstandard1.6) (>= netstandard2.0)) (== netstandard2.0)
    System.Memory (4.5.5)
      System.Buffers (>= 4.5.1) - restriction: || (== net462) (&& (== net6.0) (>= monotouch)) (&& (== net6.0) (>= net461)) (&& (== net6.0) (< netcoreapp2.0)) (&& (== net6.0) (< netstandard1.1)) (&& (== net6.0) (< netstandard2.0)) (&& (== net6.0) (>= xamarinios)) (&& (== net6.0) (>= xamarinmac)) (&& (== net6.0) (>= xamarintvos)) (&& (== net6.0) (>= xamarinwatchos)) (&& (== netcoreapp2.1) (>= monotouch)) (&& (== netcoreapp2.1) (>= net461)) (&& (== netcoreapp2.1) (< netcoreapp2.0)) (&& (== netcoreapp2.1) (< netstandard1.1)) (&& (== netcoreapp2.1) (< netstandard2.0)) (&& (== netcoreapp2.1) (>= xamarinios)) (&& (== netcoreapp2.1) (>= xamarinmac)) (&& (== netcoreapp2.1) (>= xamarintvos)) (&& (== netcoreapp2.1) (>= xamarinwatchos)) (== netstandard1.6) (== netstandard2.0)
      System.Diagnostics.Debug (>= 4.3) - restriction: || (&& (== net462) (< net45)) (&& (== net6.0) (< netstandard2.0)) (&& (== netcoreapp2.1) (< netstandard2.0)) (== netstandard1.6)
      System.Globalization (>= 4.3) - restriction: || (&& (== net462) (< net45)) (&& (== net6.0) (< netstandard2.0)) (&& (== netcoreapp2.1) (< netstandard2.0)) (== netstandard1.6)
      System.Numerics.Vectors (>= 4.4) - restriction: || (&& (== net462) (< net45) (>= netstandard2.0)) (&& (== net6.0) (< netcoreapp2.0)) (&& (== netcoreapp2.1) (< netcoreapp2.0)) (&& (== netstandard1.6) (>= netstandard2.0)) (== netstandard2.0)
      System.Numerics.Vectors (>= 4.5) - restriction: || (== net462) (&& (== net6.0) (>= net461)) (&& (== netcoreapp2.1) (>= net461)) (&& (== netstandard1.6) (>= net461)) (&& (== netstandard2.0) (>= net461))
      System.Reflection (>= 4.3) - restriction: || (&& (== net462) (< net45)) (&& (== net6.0) (< netstandard2.0)) (&& (== netcoreapp2.1) (< netstandard2.0)) (== netstandard1.6)
      System.Resources.ResourceManager (>= 4.3) - restriction: || (&& (== net462) (< net45)) (&& (== net6.0) (< netstandard2.0)) (&& (== netcoreapp2.1) (< netstandard2.0)) (== netstandard1.6)
      System.Runtime (>= 4.3) - restriction: || (&& (== net462) (< net45)) (&& (== net6.0) (< netstandard2.0)) (&& (== netcoreapp2.1) (< netstandard2.0)) (== netstandard1.6)
      System.Runtime.CompilerServices.Unsafe (>= 4.5.3) - restriction: || (== net462) (&& (== net6.0) (>= monotouch)) (&& (== net6.0) (>= net461)) (&& (== net6.0) (< netcoreapp2.0)) (&& (== net6.0) (< netcoreapp2.1)) (&& (== net6.0) (< netstandard1.1)) (&& (== net6.0) (< netstandard2.0)) (&& (== net6.0) (>= uap10.1)) (&& (== net6.0) (>= xamarinios)) (&& (== net6.0) (>= xamarinmac)) (&& (== net6.0) (>= xamarintvos)) (&& (== net6.0) (>= xamarinwatchos)) (&& (== netcoreapp2.1) (>= monotouch)) (&& (== netcoreapp2.1) (>= net461)) (&& (== netcoreapp2.1) (< netcoreapp2.0)) (&& (== netcoreapp2.1) (< netstandard1.1)) (&& (== netcoreapp2.1) (< netstandard2.0)) (&& (== netcoreapp2.1) (>= uap10.1)) (&& (== netcoreapp2.1) (>= xamarinios)) (&& (== netcoreapp2.1) (>= xamarinmac)) (&& (== netcoreapp2.1) (>= xamarintvos)) (&& (== netcoreapp2.1) (>= xamarinwatchos)) (== netstandard1.6) (== netstandard2.0)
      System.Runtime.Extensions (>= 4.3) - restriction: || (&& (== net462) (< net45)) (&& (== net6.0) (< netstandard2.0)) (&& (== netcoreapp2.1) (< netstandard2.0)) (== netstandard1.6)
      System.Runtime.InteropServices (>= 4.3) - restriction: || (&& (== net462) (< net45)) (&& (== net6.0) (< netstandard2.0)) (&& (== netcoreapp2.1) (< netstandard2.0)) (== netstandard1.6)
    System.Net.Http (4.3.4) - restriction: || (&& (== net462) (== net6.0)) (&& (== net462) (== netcoreapp2.1)) (&& (== net462) (== netstandard2.0)) (&& (== net462) (< net45)) (&& (== net462) (< netstandard1.5) (>= uap10.0)) (&& (== net6.0) (< netstandard1.2)) (&& (== net6.0) (< netstandard1.3)) (&& (== net6.0) (< netstandard1.4)) (&& (== net6.0) (< netstandard1.5)) (&& (== net6.0) (< netstandard1.6)) (&& (== net6.0) (< netstandard2.0)) (&& (== netcoreapp2.1) (< netstandard1.2)) (&& (== netcoreapp2.1) (< netstandard1.3)) (&& (== netcoreapp2.1) (< netstandard1.4)) (&& (== netcoreapp2.1) (< netstandard1.5)) (&& (== netcoreapp2.1) (< netstandard1.6)) (&& (== netcoreapp2.1) (< netstandard2.0)) (== netstandard1.6)
      Microsoft.NETCore.Platforms (>= 1.1.1) - restriction: || (&& (== net462) (< net45)) (== net6.0) (== netcoreapp2.1) (== netstandard1.6) (== netstandard2.0)
      runtime.native.System (>= 4.3) - restriction: || (&& (== net462) (< net45) (>= netstandard1.6)) (== net6.0) (== netcoreapp2.1) (== netstandard1.6) (== netstandard2.0)
      runtime.native.System.Net.Http (>= 4.3) - restriction: || (&& (== net462) (< net45) (>= netstandard1.6)) (== net6.0) (== netcoreapp2.1) (== netstandard1.6) (== netstandard2.0)
      runtime.native.System.Security.Cryptography.OpenSsl (>= 4.3.2) - restriction: || (&& (== net462) (< net45) (>= netstandard1.6)) (== net6.0) (== netcoreapp2.1) (== netstandard1.6) (== netstandard2.0)
      System.Collections (>= 4.3) - restriction: || (&& (== net462) (< net45)) (== net6.0) (== netcoreapp2.1) (== netstandard1.6) (== netstandard2.0)
      System.Diagnostics.Debug (>= 4.3) - restriction: || (&& (== net462) (< net45)) (== net6.0) (== netcoreapp2.1) (== netstandard1.6) (== netstandard2.0)
      System.Diagnostics.DiagnosticSource (>= 4.3) - restriction: || (&& (== net462) (< net45)) (== net6.0) (== netcoreapp2.1) (== netstandard1.6) (== netstandard2.0)
      System.Diagnostics.Tracing (>= 4.3) - restriction: || (&& (== net462) (< net45)) (== net6.0) (== netcoreapp2.1) (== netstandard1.6) (== netstandard2.0)
      System.Globalization (>= 4.3) - restriction: || (&& (== net462) (< net45)) (== net6.0) (== netcoreapp2.1) (== netstandard1.6) (== netstandard2.0)
      System.Globalization.Extensions (>= 4.3) - restriction: || (&& (== net462) (< net45) (>= netstandard1.6)) (== net6.0) (== netcoreapp2.1) (== netstandard1.6) (== netstandard2.0)
      System.IO (>= 4.3) - restriction: || (&& (== net462) (< net45)) (== net6.0) (== netcoreapp2.1) (== netstandard1.6) (== netstandard2.0)
      System.IO.FileSystem (>= 4.3) - restriction: || (&& (== net462) (< net45) (>= netstandard1.6)) (== net6.0) (== netcoreapp2.1) (== netstandard1.6) (== netstandard2.0)
      System.Net.Primitives (>= 4.3) - restriction: || (&& (== net462) (< net45)) (== net6.0) (== netcoreapp2.1) (== netstandard1.6) (== netstandard2.0)
      System.Resources.ResourceManager (>= 4.3) - restriction: || (&& (== net462) (< net45)) (== net6.0) (== netcoreapp2.1) (== netstandard1.6) (== netstandard2.0)
      System.Runtime (>= 4.3) - restriction: || (&& (== net462) (< net45)) (== net6.0) (== netcoreapp2.1) (== netstandard1.6) (== netstandard2.0)
      System.Runtime.Extensions (>= 4.3) - restriction: || (&& (== net462) (< net45)) (== net6.0) (== netcoreapp2.1) (== netstandard1.6) (== netstandard2.0)
      System.Runtime.Handles (>= 4.3) - restriction: || (&& (== net462) (< net45)) (== net6.0) (== netcoreapp2.1) (== netstandard1.6) (== netstandard2.0)
      System.Runtime.InteropServices (>= 4.3) - restriction: || (&& (== net462) (< net45)) (== net6.0) (== netcoreapp2.1) (== netstandard1.6) (== netstandard2.0)
      System.Security.Cryptography.Algorithms (>= 4.3) - restriction: || (&& (== net462) (< net45) (>= netstandard1.6)) (== net6.0) (== netcoreapp2.1) (== netstandard1.6) (== netstandard2.0)
      System.Security.Cryptography.Encoding (>= 4.3) - restriction: || (&& (== net462) (< net45)) (== net6.0) (== netcoreapp2.1) (== netstandard1.6) (== netstandard2.0)
      System.Security.Cryptography.OpenSsl (>= 4.3) - restriction: || (&& (== net462) (< net45) (>= netstandard1.6)) (== net6.0) (== netcoreapp2.1) (== netstandard1.6) (== netstandard2.0)
      System.Security.Cryptography.Primitives (>= 4.3) - restriction: || (&& (== net462) (< net45) (>= netstandard1.6)) (== net6.0) (== netcoreapp2.1) (== netstandard1.6) (== netstandard2.0)
      System.Security.Cryptography.X509Certificates (>= 4.3)
      System.Text.Encoding (>= 4.3) - restriction: || (&& (== net462) (< net45)) (== net6.0) (== netcoreapp2.1) (== netstandard1.6) (== netstandard2.0)
      System.Threading (>= 4.3) - restriction: || (&& (== net462) (< net45)) (== net6.0) (== netcoreapp2.1) (== netstandard1.6) (== netstandard2.0)
      System.Threading.Tasks (>= 4.3) - restriction: || (&& (== net462) (< net45)) (== net6.0) (== netcoreapp2.1) (== netstandard1.6) (== netstandard2.0)
    System.Net.Primitives (4.3.1) - restriction: || (&& (== net462) (== net6.0)) (&& (== net462) (== netcoreapp2.1)) (&& (== net462) (== netstandard2.0)) (&& (== net462) (< net45)) (&& (== net462) (< netstandard1.5) (>= uap10.0)) (&& (== net462) (< portable-net45+win8+wpa81)) (&& (== net6.0) (< netstandard1.2)) (&& (== net6.0) (< netstandard1.3)) (&& (== net6.0) (< netstandard1.4)) (&& (== net6.0) (< netstandard1.5)) (&& (== net6.0) (< netstandard1.6)) (&& (== net6.0) (< netstandard2.0)) (&& (== net6.0) (< portable-net45+win8+wpa81)) (&& (== netcoreapp2.1) (< netstandard1.2)) (&& (== netcoreapp2.1) (< netstandard1.3)) (&& (== netcoreapp2.1) (< netstandard1.4)) (&& (== netcoreapp2.1) (< netstandard1.5)) (&& (== netcoreapp2.1) (< netstandard1.6)) (&& (== netcoreapp2.1) (< netstandard2.0)) (&& (== netcoreapp2.1) (< portable-net45+win8+wpa81)) (== netstandard1.6)
      Microsoft.NETCore.Platforms (>= 1.1.1) - restriction: || (&& (== net462) (< net45)) (&& (== net462) (< netstandard1.1)) (== net6.0) (== netcoreapp2.1) (== netstandard1.6) (== netstandard2.0)
      Microsoft.NETCore.Targets (>= 1.1.3) - restriction: || (&& (== net462) (< net45)) (&& (== net462) (< netstandard1.1)) (== net6.0) (== netcoreapp2.1) (== netstandard1.6) (== netstandard2.0)
      System.Runtime (>= 4.3.1) - restriction: || (&& (== net462) (< net45)) (&& (== net462) (< netstandard1.1)) (== net6.0) (== netcoreapp2.1) (== netstandard1.6) (== netstandard2.0)
      System.Runtime.Handles (>= 4.3) - restriction: || (&& (== net462) (< net45)) (== net6.0) (== netcoreapp2.1) (== netstandard1.6) (== netstandard2.0)
    System.Net.Sockets (4.3) - restriction: || (&& (== net462) (== net6.0)) (&& (== net462) (== netcoreapp2.1)) (&& (== net462) (== netstandard2.0)) (&& (== net462) (< net45)) (&& (== net462) (< netstandard1.5) (>= uap10.0)) (&& (== net6.0) (< netstandard1.4)) (&& (== net6.0) (< netstandard1.5)) (&& (== net6.0) (< netstandard1.6)) (&& (== net6.0) (< netstandard2.0)) (&& (== netcoreapp2.1) (< netstandard1.4)) (&& (== netcoreapp2.1) (< netstandard1.5)) (&& (== netcoreapp2.1) (< netstandard1.6)) (&& (== netcoreapp2.1) (< netstandard2.0)) (== netstandard1.6)
      Microsoft.NETCore.Platforms (>= 1.1) - restriction: || (&& (== net462) (< net46)) (== net6.0) (== netcoreapp2.1) (== netstandard1.6) (== netstandard2.0)
      Microsoft.NETCore.Targets (>= 1.1) - restriction: || (&& (== net462) (< net46)) (== net6.0) (== netcoreapp2.1) (== netstandard1.6) (== netstandard2.0)
      System.IO (>= 4.3) - restriction: || (&& (== net462) (< net46)) (== net6.0) (== netcoreapp2.1) (== netstandard1.6) (== netstandard2.0)
      System.Net.Primitives (>= 4.3) - restriction: || (&& (== net462) (< net46)) (== net6.0) (== netcoreapp2.1) (== netstandard1.6) (== netstandard2.0)
      System.Runtime (>= 4.3) - restriction: || (&& (== net462) (< net46)) (== net6.0) (== netcoreapp2.1) (== netstandard1.6) (== netstandard2.0)
      System.Threading.Tasks (>= 4.3) - restriction: || (&& (== net462) (< net46)) (== net6.0) (== netcoreapp2.1) (== netstandard1.6) (== netstandard2.0)
    System.Numerics.Vectors (4.5) - restriction: || (== net462) (&& (== net6.0) (== netstandard1.6)) (&& (== net6.0) (>= net461)) (&& (== net6.0) (< netcoreapp2.0)) (== netcoreapp2.1) (&& (== netstandard1.6) (>= net461)) (&& (== netstandard1.6) (>= netstandard2.0)) (== netstandard2.0)
    System.ObjectModel (4.3) - restriction: || (&& (== net462) (== net6.0)) (&& (== net462) (== netcoreapp2.1)) (&& (== net462) (== netstandard2.0)) (&& (== net462) (< net45)) (&& (== net462) (< netstandard1.5) (>= uap10.0)) (&& (== net462) (< portable-net45+win8+wpa81)) (&& (== net6.0) (< netstandard1.2)) (&& (== net6.0) (< netstandard1.3)) (&& (== net6.0) (< netstandard1.4)) (&& (== net6.0) (< netstandard1.5)) (&& (== net6.0) (< netstandard1.6)) (&& (== net6.0) (< netstandard2.0)) (&& (== net6.0) (< portable-net45+win8+wpa81)) (&& (== netcoreapp2.1) (< netstandard1.2)) (&& (== netcoreapp2.1) (< netstandard1.3)) (&& (== netcoreapp2.1) (< netstandard1.4)) (&& (== netcoreapp2.1) (< netstandard1.5)) (&& (== netcoreapp2.1) (< netstandard1.6)) (&& (== netcoreapp2.1) (< netstandard2.0)) (&& (== netcoreapp2.1) (< portable-net45+win8+wpa81)) (== netstandard1.6)
      System.Collections (>= 4.3) - restriction: || (&& (== net462) (< net45)) (== net6.0) (== netcoreapp2.1) (== netstandard1.6) (== netstandard2.0)
      System.Diagnostics.Debug (>= 4.3) - restriction: || (&& (== net462) (< net45)) (== net6.0) (== netcoreapp2.1) (== netstandard1.6) (== netstandard2.0)
      System.Resources.ResourceManager (>= 4.3) - restriction: || (&& (== net462) (< net45)) (== net6.0) (== netcoreapp2.1) (== netstandard1.6) (== netstandard2.0)
      System.Runtime (>= 4.3) - restriction: || (&& (== net462) (< net45)) (== net6.0) (== netcoreapp2.1) (== netstandard1.6) (== netstandard2.0)
      System.Threading (>= 4.3) - restriction: || (&& (== net462) (< net45)) (== net6.0) (== netcoreapp2.1) (== netstandard1.6) (== netstandard2.0)
    System.Reactive (5.0)
      System.Runtime.InteropServices.WindowsRuntime (>= 4.3) - restriction: || (&& (== net462) (>= netstandard2.0)) (&& (== net6.0) (< netcoreapp3.1)) (== netcoreapp2.1) (&& (== netstandard1.6) (>= netstandard2.0)) (== netstandard2.0)
      System.Threading.Tasks.Extensions (>= 4.5.4) - restriction: || (&& (== net462) (>= net472)) (&& (== net462) (>= netstandard2.0)) (&& (== net462) (>= uap10.1)) (&& (== net6.0) (>= net472)) (&& (== net6.0) (< netcoreapp3.1)) (&& (== net6.0) (>= uap10.1)) (== netcoreapp2.1) (&& (== netstandard1.6) (>= net472)) (&& (== netstandard1.6) (>= netstandard2.0)) (&& (== netstandard1.6) (>= uap10.1)) (== netstandard2.0)
    System.Reflection (4.3) - restriction: || (&& (== net462) (== net6.0)) (&& (== net462) (== netcoreapp2.1)) (&& (== net462) (== netstandard2.0)) (&& (== net462) (< net45)) (&& (== net6.0) (< netstandard2.0)) (&& (== netcoreapp2.1) (< netstandard2.0)) (== netstandard1.6)
      Microsoft.NETCore.Platforms (>= 1.1) - restriction: || (&& (== net462) (< net45)) (== net6.0) (== netcoreapp2.1) (== netstandard1.6) (== netstandard2.0)
      Microsoft.NETCore.Targets (>= 1.1) - restriction: || (&& (== net462) (< net45)) (== net6.0) (== netcoreapp2.1) (== netstandard1.6) (== netstandard2.0)
      System.IO (>= 4.3) - restriction: || (&& (== net462) (< net45)) (== net6.0) (== netcoreapp2.1) (== netstandard1.6) (== netstandard2.0)
      System.Reflection.Primitives (>= 4.3) - restriction: || (&& (== net462) (< net45)) (== net6.0) (== netcoreapp2.1) (== netstandard1.6) (== netstandard2.0)
      System.Runtime (>= 4.3) - restriction: || (&& (== net462) (< net45)) (== net6.0) (== netcoreapp2.1) (== netstandard1.6) (== netstandard2.0)
    System.Reflection.Emit (4.7) - restriction: || (&& (== net462) (< net45) (>= netstandard1.6)) (&& (== net462) (< netstandard1.5) (>= netstandard1.6) (>= uap10.0)) (&& (== net462) (>= netstandard1.6) (< portable-net45+win8+wpa81)) (&& (== net462) (>= netstandard2.0)) (== net6.0) (== netcoreapp2.1) (== netstandard1.6) (== netstandard2.0)
      System.Reflection.Emit.ILGeneration (>= 4.7) - restriction: || (&& (== net462) (< net45)) (&& (== net462) (< netstandard1.1)) (&& (== net462) (>= uap10.1)) (&& (== net462) (>= wpa81)) (&& (== net6.0) (< netcoreapp2.0) (< netstandard2.1)) (&& (== net6.0) (< netstandard1.1)) (&& (== net6.0) (< netstandard2.0)) (&& (== net6.0) (>= uap10.1)) (&& (== netcoreapp2.1) (< netcoreapp2.0)) (&& (== netcoreapp2.1) (< netstandard1.1)) (&& (== netcoreapp2.1) (< netstandard2.0)) (&& (== netcoreapp2.1) (>= uap10.1)) (== netstandard1.6) (== netstandard2.0)
    System.Reflection.Emit.ILGeneration (4.7) - restriction: || (&& (== net462) (== net6.0)) (&& (== net462) (== netcoreapp2.1)) (&& (== net462) (< net45) (>= netstandard1.6)) (&& (== net462) (< net45) (>= netstandard2.0)) (&& (== net462) (< netstandard1.1) (>= netstandard2.0)) (&& (== net462) (< netstandard1.5) (>= netstandard1.6) (>= uap10.0)) (&& (== net462) (>= netstandard1.6) (< portable-net45+win8+wpa81)) (&& (== net462) (>= netstandard2.0) (>= uap10.1)) (&& (== net462) (>= netstandard2.0) (>= wpa81)) (&& (== net6.0) (< netcoreapp2.0) (< netstandard2.1)) (&& (== net6.0) (< netstandard1.1)) (&& (== net6.0) (< netstandard1.2)) (&& (== net6.0) (< netstandard1.3)) (&& (== net6.0) (< netstandard1.4)) (&& (== net6.0) (< netstandard1.5)) (&& (== net6.0) (< netstandard1.6)) (&& (== net6.0) (< netstandard2.0)) (&& (== net6.0) (< portable-net45+win8+wpa81)) (&& (== net6.0) (>= uap10.1)) (&& (== netcoreapp2.1) (< netcoreapp2.0)) (&& (== netcoreapp2.1) (< netstandard1.1)) (&& (== netcoreapp2.1) (< netstandard1.2)) (&& (== netcoreapp2.1) (< netstandard1.3)) (&& (== netcoreapp2.1) (< netstandard1.4)) (&& (== netcoreapp2.1) (< netstandard1.5)) (&& (== netcoreapp2.1) (< netstandard1.6)) (&& (== netcoreapp2.1) (< netstandard2.0)) (&& (== netcoreapp2.1) (< portable-net45+win8+wpa81)) (&& (== netcoreapp2.1) (>= uap10.1)) (== netstandard1.6) (== netstandard2.0)
    System.Reflection.Emit.Lightweight (4.7) - restriction: || (&& (== net462) (< net45) (>= netstandard1.6)) (&& (== net462) (< netstandard1.5) (>= netstandard1.6) (>= uap10.0)) (&& (== net462) (>= netstandard1.6) (< portable-net45+win8+wpa81)) (&& (== net462) (>= netstandard2.0)) (== net6.0) (== netcoreapp2.1) (== netstandard1.6) (== netstandard2.0)
      System.Reflection.Emit.ILGeneration (>= 4.7) - restriction: || (&& (== net462) (< net45)) (&& (== net462) (< portable-net45+wp8)) (&& (== net462) (>= uap10.1)) (&& (== net462) (>= wpa81)) (&& (== net6.0) (< netcoreapp2.0) (< netstandard2.1)) (&& (== net6.0) (< netstandard2.0)) (&& (== net6.0) (< portable-net45+wp8)) (&& (== net6.0) (>= uap10.1)) (&& (== netcoreapp2.1) (< netcoreapp2.0)) (&& (== netcoreapp2.1) (< netstandard2.0)) (&& (== netcoreapp2.1) (< portable-net45+wp8)) (&& (== netcoreapp2.1) (>= uap10.1)) (== netstandard1.6) (== netstandard2.0)
    System.Reflection.Extensions (4.3) - restriction: || (&& (== net462) (== net6.0)) (&& (== net462) (== netcoreapp2.1)) (&& (== net462) (== netstandard2.0)) (&& (== net462) (< net45)) (&& (== net462) (< netstandard1.5) (>= uap10.0)) (&& (== net462) (< portable-net45+win8+wpa81)) (&& (== net6.0) (< netstandard1.2)) (&& (== net6.0) (< netstandard1.3)) (&& (== net6.0) (< netstandard1.4)) (&& (== net6.0) (< netstandard1.5)) (&& (== net6.0) (< netstandard1.6)) (&& (== net6.0) (< netstandard2.0)) (&& (== net6.0) (< portable-net45+win8+wpa81)) (&& (== netcoreapp2.1) (< netstandard1.2)) (&& (== netcoreapp2.1) (< netstandard1.3)) (&& (== netcoreapp2.1) (< netstandard1.4)) (&& (== netcoreapp2.1) (< netstandard1.5)) (&& (== netcoreapp2.1) (< netstandard1.6)) (&& (== netcoreapp2.1) (< netstandard2.0)) (&& (== netcoreapp2.1) (< portable-net45+win8+wpa81)) (== netstandard1.6)
      Microsoft.NETCore.Platforms (>= 1.1) - restriction: || (&& (== net462) (< net45)) (== net6.0) (== netcoreapp2.1) (== netstandard1.6) (== netstandard2.0)
      Microsoft.NETCore.Targets (>= 1.1) - restriction: || (&& (== net462) (< net45)) (== net6.0) (== netcoreapp2.1) (== netstandard1.6) (== netstandard2.0)
      System.Reflection (>= 4.3) - restriction: || (&& (== net462) (< net45)) (== net6.0) (== netcoreapp2.1) (== netstandard1.6) (== netstandard2.0)
      System.Runtime (>= 4.3) - restriction: || (&& (== net462) (< net45)) (== net6.0) (== netcoreapp2.1) (== netstandard1.6) (== netstandard2.0)
    System.Reflection.Metadata (6.0.1) - restriction: || (&& (== net462) (>= netcoreapp1.0)) (&& (== net462) (>= netcoreapp2.1)) (&& (== net462) (>= netstandard2.0)) (== net6.0) (== netcoreapp2.1) (&& (== netstandard1.6) (>= netcoreapp1.0)) (&& (== netstandard1.6) (>= netcoreapp2.1)) (&& (== netstandard1.6) (>= netstandard2.0)) (== netstandard2.0)
      System.Collections.Immutable (>= 6.0) - restriction: || (== net462) (== net6.0) (== netcoreapp2.1) (&& (== netstandard1.6) (>= net461)) (&& (== netstandard1.6) (>= netstandard2.0)) (== netstandard2.0)
    System.Reflection.Primitives (4.3) - restriction: || (&& (== net462) (== net6.0)) (&& (== net462) (== netcoreapp2.1)) (&& (== net462) (== netstandard2.0)) (&& (== net462) (< net45)) (&& (== net6.0) (< netstandard1.3)) (&& (== net6.0) (< netstandard1.5)) (&& (== net6.0) (< netstandard2.0)) (&& (== netcoreapp2.1) (< netstandard1.3)) (&& (== netcoreapp2.1) (< netstandard1.5)) (&& (== netcoreapp2.1) (< netstandard2.0)) (== netstandard1.6)
      Microsoft.NETCore.Platforms (>= 1.1) - restriction: || (&& (== net462) (< net45)) (== net6.0) (== netcoreapp2.1) (== netstandard1.6) (== netstandard2.0)
      Microsoft.NETCore.Targets (>= 1.1) - restriction: || (&& (== net462) (< net45)) (== net6.0) (== netcoreapp2.1) (== netstandard1.6) (== netstandard2.0)
      System.Runtime (>= 4.3) - restriction: || (&& (== net462) (< net45)) (== net6.0) (== netcoreapp2.1) (== netstandard1.6) (== netstandard2.0)
    System.Reflection.TypeExtensions (4.7) - restriction: || (&& (== net462) (== net6.0)) (&& (== net462) (== netcoreapp2.1)) (&& (== net462) (== netstandard2.0)) (&& (== net462) (< net45) (>= netstandard1.6)) (&& (== net462) (< netstandard1.5) (>= netstandard1.6) (>= uap10.0)) (&& (== net462) (>= netstandard1.6) (< portable-net45+win8+wpa81)) (&& (== net6.0) (< netstandard1.2)) (&& (== net6.0) (< netstandard1.3)) (&& (== net6.0) (< netstandard1.4)) (&& (== net6.0) (< netstandard1.5)) (&& (== net6.0) (< netstandard1.6)) (&& (== net6.0) (< netstandard2.0)) (&& (== net6.0) (< portable-net45+win8+wpa81)) (&& (== netcoreapp2.1) (< netstandard1.2)) (&& (== netcoreapp2.1) (< netstandard1.3)) (&& (== netcoreapp2.1) (< netstandard1.4)) (&& (== netcoreapp2.1) (< netstandard1.5)) (&& (== netcoreapp2.1) (< netstandard1.6)) (&& (== netcoreapp2.1) (< netstandard2.0)) (&& (== netcoreapp2.1) (< portable-net45+win8+wpa81)) (== netstandard1.6)
      System.Reflection (>= 4.3) - restriction: || (&& (== net462) (< net46)) (&& (== net6.0) (< netstandard1.5)) (&& (== net6.0) (< netstandard2.0)) (&& (== netcoreapp2.1) (< netstandard1.5)) (&& (== netcoreapp2.1) (< netstandard2.0)) (== netstandard1.6) (&& (== netstandard2.0) (< netstandard1.5))
      System.Resources.ResourceManager (>= 4.3) - restriction: || (&& (== net462) (< net46)) (&& (== net6.0) (< netstandard1.5)) (&& (== net6.0) (< netstandard2.0)) (&& (== netcoreapp2.1) (< netstandard1.5)) (&& (== netcoreapp2.1) (< netstandard2.0)) (== netstandard1.6) (&& (== netstandard2.0) (< netstandard1.5))
      System.Runtime (>= 4.3) - restriction: || (&& (== net462) (< net46)) (&& (== net6.0) (< netstandard1.5)) (&& (== net6.0) (< netstandard2.0)) (&& (== netcoreapp2.1) (< netstandard1.5)) (&& (== netcoreapp2.1) (< netstandard2.0)) (== netstandard1.6) (&& (== netstandard2.0) (< netstandard1.5))
    System.Resources.ResourceManager (4.3) - restriction: || (&& (== net462) (== net6.0)) (&& (== net462) (== netcoreapp2.1)) (&& (== net462) (== netstandard2.0)) (&& (== net462) (< net45)) (&& (== net6.0) (< netstandard2.0)) (&& (== netcoreapp2.1) (< netstandard2.0)) (== netstandard1.6)
      Microsoft.NETCore.Platforms (>= 1.1) - restriction: || (&& (== net462) (< net45)) (== net6.0) (== netcoreapp2.1) (== netstandard1.6) (== netstandard2.0)
      Microsoft.NETCore.Targets (>= 1.1) - restriction: || (&& (== net462) (< net45)) (== net6.0) (== netcoreapp2.1) (== netstandard1.6) (== netstandard2.0)
      System.Globalization (>= 4.3) - restriction: || (&& (== net462) (< net45)) (== net6.0) (== netcoreapp2.1) (== netstandard1.6) (== netstandard2.0)
      System.Reflection (>= 4.3) - restriction: || (&& (== net462) (< net45)) (== net6.0) (== netcoreapp2.1) (== netstandard1.6) (== netstandard2.0)
      System.Runtime (>= 4.3) - restriction: || (&& (== net462) (< net45)) (== net6.0) (== netcoreapp2.1) (== netstandard1.6) (== netstandard2.0)
    System.Runtime (4.3.1) - restriction: || (&& (== net462) (== net6.0)) (&& (== net462) (< net45)) (&& (== net6.0) (< netcoreapp3.1)) (&& (== net6.0) (< netstandard1.3)) (&& (== net6.0) (< netstandard1.5)) (&& (== net6.0) (< netstandard2.0)) (== netcoreapp2.1) (== netstandard1.6) (== netstandard2.0)
      Microsoft.NETCore.Platforms (>= 1.1.1) - restriction: || (&& (== net462) (< net45)) (== net6.0) (== netcoreapp2.1) (== netstandard1.6) (== netstandard2.0)
      Microsoft.NETCore.Targets (>= 1.1.3) - restriction: || (&& (== net462) (< net45)) (== net6.0) (== netcoreapp2.1) (== netstandard1.6) (== netstandard2.0)
    System.Runtime.CompilerServices.Unsafe (6.0)
    System.Runtime.Extensions (4.3.1) - restriction: || (&& (== net462) (== net6.0)) (&& (== net462) (== netcoreapp2.1)) (&& (== net462) (== netstandard2.0)) (&& (== net462) (< net45)) (&& (== net462) (< netstandard1.5) (>= netstandard1.6) (>= uap10.0)) (&& (== net462) (>= netstandard1.6) (< portable-net45+win8+wpa81)) (&& (== net6.0) (< netstandard1.2)) (&& (== net6.0) (< netstandard1.3)) (&& (== net6.0) (< netstandard1.4)) (&& (== net6.0) (< netstandard1.5)) (&& (== net6.0) (< netstandard1.6)) (&& (== net6.0) (< netstandard2.0)) (&& (== net6.0) (< portable-net45+win8+wpa81)) (&& (== netcoreapp2.1) (< netstandard1.2)) (&& (== netcoreapp2.1) (< netstandard1.3)) (&& (== netcoreapp2.1) (< netstandard1.4)) (&& (== netcoreapp2.1) (< netstandard1.5)) (&& (== netcoreapp2.1) (< netstandard1.6)) (&& (== netcoreapp2.1) (< netstandard2.0)) (&& (== netcoreapp2.1) (< portable-net45+win8+wpa81)) (== netstandard1.6)
      Microsoft.NETCore.Platforms (>= 1.1.1) - restriction: || (&& (== net462) (< net45)) (== net6.0) (== netcoreapp2.1) (== netstandard1.6) (== netstandard2.0)
      Microsoft.NETCore.Targets (>= 1.1.3) - restriction: || (&& (== net462) (< net45)) (== net6.0) (== netcoreapp2.1) (== netstandard1.6) (== netstandard2.0)
      System.Runtime (>= 4.3.1) - restriction: || (&& (== net462) (< net45)) (== net6.0) (== netcoreapp2.1) (== netstandard1.6) (== netstandard2.0)
    System.Runtime.Handles (4.3) - restriction: || (&& (== net462) (== net6.0)) (&& (== net462) (== netcoreapp2.1)) (&& (== net462) (== netstandard2.0)) (&& (== net462) (< net45)) (&& (== net462) (>= netcoreapp1.1)) (&& (== net6.0) (< netstandard1.5)) (&& (== net6.0) (< netstandard2.0)) (&& (== netcoreapp2.1) (< netstandard1.5)) (&& (== netcoreapp2.1) (< netstandard2.0)) (== netstandard1.6)
      Microsoft.NETCore.Platforms (>= 1.1) - restriction: || (&& (== net462) (< net46)) (== net6.0) (== netcoreapp2.1) (== netstandard1.6) (== netstandard2.0)
      Microsoft.NETCore.Targets (>= 1.1) - restriction: || (&& (== net462) (< net46)) (== net6.0) (== netcoreapp2.1) (== netstandard1.6) (== netstandard2.0)
      System.Runtime (>= 4.3) - restriction: || (&& (== net462) (< net46)) (== net6.0) (== netcoreapp2.1) (== netstandard1.6) (== netstandard2.0)
    System.Runtime.InteropServices (4.3) - restriction: || (&& (== net462) (== net6.0)) (&& (== net462) (== netcoreapp2.1)) (&& (== net462) (== netstandard2.0)) (&& (== net462) (< net45)) (&& (== net6.0) (< netstandard2.0)) (&& (== netcoreapp2.1) (< netstandard2.0)) (== netstandard1.6)
      Microsoft.NETCore.Platforms (>= 1.1) - restriction: || (&& (== net462) (< net45)) (&& (== net462) (>= netcoreapp1.1)) (== net6.0) (== netcoreapp2.1) (== netstandard1.6) (== netstandard2.0)
      Microsoft.NETCore.Targets (>= 1.1) - restriction: || (&& (== net462) (< net45)) (&& (== net462) (>= netcoreapp1.1)) (== net6.0) (== netcoreapp2.1) (== netstandard1.6) (== netstandard2.0)
      System.Reflection (>= 4.3) - restriction: || (&& (== net462) (< net45)) (&& (== net462) (>= netcoreapp1.1)) (== net6.0) (== netcoreapp2.1) (== netstandard1.6) (== netstandard2.0)
      System.Reflection.Primitives (>= 4.3) - restriction: || (&& (== net462) (< net45)) (&& (== net462) (>= netcoreapp1.1)) (== net6.0) (== netcoreapp2.1) (== netstandard1.6) (== netstandard2.0)
      System.Runtime (>= 4.3)
      System.Runtime.Handles (>= 4.3) - restriction: || (&& (== net462) (< net45)) (&& (== net462) (>= netcoreapp1.1)) (== net6.0) (== netcoreapp2.1) (== netstandard1.6) (== netstandard2.0)
    System.Runtime.InteropServices.RuntimeInformation (4.3) - restriction: || (&& (== net462) (== net6.0)) (&& (== net462) (== netcoreapp2.1)) (&& (== net462) (== netstandard2.0)) (&& (== net462) (< net45)) (&& (== net462) (< netstandard1.0)) (&& (== net462) (< netstandard1.3) (>= wpa81)) (&& (== net462) (< netstandard1.5) (>= uap10.0)) (&& (== net6.0) (< netstandard1.0)) (&& (== net6.0) (< netstandard1.2)) (&& (== net6.0) (< netstandard1.3)) (&& (== net6.0) (< netstandard1.4)) (&& (== net6.0) (< netstandard1.5)) (&& (== net6.0) (< netstandard1.6)) (&& (== net6.0) (< netstandard2.0)) (&& (== netcoreapp2.1) (< netstandard1.0)) (&& (== netcoreapp2.1) (< netstandard1.2)) (&& (== netcoreapp2.1) (< netstandard1.3)) (&& (== netcoreapp2.1) (< netstandard1.4)) (&& (== netcoreapp2.1) (< netstandard1.5)) (&& (== netcoreapp2.1) (< netstandard1.6)) (&& (== netcoreapp2.1) (< netstandard2.0)) (== netstandard1.6)
      runtime.native.System (>= 4.3) - restriction: || (&& (== net462) (< net45)) (== net6.0) (== netcoreapp2.1) (== netstandard1.6) (== netstandard2.0)
      System.Reflection (>= 4.3) - restriction: || (&& (== net462) (< net45)) (== net6.0) (== netcoreapp2.1) (== netstandard1.6) (== netstandard2.0)
      System.Reflection.Extensions (>= 4.3) - restriction: || (&& (== net462) (< net45)) (== net6.0) (== netcoreapp2.1) (== netstandard1.6) (== netstandard2.0)
      System.Resources.ResourceManager (>= 4.3) - restriction: || (&& (== net462) (< net45)) (== net6.0) (== netcoreapp2.1) (== netstandard1.6) (== netstandard2.0)
      System.Runtime (>= 4.3) - restriction: || (&& (== net462) (< net45)) (== net6.0) (== netcoreapp2.1) (== netstandard1.6) (== netstandard2.0)
      System.Runtime.InteropServices (>= 4.3) - restriction: || (&& (== net462) (< net45)) (== net6.0) (== netcoreapp2.1) (== netstandard1.6) (== netstandard2.0)
      System.Threading (>= 4.3) - restriction: || (&& (== net462) (< net45)) (== net6.0) (== netcoreapp2.1) (== netstandard1.6) (== netstandard2.0)
    System.Runtime.InteropServices.WindowsRuntime (4.3) - restriction: || (&& (== net462) (== net6.0)) (&& (== net462) (>= netstandard2.0)) (&& (== net6.0) (== netstandard1.6)) (&& (== net6.0) (< netcoreapp3.1)) (== netcoreapp2.1) (&& (== netstandard1.6) (>= netstandard2.0)) (== netstandard2.0)
      System.Runtime (>= 4.3) - restriction: || (&& (== net462) (< net45)) (== net6.0) (== netcoreapp2.1) (== netstandard1.6) (== netstandard2.0)
    System.Runtime.Numerics (4.3) - restriction: || (&& (== net462) (== net6.0)) (&& (== net462) (== netcoreapp2.1)) (&& (== net462) (== netstandard2.0)) (&& (== net462) (< net45)) (&& (== net462) (< netstandard1.5) (>= uap10.0)) (&& (== net6.0) (< netstandard1.2)) (&& (== net6.0) (< netstandard1.3)) (&& (== net6.0) (< netstandard1.4)) (&& (== net6.0) (< netstandard1.5)) (&& (== net6.0) (< netstandard1.6)) (&& (== net6.0) (< netstandard2.0)) (&& (== netcoreapp2.1) (< netstandard1.2)) (&& (== netcoreapp2.1) (< netstandard1.3)) (&& (== netcoreapp2.1) (< netstandard1.4)) (&& (== netcoreapp2.1) (< netstandard1.5)) (&& (== netcoreapp2.1) (< netstandard1.6)) (&& (== netcoreapp2.1) (< netstandard2.0)) (== netstandard1.6)
      System.Globalization (>= 4.3) - restriction: || (&& (== net462) (< net45)) (== net6.0) (== netcoreapp2.1) (== netstandard1.6) (== netstandard2.0)
      System.Resources.ResourceManager (>= 4.3) - restriction: || (&& (== net462) (< net45)) (== net6.0) (== netcoreapp2.1) (== netstandard1.6) (== netstandard2.0)
      System.Runtime (>= 4.3) - restriction: || (&& (== net462) (< net45)) (== net6.0) (== netcoreapp2.1) (== netstandard1.6) (== netstandard2.0)
      System.Runtime.Extensions (>= 4.3) - restriction: || (&& (== net462) (< net45)) (== net6.0) (== netcoreapp2.1) (== netstandard1.6) (== netstandard2.0)
    System.Security.AccessControl (6.0) - restriction: || (&& (== net462) (== net6.0)) (&& (== net462) (>= netcoreapp2.0)) (&& (== net462) (>= netcoreapp2.1)) (&& (== net462) (>= netstandard2.0)) (&& (== net462) (>= xamarinios)) (&& (== net462) (>= xamarinmac)) (&& (== net6.0) (== netstandard1.6)) (== netcoreapp2.1) (&& (== netstandard1.6) (>= netcoreapp2.0)) (&& (== netstandard1.6) (>= netcoreapp2.1)) (&& (== netstandard1.6) (>= netstandard2.0)) (&& (== netstandard1.6) (>= xamarinios)) (&& (== netstandard1.6) (>= xamarinmac)) (== netstandard2.0)
      System.Security.Principal.Windows (>= 5.0) - restriction: || (== net462) (&& (== net6.0) (>= net461)) (== netcoreapp2.1) (&& (== netstandard1.6) (>= net461)) (&& (== netstandard1.6) (>= netstandard2.0)) (== netstandard2.0)
    System.Security.Cryptography.Algorithms (4.3.1) - restriction: || (&& (== net462) (== net6.0)) (&& (== net462) (== netcoreapp2.1)) (&& (== net462) (== netstandard2.0)) (&& (== net462) (< net45)) (&& (== net462) (< netstandard1.5) (>= uap10.0)) (&& (== net6.0) (< netstandard1.2)) (&& (== net6.0) (< netstandard1.3)) (&& (== net6.0) (< netstandard1.4)) (&& (== net6.0) (< netstandard1.5)) (&& (== net6.0) (< netstandard1.6)) (&& (== net6.0) (< netstandard2.0)) (&& (== netcoreapp2.1) (< netstandard1.2)) (&& (== netcoreapp2.1) (< netstandard1.3)) (&& (== netcoreapp2.1) (< netstandard1.4)) (&& (== netcoreapp2.1) (< netstandard1.5)) (&& (== netcoreapp2.1) (< netstandard1.6)) (&& (== netcoreapp2.1) (< netstandard2.0)) (== netstandard1.6)
      Microsoft.NETCore.Platforms (>= 1.1) - restriction: || (&& (== net462) (< net46) (>= netstandard1.6)) (== net6.0) (== netcoreapp2.1) (== netstandard1.6) (== netstandard2.0)
      runtime.native.System.Security.Cryptography.Apple (>= 4.3.1) - restriction: || (&& (== net462) (< net46) (>= netstandard1.6)) (== net6.0) (== netcoreapp2.1) (== netstandard1.6) (== netstandard2.0)
      runtime.native.System.Security.Cryptography.OpenSsl (>= 4.3.2) - restriction: || (&& (== net462) (< net46) (>= netstandard1.6)) (== net6.0) (== netcoreapp2.1) (== netstandard1.6) (== netstandard2.0)
      System.Collections (>= 4.3) - restriction: || (&& (== net462) (< net46) (>= netstandard1.6)) (== net6.0) (== netcoreapp2.1) (== netstandard1.6) (== netstandard2.0)
      System.IO (>= 4.3) - restriction: || (&& (== net462) (< net46)) (&& (== net462) (>= net463)) (== net6.0) (== netcoreapp2.1) (== netstandard1.6) (== netstandard2.0)
      System.Resources.ResourceManager (>= 4.3) - restriction: || (&& (== net462) (< net46) (>= netstandard1.6)) (== net6.0) (== netcoreapp2.1) (== netstandard1.6) (== netstandard2.0)
      System.Runtime (>= 4.3) - restriction: || (&& (== net462) (< net46)) (&& (== net462) (>= net463)) (== net6.0) (== netcoreapp2.1) (== netstandard1.6) (== netstandard2.0)
      System.Runtime.Extensions (>= 4.3) - restriction: || (&& (== net462) (< net46) (>= netstandard1.6)) (== net6.0) (== netcoreapp2.1) (== netstandard1.6) (== netstandard2.0)
      System.Runtime.Handles (>= 4.3) - restriction: || (&& (== net462) (< net46) (>= netstandard1.6)) (== net6.0) (== netcoreapp2.1) (== netstandard1.6) (== netstandard2.0)
      System.Runtime.InteropServices (>= 4.3) - restriction: || (&& (== net462) (< net46) (>= netstandard1.6)) (== net6.0) (== netcoreapp2.1) (== netstandard1.6) (== netstandard2.0)
      System.Runtime.Numerics (>= 4.3) - restriction: || (&& (== net462) (< net46) (>= netstandard1.6)) (== net6.0) (== netcoreapp2.1) (== netstandard1.6) (== netstandard2.0)
      System.Security.Cryptography.Encoding (>= 4.3) - restriction: || (&& (== net462) (< net46) (>= netstandard1.6)) (&& (== net462) (>= net463)) (== net6.0) (== netcoreapp2.1) (== netstandard1.6) (== netstandard2.0)
      System.Security.Cryptography.Primitives (>= 4.3)
      System.Text.Encoding (>= 4.3) - restriction: || (&& (== net462) (< net46) (>= netstandard1.6)) (== net6.0) (== netcoreapp2.1) (== netstandard1.6) (== netstandard2.0)
    System.Security.Cryptography.Cng (5.0) - restriction: || (&& (== net462) (== net6.0)) (&& (== net462) (== netcoreapp2.1)) (&& (== net462) (== netstandard2.0)) (&& (== net462) (< net45) (>= netstandard1.6)) (&& (== net462) (< netstandard1.5) (>= netstandard1.6) (>= uap10.0)) (&& (== net6.0) (< netstandard1.4)) (&& (== net6.0) (< netstandard1.5)) (&& (== net6.0) (< netstandard1.6)) (&& (== net6.0) (< netstandard2.0)) (&& (== netcoreapp2.1) (< netstandard1.4)) (&& (== netcoreapp2.1) (< netstandard1.5)) (&& (== netcoreapp2.1) (< netstandard1.6)) (&& (== netcoreapp2.1) (< netstandard2.0)) (== netstandard1.6)
      System.IO (>= 4.3) - restriction: || (&& (== net462) (< net46)) (&& (== net6.0) (< netstandard1.4)) (&& (== net6.0) (< netstandard1.6)) (&& (== net6.0) (< netstandard2.0)) (&& (== netcoreapp2.1) (< netstandard1.4)) (&& (== netcoreapp2.1) (< netstandard1.6)) (&& (== netcoreapp2.1) (< netstandard2.0)) (== netstandard1.6) (&& (== netstandard2.0) (< netstandard1.4)) (&& (== netstandard2.0) (< netstandard1.6))
      System.Resources.ResourceManager (>= 4.3) - restriction: || (&& (== net462) (< net46)) (&& (== net6.0) (< netstandard1.4)) (&& (== net6.0) (< netstandard1.6)) (&& (== net6.0) (< netstandard2.0)) (&& (== netcoreapp2.1) (< netstandard1.4)) (&& (== netcoreapp2.1) (< netstandard1.6)) (&& (== netcoreapp2.1) (< netstandard2.0)) (== netstandard1.6) (&& (== netstandard2.0) (< netstandard1.4)) (&& (== netstandard2.0) (< netstandard1.6))
      System.Runtime (>= 4.3) - restriction: || (&& (== net462) (< net46)) (&& (== net6.0) (< netstandard1.4)) (&& (== net6.0) (< netstandard1.6)) (&& (== net6.0) (< netstandard2.0)) (&& (== netcoreapp2.1) (< netstandard1.4)) (&& (== netcoreapp2.1) (< netstandard1.6)) (&& (== netcoreapp2.1) (< netstandard2.0)) (== netstandard1.6) (&& (== netstandard2.0) (< netstandard1.4)) (&& (== netstandard2.0) (< netstandard1.6))
      System.Runtime.Extensions (>= 4.3) - restriction: || (&& (== net462) (< net46)) (&& (== net6.0) (< netstandard1.6)) (&& (== net6.0) (< netstandard2.0)) (&& (== netcoreapp2.1) (< netstandard1.6)) (&& (== netcoreapp2.1) (< netstandard2.0)) (== netstandard1.6) (&& (== netstandard2.0) (< netstandard1.6))
      System.Runtime.Handles (>= 4.3) - restriction: || (&& (== net462) (< net46)) (&& (== net6.0) (< netstandard1.4)) (&& (== net6.0) (< netstandard1.6)) (&& (== net6.0) (< netstandard2.0)) (&& (== netcoreapp2.1) (< netstandard1.4)) (&& (== netcoreapp2.1) (< netstandard1.6)) (&& (== netcoreapp2.1) (< netstandard2.0)) (== netstandard1.6) (&& (== netstandard2.0) (< netstandard1.4)) (&& (== netstandard2.0) (< netstandard1.6))
      System.Runtime.InteropServices (>= 4.3) - restriction: || (&& (== net462) (< net46)) (&& (== net6.0) (< netstandard1.4)) (&& (== net6.0) (< netstandard1.6)) (&& (== net6.0) (< netstandard2.0)) (&& (== netcoreapp2.1) (< netstandard1.4)) (&& (== netcoreapp2.1) (< netstandard1.6)) (&& (== netcoreapp2.1) (< netstandard2.0)) (== netstandard1.6) (&& (== netstandard2.0) (< netstandard1.4)) (&& (== netstandard2.0) (< netstandard1.6))
      System.Security.Cryptography.Algorithms (>= 4.3.1) - restriction: || (== net462) (&& (== net6.0) (>= net47)) (&& (== net6.0) (< netstandard1.4)) (&& (== net6.0) (< netstandard1.6)) (&& (== net6.0) (< netstandard2.0)) (&& (== netcoreapp2.1) (>= net47)) (&& (== netcoreapp2.1) (< netstandard1.4)) (&& (== netcoreapp2.1) (< netstandard1.6)) (&& (== netcoreapp2.1) (< netstandard2.0)) (== netstandard1.6) (&& (== netstandard2.0) (>= net47)) (&& (== netstandard2.0) (< netstandard1.4)) (&& (== netstandard2.0) (< netstandard1.6))
      System.Security.Cryptography.Encoding (>= 4.3) - restriction: || (&& (== net462) (< net46)) (&& (== net6.0) (< netstandard1.6)) (&& (== net6.0) (< netstandard2.0)) (&& (== netcoreapp2.1) (< netstandard1.6)) (&& (== netcoreapp2.1) (< netstandard2.0)) (== netstandard1.6) (&& (== netstandard2.0) (< netstandard1.6))
      System.Security.Cryptography.Primitives (>= 4.3) - restriction: || (&& (== net462) (< net46)) (&& (== net462) (< netstandard1.4)) (&& (== net6.0) (< netstandard1.4)) (&& (== net6.0) (< netstandard1.6)) (&& (== net6.0) (< netstandard2.0)) (&& (== netcoreapp2.1) (< netstandard1.4)) (&& (== netcoreapp2.1) (< netstandard1.6)) (&& (== netcoreapp2.1) (< netstandard2.0)) (== netstandard1.6) (&& (== netstandard2.0) (< netstandard1.4)) (&& (== netstandard2.0) (< netstandard1.6))
      System.Text.Encoding (>= 4.3) - restriction: || (&& (== net462) (< net46)) (&& (== net6.0) (< netstandard1.6)) (&& (== net6.0) (< netstandard2.0)) (&& (== netcoreapp2.1) (< netstandard1.6)) (&& (== netcoreapp2.1) (< netstandard2.0)) (== netstandard1.6) (&& (== netstandard2.0) (< netstandard1.6))
    System.Security.Cryptography.Csp (4.3) - restriction: || (&& (== net462) (== net6.0)) (&& (== net462) (== netcoreapp2.1)) (&& (== net462) (== netstandard2.0)) (&& (== net462) (< net45) (>= netstandard1.6)) (&& (== net462) (< netstandard1.5) (>= netstandard1.6) (>= uap10.0)) (&& (== net6.0) (< netstandard1.4)) (&& (== net6.0) (< netstandard1.5)) (&& (== net6.0) (< netstandard1.6)) (&& (== net6.0) (< netstandard2.0)) (&& (== netcoreapp2.1) (< netstandard1.4)) (&& (== netcoreapp2.1) (< netstandard1.5)) (&& (== netcoreapp2.1) (< netstandard1.6)) (&& (== netcoreapp2.1) (< netstandard2.0)) (== netstandard1.6)
      Microsoft.NETCore.Platforms (>= 1.1) - restriction: || (&& (== net462) (< net46)) (== net6.0) (== netcoreapp2.1) (== netstandard1.6) (== netstandard2.0)
      System.IO (>= 4.3) - restriction: || (&& (== net462) (< net46)) (== net6.0) (== netcoreapp2.1) (== netstandard1.6) (== netstandard2.0)
      System.Reflection (>= 4.3) - restriction: || (&& (== net462) (< net46)) (== net6.0) (== netcoreapp2.1) (== netstandard1.6) (== netstandard2.0)
      System.Resources.ResourceManager (>= 4.3) - restriction: || (&& (== net462) (< net46)) (== net6.0) (== netcoreapp2.1) (== netstandard1.6) (== netstandard2.0)
      System.Runtime (>= 4.3) - restriction: || (&& (== net462) (< net46)) (== net6.0) (== netcoreapp2.1) (== netstandard1.6) (== netstandard2.0)
      System.Runtime.Extensions (>= 4.3) - restriction: || (&& (== net462) (< net46)) (== net6.0) (== netcoreapp2.1) (== netstandard1.6) (== netstandard2.0)
      System.Runtime.Handles (>= 4.3) - restriction: || (&& (== net462) (< net46)) (== net6.0) (== netcoreapp2.1) (== netstandard1.6) (== netstandard2.0)
      System.Runtime.InteropServices (>= 4.3) - restriction: || (&& (== net462) (< net46)) (== net6.0) (== netcoreapp2.1) (== netstandard1.6) (== netstandard2.0)
      System.Security.Cryptography.Algorithms (>= 4.3)
      System.Security.Cryptography.Encoding (>= 4.3) - restriction: || (&& (== net462) (< net46)) (== net6.0) (== netcoreapp2.1) (== netstandard1.6) (== netstandard2.0)
      System.Security.Cryptography.Primitives (>= 4.3)
      System.Text.Encoding (>= 4.3) - restriction: || (&& (== net462) (< net46)) (== net6.0) (== netcoreapp2.1) (== netstandard1.6) (== netstandard2.0)
      System.Threading (>= 4.3) - restriction: || (&& (== net462) (< net46)) (== net6.0) (== netcoreapp2.1) (== netstandard1.6) (== netstandard2.0)
    System.Security.Cryptography.Encoding (4.3) - restriction: || (&& (== net462) (== net6.0)) (&& (== net462) (== netcoreapp2.1)) (&& (== net462) (== netstandard2.0)) (&& (== net462) (< net45)) (&& (== net462) (< netstandard1.5) (>= uap10.0)) (&& (== net6.0) (< netstandard1.4)) (&& (== net6.0) (< netstandard1.5)) (&& (== net6.0) (< netstandard1.6)) (&& (== net6.0) (< netstandard2.0)) (&& (== netcoreapp2.1) (< netstandard1.4)) (&& (== netcoreapp2.1) (< netstandard1.5)) (&& (== netcoreapp2.1) (< netstandard1.6)) (&& (== netcoreapp2.1) (< netstandard2.0)) (== netstandard1.6)
      Microsoft.NETCore.Platforms (>= 1.1) - restriction: || (&& (== net462) (< net46)) (== net6.0) (== netcoreapp2.1) (== netstandard1.6) (== netstandard2.0)
      runtime.native.System.Security.Cryptography.OpenSsl (>= 4.3) - restriction: || (&& (== net462) (< net46)) (== net6.0) (== netcoreapp2.1) (== netstandard1.6) (== netstandard2.0)
      System.Collections (>= 4.3) - restriction: || (&& (== net462) (< net46)) (== net6.0) (== netcoreapp2.1) (== netstandard1.6) (== netstandard2.0)
      System.Collections.Concurrent (>= 4.3) - restriction: || (&& (== net462) (< net46)) (== net6.0) (== netcoreapp2.1) (== netstandard1.6) (== netstandard2.0)
      System.Linq (>= 4.3) - restriction: || (&& (== net462) (< net46)) (== net6.0) (== netcoreapp2.1) (== netstandard1.6) (== netstandard2.0)
      System.Resources.ResourceManager (>= 4.3) - restriction: || (&& (== net462) (< net46)) (== net6.0) (== netcoreapp2.1) (== netstandard1.6) (== netstandard2.0)
      System.Runtime (>= 4.3) - restriction: || (&& (== net462) (< net46)) (== net6.0) (== netcoreapp2.1) (== netstandard1.6) (== netstandard2.0)
      System.Runtime.Extensions (>= 4.3) - restriction: || (&& (== net462) (< net46)) (== net6.0) (== netcoreapp2.1) (== netstandard1.6) (== netstandard2.0)
      System.Runtime.Handles (>= 4.3) - restriction: || (&& (== net462) (< net46)) (== net6.0) (== netcoreapp2.1) (== netstandard1.6) (== netstandard2.0)
      System.Runtime.InteropServices (>= 4.3) - restriction: || (&& (== net462) (< net46)) (== net6.0) (== netcoreapp2.1) (== netstandard1.6) (== netstandard2.0)
      System.Security.Cryptography.Primitives (>= 4.3) - restriction: || (&& (== net462) (< net46)) (== net6.0) (== netcoreapp2.1) (== netstandard1.6) (== netstandard2.0)
      System.Text.Encoding (>= 4.3) - restriction: || (&& (== net462) (< net46)) (== net6.0) (== netcoreapp2.1) (== netstandard1.6) (== netstandard2.0)
    System.Security.Cryptography.OpenSsl (5.0) - restriction: || (&& (== net462) (== net6.0)) (&& (== net462) (== netcoreapp2.1)) (&& (== net462) (== netstandard2.0)) (&& (== net462) (< net45) (>= netstandard1.6)) (&& (== net462) (< netstandard1.5) (>= netstandard1.6) (>= uap10.0)) (&& (== net6.0) (< netstandard1.2)) (&& (== net6.0) (< netstandard1.3)) (&& (== net6.0) (< netstandard1.4)) (&& (== net6.0) (< netstandard1.5)) (&& (== net6.0) (< netstandard1.6)) (&& (== net6.0) (< netstandard2.0)) (&& (== netcoreapp2.1) (< netstandard1.2)) (&& (== netcoreapp2.1) (< netstandard1.3)) (&& (== netcoreapp2.1) (< netstandard1.4)) (&& (== netcoreapp2.1) (< netstandard1.5)) (&& (== netcoreapp2.1) (< netstandard1.6)) (&& (== netcoreapp2.1) (< netstandard2.0)) (== netstandard1.6)
      System.Collections (>= 4.3) - restriction: || (&& (== net462) (< net461) (>= netstandard1.6)) (&& (== net6.0) (< netstandard2.0)) (&& (== netcoreapp2.1) (< netstandard2.0)) (== netstandard1.6)
      System.IO (>= 4.3) - restriction: || (&& (== net462) (< net461) (>= netstandard1.6)) (&& (== net6.0) (< netstandard2.0)) (&& (== netcoreapp2.1) (< netstandard2.0)) (== netstandard1.6)
      System.Resources.ResourceManager (>= 4.3) - restriction: || (&& (== net462) (< net461) (>= netstandard1.6)) (&& (== net6.0) (< netstandard2.0)) (&& (== netcoreapp2.1) (< netstandard2.0)) (== netstandard1.6)
      System.Runtime (>= 4.3) - restriction: || (&& (== net462) (< net461) (>= netstandard1.6)) (&& (== net6.0) (< netstandard2.0)) (&& (== netcoreapp2.1) (< netstandard2.0)) (== netstandard1.6)
      System.Runtime.Extensions (>= 4.3) - restriction: || (&& (== net462) (< net461) (>= netstandard1.6)) (&& (== net6.0) (< netstandard2.0)) (&& (== netcoreapp2.1) (< netstandard2.0)) (== netstandard1.6)
      System.Runtime.Handles (>= 4.3) - restriction: || (&& (== net462) (< net461) (>= netstandard1.6)) (&& (== net6.0) (< netstandard2.0)) (&& (== netcoreapp2.1) (< netstandard2.0)) (== netstandard1.6)
      System.Runtime.InteropServices (>= 4.3) - restriction: || (&& (== net462) (< net461) (>= netstandard1.6)) (&& (== net6.0) (< netstandard2.0)) (&& (== netcoreapp2.1) (< netstandard2.0)) (== netstandard1.6)
      System.Runtime.Numerics (>= 4.3) - restriction: || (&& (== net462) (< net461) (>= netstandard1.6)) (&& (== net6.0) (< netstandard2.0)) (&& (== netcoreapp2.1) (< netstandard2.0)) (== netstandard1.6)
      System.Security.Cryptography.Algorithms (>= 4.3.1) - restriction: || (== net462) (&& (== net6.0) (>= net461)) (&& (== net6.0) (< netstandard2.0)) (&& (== netcoreapp2.1) (>= net461)) (&& (== netcoreapp2.1) (< netstandard2.0)) (== netstandard1.6) (&& (== netstandard2.0) (>= net461))
      System.Security.Cryptography.Encoding (>= 4.3) - restriction: || (&& (== net462) (< net461) (>= netstandard1.6)) (&& (== net6.0) (< netstandard2.0)) (&& (== netcoreapp2.1) (< netstandard2.0)) (== netstandard1.6)
      System.Security.Cryptography.Primitives (>= 4.3) - restriction: || (&& (== net462) (< net461) (>= netstandard1.6)) (&& (== net6.0) (< netstandard2.0)) (&& (== netcoreapp2.1) (< netstandard2.0)) (== netstandard1.6)
      System.Text.Encoding (>= 4.3) - restriction: || (&& (== net462) (< net461) (>= netstandard1.6)) (&& (== net6.0) (< netstandard2.0)) (&& (== netcoreapp2.1) (< netstandard2.0)) (== netstandard1.6)
    System.Security.Cryptography.Primitives (4.3) - restriction: || (&& (== net462) (== net6.0)) (&& (== net462) (== netcoreapp2.1)) (&& (== net462) (== netstandard2.0)) (&& (== net462) (< net45)) (&& (== net462) (< netstandard1.5) (>= uap10.0)) (&& (== net6.0) (< netstandard1.4)) (&& (== net6.0) (< netstandard1.5)) (&& (== net6.0) (< netstandard1.6)) (&& (== net6.0) (< netstandard2.0)) (&& (== netcoreapp2.1) (< netstandard1.4)) (&& (== netcoreapp2.1) (< netstandard1.5)) (&& (== netcoreapp2.1) (< netstandard1.6)) (&& (== netcoreapp2.1) (< netstandard2.0)) (== netstandard1.6)
      System.Diagnostics.Debug (>= 4.3) - restriction: || (&& (== net462) (< net46)) (== net6.0) (== netcoreapp2.1) (== netstandard1.6) (== netstandard2.0)
      System.Globalization (>= 4.3) - restriction: || (&& (== net462) (< net46)) (== net6.0) (== netcoreapp2.1) (== netstandard1.6) (== netstandard2.0)
      System.IO (>= 4.3) - restriction: || (&& (== net462) (< net46)) (== net6.0) (== netcoreapp2.1) (== netstandard1.6) (== netstandard2.0)
      System.Resources.ResourceManager (>= 4.3) - restriction: || (&& (== net462) (< net46)) (== net6.0) (== netcoreapp2.1) (== netstandard1.6) (== netstandard2.0)
      System.Runtime (>= 4.3) - restriction: || (&& (== net462) (< net46)) (== net6.0) (== netcoreapp2.1) (== netstandard1.6) (== netstandard2.0)
      System.Threading (>= 4.3) - restriction: || (&& (== net462) (< net46)) (== net6.0) (== netcoreapp2.1) (== netstandard1.6) (== netstandard2.0)
      System.Threading.Tasks (>= 4.3) - restriction: || (&& (== net462) (< net46)) (== net6.0) (== netcoreapp2.1) (== netstandard1.6) (== netstandard2.0)
    System.Security.Cryptography.X509Certificates (4.3.2) - restriction: || (&& (== net462) (== net6.0)) (&& (== net462) (== netcoreapp2.1)) (&& (== net462) (== netstandard2.0)) (&& (== net462) (< net45)) (&& (== net462) (< netstandard1.5) (>= uap10.0)) (&& (== net6.0) (< netstandard1.4)) (&& (== net6.0) (< netstandard1.5)) (&& (== net6.0) (< netstandard1.6)) (&& (== net6.0) (< netstandard2.0)) (&& (== netcoreapp2.1) (< netstandard1.4)) (&& (== netcoreapp2.1) (< netstandard1.5)) (&& (== netcoreapp2.1) (< netstandard1.6)) (&& (== netcoreapp2.1) (< netstandard2.0)) (== netstandard1.6)
      Microsoft.NETCore.Platforms (>= 1.1) - restriction: || (&& (== net462) (< net46) (>= netstandard1.6)) (== net6.0) (== netcoreapp2.1) (== netstandard1.6) (== netstandard2.0)
      runtime.native.System (>= 4.3) - restriction: || (&& (== net462) (< net46) (>= netstandard1.6)) (== net6.0) (== netcoreapp2.1) (== netstandard1.6) (== netstandard2.0)
      runtime.native.System.Net.Http (>= 4.3) - restriction: || (&& (== net462) (< net46) (>= netstandard1.6)) (== net6.0) (== netcoreapp2.1) (== netstandard1.6) (== netstandard2.0)
      runtime.native.System.Security.Cryptography.OpenSsl (>= 4.3.2) - restriction: || (&& (== net462) (< net46) (>= netstandard1.6)) (== net6.0) (== netcoreapp2.1) (== netstandard1.6) (== netstandard2.0)
      System.Collections (>= 4.3) - restriction: || (&& (== net462) (< net46) (>= netstandard1.6)) (== net6.0) (== netcoreapp2.1) (== netstandard1.6) (== netstandard2.0)
      System.Diagnostics.Debug (>= 4.3) - restriction: || (&& (== net462) (< net46) (>= netstandard1.6)) (== net6.0) (== netcoreapp2.1) (== netstandard1.6) (== netstandard2.0)
      System.Globalization (>= 4.3) - restriction: || (&& (== net462) (< net46) (>= netstandard1.6)) (== net6.0) (== netcoreapp2.1) (== netstandard1.6) (== netstandard2.0)
      System.Globalization.Calendars (>= 4.3) - restriction: || (&& (== net462) (< net46) (>= netstandard1.6)) (== net6.0) (== netcoreapp2.1) (== netstandard1.6) (== netstandard2.0)
      System.IO (>= 4.3) - restriction: || (&& (== net462) (< net46) (>= netstandard1.6)) (== net6.0) (== netcoreapp2.1) (== netstandard1.6) (== netstandard2.0)
      System.IO.FileSystem (>= 4.3) - restriction: || (&& (== net462) (< net46) (>= netstandard1.6)) (== net6.0) (== netcoreapp2.1) (== netstandard1.6) (== netstandard2.0)
      System.IO.FileSystem.Primitives (>= 4.3) - restriction: || (&& (== net462) (< net46) (>= netstandard1.6)) (== net6.0) (== netcoreapp2.1) (== netstandard1.6) (== netstandard2.0)
      System.Resources.ResourceManager (>= 4.3) - restriction: || (&& (== net462) (< net46) (>= netstandard1.6)) (== net6.0) (== netcoreapp2.1) (== netstandard1.6) (== netstandard2.0)
      System.Runtime (>= 4.3) - restriction: || (&& (== net462) (< net46)) (== net6.0) (== netcoreapp2.1) (== netstandard1.6) (== netstandard2.0)
      System.Runtime.Extensions (>= 4.3) - restriction: || (&& (== net462) (< net46) (>= netstandard1.6)) (== net6.0) (== netcoreapp2.1) (== netstandard1.6) (== netstandard2.0)
      System.Runtime.Handles (>= 4.3) - restriction: || (&& (== net462) (< net46)) (== net6.0) (== netcoreapp2.1) (== netstandard1.6) (== netstandard2.0)
      System.Runtime.InteropServices (>= 4.3) - restriction: || (&& (== net462) (< net46) (>= netstandard1.6)) (== net6.0) (== netcoreapp2.1) (== netstandard1.6) (== netstandard2.0)
      System.Runtime.Numerics (>= 4.3) - restriction: || (&& (== net462) (< net46) (>= netstandard1.6)) (== net6.0) (== netcoreapp2.1) (== netstandard1.6) (== netstandard2.0)
      System.Security.Cryptography.Algorithms (>= 4.3)
      System.Security.Cryptography.Cng (>= 4.3) - restriction: || (&& (== net462) (< net46) (>= netstandard1.6)) (== net6.0) (== netcoreapp2.1) (== netstandard1.6) (== netstandard2.0)
      System.Security.Cryptography.Csp (>= 4.3) - restriction: || (&& (== net462) (< net46) (>= netstandard1.6)) (== net6.0) (== netcoreapp2.1) (== netstandard1.6) (== netstandard2.0)
      System.Security.Cryptography.Encoding (>= 4.3)
      System.Security.Cryptography.OpenSsl (>= 4.3) - restriction: || (&& (== net462) (< net46) (>= netstandard1.6)) (== net6.0) (== netcoreapp2.1) (== netstandard1.6) (== netstandard2.0)
      System.Security.Cryptography.Primitives (>= 4.3) - restriction: || (&& (== net462) (< net46) (>= netstandard1.6)) (== net6.0) (== netcoreapp2.1) (== netstandard1.6) (== netstandard2.0)
      System.Text.Encoding (>= 4.3) - restriction: || (&& (== net462) (< net46) (>= netstandard1.6)) (== net6.0) (== netcoreapp2.1) (== netstandard1.6) (== netstandard2.0)
      System.Threading (>= 4.3) - restriction: || (&& (== net462) (< net46) (>= netstandard1.6)) (== net6.0) (== netcoreapp2.1) (== netstandard1.6) (== netstandard2.0)
    System.Security.Principal.Windows (5.0) - restriction: || (&& (== net462) (== net6.0)) (&& (== net462) (>= netcoreapp2.0)) (&& (== net462) (>= netcoreapp2.1)) (&& (== net462) (>= netstandard2.0)) (&& (== net462) (>= xamarinios)) (&& (== net462) (>= xamarinmac)) (&& (== net6.0) (== netstandard1.6)) (== netcoreapp2.1) (&& (== netstandard1.6) (>= netcoreapp2.0)) (&& (== netstandard1.6) (>= netcoreapp2.1)) (&& (== netstandard1.6) (>= netstandard2.0)) (&& (== netstandard1.6) (>= xamarinios)) (&& (== netstandard1.6) (>= xamarinmac)) (== netstandard2.0)
      Microsoft.NETCore.Platforms (>= 5.0) - restriction: || (&& (== net462) (>= netcoreapp2.0)) (&& (== net462) (>= netcoreapp2.1)) (&& (== net6.0) (< netcoreapp2.1)) (&& (== net6.0) (< netcoreapp3.0)) (== netcoreapp2.1) (&& (== netstandard1.6) (>= netcoreapp2.0)) (&& (== netstandard1.6) (>= netcoreapp2.1)) (&& (== netstandard2.0) (>= netcoreapp2.0)) (&& (== netstandard2.0) (>= netcoreapp2.1))
    System.Text.Encoding (4.3) - restriction: || (&& (== net462) (== net6.0)) (&& (== net462) (== netcoreapp2.1)) (&& (== net462) (== netstandard2.0)) (&& (== net462) (< net45)) (&& (== net462) (< netstandard1.5) (>= uap10.0)) (&& (== net462) (< portable-net45+win8+wpa81)) (&& (== net6.0) (< netstandard1.2)) (&& (== net6.0) (< netstandard1.3)) (&& (== net6.0) (< netstandard1.4)) (&& (== net6.0) (< netstandard1.5)) (&& (== net6.0) (< netstandard1.6)) (&& (== net6.0) (< netstandard2.0)) (&& (== net6.0) (< portable-net45+win8+wpa81)) (&& (== netcoreapp2.1) (< netstandard1.2)) (&& (== netcoreapp2.1) (< netstandard1.3)) (&& (== netcoreapp2.1) (< netstandard1.4)) (&& (== netcoreapp2.1) (< netstandard1.5)) (&& (== netcoreapp2.1) (< netstandard1.6)) (&& (== netcoreapp2.1) (< netstandard2.0)) (&& (== netcoreapp2.1) (< portable-net45+win8+wpa81)) (== netstandard1.6)
      Microsoft.NETCore.Platforms (>= 1.1) - restriction: || (&& (== net462) (< net45)) (== net6.0) (== netcoreapp2.1) (== netstandard1.6) (== netstandard2.0)
      Microsoft.NETCore.Targets (>= 1.1) - restriction: || (&& (== net462) (< net45)) (== net6.0) (== netcoreapp2.1) (== netstandard1.6) (== netstandard2.0)
      System.Runtime (>= 4.3) - restriction: || (&& (== net462) (< net45)) (== net6.0) (== netcoreapp2.1) (== netstandard1.6) (== netstandard2.0)
    System.Text.Encoding.CodePages (6.0) - restriction: || (&& (== net462) (>= netstandard2.0)) (== net6.0) (== netcoreapp2.1) (&& (== netstandard1.6) (>= netstandard2.0)) (== netstandard2.0)
      System.Memory (>= 4.5.4) - restriction: || (== net462) (&& (== net6.0) (>= net461)) (&& (== net6.0) (< netcoreapp3.1)) (== netcoreapp2.1) (&& (== netstandard1.6) (>= net461)) (&& (== netstandard1.6) (>= netstandard2.0)) (== netstandard2.0)
      System.Runtime.CompilerServices.Unsafe (>= 6.0) - restriction: || (== net462) (== net6.0) (== netcoreapp2.1) (&& (== netstandard1.6) (>= net461)) (&& (== netstandard1.6) (>= netstandard2.0)) (== netstandard2.0)
    System.Text.Encoding.Extensions (4.3) - restriction: || (&& (== net462) (== net6.0)) (&& (== net462) (== netcoreapp2.1)) (&& (== net462) (== netstandard2.0)) (&& (== net462) (< net45)) (&& (== net462) (< netstandard1.5) (>= uap10.0)) (&& (== net462) (< portable-net45+win8+wpa81)) (&& (== net6.0) (< netstandard1.2)) (&& (== net6.0) (< netstandard1.3)) (&& (== net6.0) (< netstandard1.4)) (&& (== net6.0) (< netstandard1.5)) (&& (== net6.0) (< netstandard1.6)) (&& (== net6.0) (< netstandard2.0)) (&& (== net6.0) (< portable-net45+win8+wpa81)) (&& (== netcoreapp2.1) (< netstandard1.2)) (&& (== netcoreapp2.1) (< netstandard1.3)) (&& (== netcoreapp2.1) (< netstandard1.4)) (&& (== netcoreapp2.1) (< netstandard1.5)) (&& (== netcoreapp2.1) (< netstandard1.6)) (&& (== netcoreapp2.1) (< netstandard2.0)) (&& (== netcoreapp2.1) (< portable-net45+win8+wpa81)) (== netstandard1.6)
      Microsoft.NETCore.Platforms (>= 1.1) - restriction: || (&& (== net462) (< net45)) (== net6.0) (== netcoreapp2.1) (== netstandard1.6) (== netstandard2.0)
      Microsoft.NETCore.Targets (>= 1.1) - restriction: || (&& (== net462) (< net45)) (== net6.0) (== netcoreapp2.1) (== netstandard1.6) (== netstandard2.0)
      System.Runtime (>= 4.3) - restriction: || (&& (== net462) (< net45)) (== net6.0) (== netcoreapp2.1) (== netstandard1.6) (== netstandard2.0)
      System.Text.Encoding (>= 4.3) - restriction: || (&& (== net462) (< net45)) (== net6.0) (== netcoreapp2.1) (== netstandard1.6) (== netstandard2.0)
    System.Text.RegularExpressions (4.3.1) - restriction: || (&& (== net462) (== net6.0)) (&& (== net462) (== netcoreapp2.1)) (&& (== net462) (== netstandard2.0)) (&& (== net462) (< net45)) (&& (== net462) (< netstandard1.5) (>= uap10.0)) (&& (== net462) (< portable-net45+win8+wpa81)) (&& (== net6.0) (< netstandard1.2)) (&& (== net6.0) (< netstandard1.3)) (&& (== net6.0) (< netstandard1.4)) (&& (== net6.0) (< netstandard1.5)) (&& (== net6.0) (< netstandard1.6)) (&& (== net6.0) (< netstandard2.0)) (&& (== net6.0) (< portable-net45+win8+wpa81)) (&& (== netcoreapp2.1) (< netstandard1.2)) (&& (== netcoreapp2.1) (< netstandard1.3)) (&& (== netcoreapp2.1) (< netstandard1.4)) (&& (== netcoreapp2.1) (< netstandard1.5)) (&& (== netcoreapp2.1) (< netstandard1.6)) (&& (== netcoreapp2.1) (< netstandard2.0)) (&& (== netcoreapp2.1) (< portable-net45+win8+wpa81)) (== netstandard1.6)
      System.Collections (>= 4.3) - restriction: || (&& (== net462) (< net45) (>= netstandard1.6)) (&& (== net6.0) (< netcoreapp1.1)) (&& (== netcoreapp2.1) (< netcoreapp1.1)) (== netstandard1.6) (== netstandard2.0)
      System.Globalization (>= 4.3) - restriction: || (&& (== net462) (< net45) (>= netstandard1.6)) (&& (== net6.0) (< netcoreapp1.1)) (&& (== netcoreapp2.1) (< netcoreapp1.1)) (== netstandard1.6) (== netstandard2.0)
      System.Resources.ResourceManager (>= 4.3) - restriction: || (&& (== net462) (< net45) (>= netstandard1.6)) (&& (== net6.0) (< netcoreapp1.1)) (&& (== netcoreapp2.1) (< netcoreapp1.1)) (== netstandard1.6) (== netstandard2.0)
      System.Runtime (>= 4.3.1) - restriction: || (&& (== net462) (< net45)) (&& (== net462) (>= netcoreapp1.1)) (== net6.0) (== netcoreapp2.1) (== netstandard1.6) (== netstandard2.0)
      System.Runtime.Extensions (>= 4.3.1) - restriction: || (&& (== net462) (< net45) (>= netstandard1.6)) (&& (== net6.0) (< netcoreapp1.1)) (&& (== netcoreapp2.1) (< netcoreapp1.1)) (== netstandard1.6) (== netstandard2.0)
      System.Threading (>= 4.3) - restriction: || (&& (== net462) (< net45) (>= netstandard1.6)) (&& (== net6.0) (< netcoreapp1.1)) (&& (== netcoreapp2.1) (< netcoreapp1.1)) (== netstandard1.6) (== netstandard2.0)
    System.Threading (4.3) - restriction: || (&& (== net462) (== net6.0)) (&& (== net462) (== netcoreapp2.1)) (&& (== net462) (== netstandard2.0)) (&& (== net462) (< net45)) (&& (== net462) (< netstandard1.5) (>= uap10.0)) (&& (== net462) (< portable-net45+win8+wpa81)) (&& (== net6.0) (< netstandard1.2)) (&& (== net6.0) (< netstandard1.3)) (&& (== net6.0) (< netstandard1.4)) (&& (== net6.0) (< netstandard1.5)) (&& (== net6.0) (< netstandard1.6)) (&& (== net6.0) (< netstandard2.0)) (&& (== net6.0) (< portable-net45+win8+wpa81)) (&& (== netcoreapp2.1) (< netstandard1.2)) (&& (== netcoreapp2.1) (< netstandard1.3)) (&& (== netcoreapp2.1) (< netstandard1.4)) (&& (== netcoreapp2.1) (< netstandard1.5)) (&& (== netcoreapp2.1) (< netstandard1.6)) (&& (== netcoreapp2.1) (< netstandard2.0)) (&& (== netcoreapp2.1) (< portable-net45+win8+wpa81)) (== netstandard1.6)
      System.Runtime (>= 4.3) - restriction: || (&& (== net462) (< net45)) (== net6.0) (== netcoreapp2.1) (== netstandard1.6) (== netstandard2.0)
      System.Threading.Tasks (>= 4.3) - restriction: || (&& (== net462) (< net45)) (== net6.0) (== netcoreapp2.1) (== netstandard1.6) (== netstandard2.0)
    System.Threading.Tasks (4.3) - restriction: || (&& (== net462) (== net6.0)) (&& (== net462) (== netcoreapp2.1)) (&& (== net462) (== netstandard2.0)) (&& (== net462) (< net45)) (&& (== net462) (< netstandard1.5) (>= uap10.0)) (&& (== net462) (< portable-net45+win8+wpa81)) (&& (== net6.0) (< netstandard1.2)) (&& (== net6.0) (< netstandard1.3)) (&& (== net6.0) (< netstandard1.4)) (&& (== net6.0) (< netstandard1.5)) (&& (== net6.0) (< netstandard1.6)) (&& (== net6.0) (< netstandard2.0)) (&& (== net6.0) (< portable-net45+win8+wpa81)) (&& (== netcoreapp2.1) (< netstandard1.2)) (&& (== netcoreapp2.1) (< netstandard1.3)) (&& (== netcoreapp2.1) (< netstandard1.4)) (&& (== netcoreapp2.1) (< netstandard1.5)) (&& (== netcoreapp2.1) (< netstandard1.6)) (&& (== netcoreapp2.1) (< netstandard2.0)) (&& (== netcoreapp2.1) (< portable-net45+win8+wpa81)) (== netstandard1.6)
      Microsoft.NETCore.Platforms (>= 1.1) - restriction: || (&& (== net462) (< net45)) (== net6.0) (== netcoreapp2.1) (== netstandard1.6) (== netstandard2.0)
      Microsoft.NETCore.Targets (>= 1.1) - restriction: || (&& (== net462) (< net45)) (== net6.0) (== netcoreapp2.1) (== netstandard1.6) (== netstandard2.0)
      System.Runtime (>= 4.3) - restriction: || (&& (== net462) (< net45)) (== net6.0) (== netcoreapp2.1) (== netstandard1.6) (== netstandard2.0)
    System.Threading.Tasks.Extensions (4.5.4)
      System.Runtime.CompilerServices.Unsafe (>= 4.5.3) - restriction: || (== net462) (&& (== net6.0) (>= net461)) (&& (== net6.0) (< netcoreapp2.1)) (&& (== net6.0) (< netstandard1.0)) (&& (== net6.0) (< netstandard2.0)) (&& (== net6.0) (>= wp8)) (&& (== netcoreapp2.1) (>= net461)) (&& (== netcoreapp2.1) (< netstandard1.0)) (&& (== netcoreapp2.1) (< netstandard2.0)) (&& (== netcoreapp2.1) (>= wp8)) (== netstandard1.6) (== netstandard2.0)
    System.Threading.Timer (4.3) - restriction: || (&& (== net462) (== net6.0)) (&& (== net462) (== netcoreapp2.1)) (&& (== net462) (== netstandard2.0)) (&& (== net462) (< net45)) (&& (== net462) (< netstandard1.5) (>= uap10.0)) (&& (== net6.0) (< netstandard1.3)) (&& (== net6.0) (< netstandard1.4)) (&& (== net6.0) (< netstandard1.5)) (&& (== net6.0) (< netstandard1.6)) (&& (== net6.0) (< netstandard2.0)) (&& (== netcoreapp2.1) (< netstandard1.3)) (&& (== netcoreapp2.1) (< netstandard1.4)) (&& (== netcoreapp2.1) (< netstandard1.5)) (&& (== netcoreapp2.1) (< netstandard1.6)) (&& (== netcoreapp2.1) (< netstandard2.0)) (== netstandard1.6)
      Microsoft.NETCore.Platforms (>= 1.1) - restriction: || (&& (== net462) (< net451)) (== net6.0) (== netcoreapp2.1) (== netstandard1.6) (== netstandard2.0)
      Microsoft.NETCore.Targets (>= 1.1) - restriction: || (&& (== net462) (< net451)) (== net6.0) (== netcoreapp2.1) (== netstandard1.6) (== netstandard2.0)
      System.Runtime (>= 4.3) - restriction: || (&& (== net462) (< net451)) (== net6.0) (== netcoreapp2.1) (== netstandard1.6) (== netstandard2.0)
    System.ValueTuple (4.5)
      NETStandard.Library (>= 1.6.1) - restriction: || (&& (== net462) (< net45)) (&& (== net6.0) (< netstandard2.0)) (&& (== netcoreapp2.1) (< netstandard2.0)) (== netstandard1.6)
    System.Xml.ReaderWriter (4.3.1) - restriction: || (&& (== net462) (== net6.0)) (&& (== net462) (== netcoreapp2.1)) (&& (== net462) (== netstandard2.0)) (&& (== net462) (< net45)) (&& (== net462) (< netstandard1.5) (>= uap10.0)) (&& (== net462) (< portable-net45+win8+wpa81)) (&& (== net6.0) (< netstandard1.2)) (&& (== net6.0) (< netstandard1.3)) (&& (== net6.0) (< netstandard1.4)) (&& (== net6.0) (< netstandard1.5)) (&& (== net6.0) (< netstandard1.6)) (&& (== net6.0) (< netstandard2.0)) (&& (== net6.0) (< portable-net45+win8+wpa81)) (&& (== netcoreapp2.1) (< netstandard1.2)) (&& (== netcoreapp2.1) (< netstandard1.3)) (&& (== netcoreapp2.1) (< netstandard1.4)) (&& (== netcoreapp2.1) (< netstandard1.5)) (&& (== netcoreapp2.1) (< netstandard1.6)) (&& (== netcoreapp2.1) (< netstandard2.0)) (&& (== netcoreapp2.1) (< portable-net45+win8+wpa81)) (== netstandard1.6)
      System.Collections (>= 4.3) - restriction: || (&& (== net462) (< net45)) (== net6.0) (== netcoreapp2.1) (== netstandard1.6) (== netstandard2.0)
      System.Diagnostics.Debug (>= 4.3) - restriction: || (&& (== net462) (< net45)) (== net6.0) (== netcoreapp2.1) (== netstandard1.6) (== netstandard2.0)
      System.Globalization (>= 4.3) - restriction: || (&& (== net462) (< net45)) (== net6.0) (== netcoreapp2.1) (== netstandard1.6) (== netstandard2.0)
      System.IO (>= 4.3) - restriction: || (&& (== net462) (< net45)) (== net6.0) (== netcoreapp2.1) (== netstandard1.6) (== netstandard2.0)
      System.IO.FileSystem (>= 4.3) - restriction: || (&& (== net462) (< net45)) (== net6.0) (== netcoreapp2.1) (== netstandard1.6) (== netstandard2.0)
      System.IO.FileSystem.Primitives (>= 4.3) - restriction: || (&& (== net462) (< net45)) (== net6.0) (== netcoreapp2.1) (== netstandard1.6) (== netstandard2.0)
      System.Resources.ResourceManager (>= 4.3) - restriction: || (&& (== net462) (< net45)) (== net6.0) (== netcoreapp2.1) (== netstandard1.6) (== netstandard2.0)
      System.Runtime (>= 4.3) - restriction: || (&& (== net462) (< net45)) (== net6.0) (== netcoreapp2.1) (== netstandard1.6) (== netstandard2.0)
      System.Runtime.Extensions (>= 4.3) - restriction: || (&& (== net462) (< net45)) (== net6.0) (== netcoreapp2.1) (== netstandard1.6) (== netstandard2.0)
      System.Runtime.InteropServices (>= 4.3) - restriction: || (&& (== net462) (< net45)) (== net6.0) (== netcoreapp2.1) (== netstandard1.6) (== netstandard2.0)
      System.Text.Encoding (>= 4.3) - restriction: || (&& (== net462) (< net45)) (== net6.0) (== netcoreapp2.1) (== netstandard1.6) (== netstandard2.0)
      System.Text.Encoding.Extensions (>= 4.3) - restriction: || (&& (== net462) (< net45)) (== net6.0) (== netcoreapp2.1) (== netstandard1.6) (== netstandard2.0)
      System.Text.RegularExpressions (>= 4.3) - restriction: || (&& (== net462) (< net45)) (== net6.0) (== netcoreapp2.1) (== netstandard1.6) (== netstandard2.0)
      System.Threading.Tasks (>= 4.3) - restriction: || (&& (== net462) (< net45)) (== net6.0) (== netcoreapp2.1) (== netstandard1.6) (== netstandard2.0)
      System.Threading.Tasks.Extensions (>= 4.3) - restriction: || (&& (== net462) (< net45)) (== net6.0) (== netcoreapp2.1) (== netstandard1.6) (== netstandard2.0)
    System.Xml.XDocument (4.3) - restriction: || (&& (== net462) (== net6.0)) (&& (== net462) (== netcoreapp2.1)) (&& (== net462) (== netstandard2.0)) (&& (== net462) (< net45)) (&& (== net462) (< netstandard1.5) (>= uap10.0)) (&& (== net462) (< portable-net45+win8+wpa81)) (&& (== net6.0) (< netstandard1.2)) (&& (== net6.0) (< netstandard1.3)) (&& (== net6.0) (< netstandard1.4)) (&& (== net6.0) (< netstandard1.5)) (&& (== net6.0) (< netstandard1.6)) (&& (== net6.0) (< netstandard2.0)) (&& (== net6.0) (< portable-net45+win8+wpa81)) (&& (== netcoreapp2.1) (< netstandard1.2)) (&& (== netcoreapp2.1) (< netstandard1.3)) (&& (== netcoreapp2.1) (< netstandard1.4)) (&& (== netcoreapp2.1) (< netstandard1.5)) (&& (== netcoreapp2.1) (< netstandard1.6)) (&& (== netcoreapp2.1) (< netstandard2.0)) (&& (== netcoreapp2.1) (< portable-net45+win8+wpa81)) (== netstandard1.6)
      System.Collections (>= 4.3) - restriction: || (&& (== net462) (< net45)) (== net6.0) (== netcoreapp2.1) (== netstandard1.6) (== netstandard2.0)
      System.Diagnostics.Debug (>= 4.3) - restriction: || (&& (== net462) (< net45)) (== net6.0) (== netcoreapp2.1) (== netstandard1.6) (== netstandard2.0)
      System.Diagnostics.Tools (>= 4.3) - restriction: || (&& (== net462) (< net45)) (== net6.0) (== netcoreapp2.1) (== netstandard1.6) (== netstandard2.0)
      System.Globalization (>= 4.3) - restriction: || (&& (== net462) (< net45)) (== net6.0) (== netcoreapp2.1) (== netstandard1.6) (== netstandard2.0)
      System.IO (>= 4.3) - restriction: || (&& (== net462) (< net45)) (== net6.0) (== netcoreapp2.1) (== netstandard1.6) (== netstandard2.0)
      System.Reflection (>= 4.3) - restriction: || (&& (== net462) (< net45)) (== net6.0) (== netcoreapp2.1) (== netstandard1.6) (== netstandard2.0)
      System.Resources.ResourceManager (>= 4.3) - restriction: || (&& (== net462) (< net45)) (== net6.0) (== netcoreapp2.1) (== netstandard1.6) (== netstandard2.0)
      System.Runtime (>= 4.3) - restriction: || (&& (== net462) (< net45)) (== net6.0) (== netcoreapp2.1) (== netstandard1.6) (== netstandard2.0)
      System.Runtime.Extensions (>= 4.3) - restriction: || (&& (== net462) (< net45)) (== net6.0) (== netcoreapp2.1) (== netstandard1.6) (== netstandard2.0)
      System.Text.Encoding (>= 4.3) - restriction: || (&& (== net462) (< net45)) (== net6.0) (== netcoreapp2.1) (== netstandard1.6) (== netstandard2.0)
      System.Threading (>= 4.3) - restriction: || (&& (== net462) (< net45)) (== net6.0) (== netcoreapp2.1) (== netstandard1.6) (== netstandard2.0)
      System.Xml.ReaderWriter (>= 4.3) - restriction: || (&& (== net462) (< net45)) (== net6.0) (== netcoreapp2.1) (== netstandard1.6) (== netstandard2.0)
    xunit (2.4.2)
      xunit.analyzers (>= 1.0)
      xunit.assert (>= 2.4.2)
      xunit.core (2.4.2)
    xunit.abstractions (2.0.3)
      NETStandard.Library (>= 1.6) - restriction: || (&& (== net462) (< net35)) (&& (== net6.0) (< netstandard2.0)) (&& (== netcoreapp2.1) (< netstandard2.0)) (== netstandard1.6)
    xunit.analyzers (1.0)
    xunit.assert (2.4.2)
      NETStandard.Library (>= 1.6.1) - restriction: || (&& (== net462) (< net452)) (== net6.0) (== netcoreapp2.1) (== netstandard1.6) (== netstandard2.0)
    xunit.core (2.4.2)
      xunit.extensibility.core (2.4.2)
      xunit.extensibility.execution (2.4.2)
    xunit.extensibility.core (2.4.2)
      NETStandard.Library (>= 1.6.1) - restriction: || (&& (== net462) (< net452)) (== net6.0) (== netcoreapp2.1) (== netstandard1.6) (== netstandard2.0)
      xunit.abstractions (>= 2.0.3)
    xunit.extensibility.execution (2.4.2)
      NETStandard.Library (>= 1.6.1) - restriction: || (&& (== net462) (< net452)) (== net6.0) (== netcoreapp2.1) (== netstandard1.6) (== netstandard2.0)
      xunit.extensibility.core (2.4.2)
    xunit.runner.visualstudio (2.4.5)
